{
  "aor": 0.0020812903225806453,
  "aqi": 0.007272197354838709,
  "bids_meta": {
    "AcquisitionDateTime": "2017-03-07T11:18:38.484375",
    "ConversionSoftware": "dcm2niix",
    "ConversionSoftwareVersion": "v1.0.20170207",
    "EchoTime": 0.03,
    "EffectiveEchoSpacing": 0.000265001,
    "FlipAngle": 80,
    "ImageType": [
      "ORIGINAL",
      "PRIMARY",
      "M",
      "ND",
      "NORM",
      "MOSAIC"
    ],
    "MagneticFieldStrength": 3,
    "Manufacturer": "Siemens",
    "ManufacturersModelName": "TrioTim",
    "PhaseEncodingDirection": "j-",
    "ProcedureStepDescription": "CIC-Physics_func_battery_Jess",
    "ProtocolName": "Func_battery_Letters_TR=2s_Standard_EPI",
    "RepetitionTime": 2,
    "TaskName": "Working Memory Variant",
    "dataset": "ds001344",
    "modality": "bold",
    "session_id": "scan1",
    "subject_id": "004",
    "task_id": "workingmemory"
  },
  "dummy_trs": 0,
  "dvars_nstd": 26.05292311564933,
  "dvars_std": 1.1082700944155852,
  "dvars_vstd": 1.019543351883117,
  "efc": 0.5758790931426242,
  "fber": 1986.45068359375,
  "fd_mean": 0.14002094287003122,
  "fd_num": 26,
  "fd_perc": 16.774193548387096,
  "fwhm_avg": 1.63472,
  "fwhm_x": 1.5339033333333332,
  "fwhm_y": 1.7276166666666668,
  "fwhm_z": 1.64264,
  "gcor": 0.0198606,
  "gsr_x": 0.014572164043784142,
  "gsr_y": 0.017060471698641777,
  "provenance": {
    "md5sum": "24c4b05660bab26b445bc9385b527ffe",
    "settings": {
      "fd_thres": 0.2,
      "testing": false
    },
    "software": "mriqc",
    "version": "22.0.1",
    "webapi_port": null,
    "webapi_url": "https://mriqc.nimh.nih.gov/api/v1"
  },
  "size_t": 155,
  "size_x": 64,
  "size_y": 64,
  "size_z": 36,
  "snr": 6.1042448552092345,
  "spacing_tr": 2.0,
  "spacing_x": 3.0,
  "spacing_y": 3.0,
  "spacing_z": 3.0,
  "summary_bg_k": 23.41557842659073,
  "summary_bg_mad": 7.537357549823777,
  "summary_bg_mean": 28.18416404724121,
  "summary_bg_median": 12.483870506286621,
  "summary_bg_n": 77339.0,
  "summary_bg_p05": 5.529032230377197,
  "summary_bg_p95": 100.24838867187472,
  "summary_bg_stdv": 49.71698760986328,
  "summary_fg_k": 1.9319513900231504,
  "summary_fg_mad": 83.32705879366378,
  "summary_fg_mean": 577.9834594726562,
  "summary_fg_median": 568.470947265625,
  "summary_fg_n": 36932.0,
  "summary_fg_p05": 452.65354614257814,
  "summary_fg_p95": 738.2432098388671,
  "summary_fg_stdv": 93.12589263916016,
  "tsnr": 58.31204200652428
}