{
  "bids_meta": {
    "AcquisitionDateTime": "2017-03-15T16:06:5.437500",
    "ConversionSoftware": "dcm2niix",
    "ConversionSoftwareVersion": "v1.0.20170207",
    "EchoTime": 0.00298,
    "FlipAngle": 9,
    "ImageType": [
      "ORIGINAL",
      "PRIMARY",
      "M",
      "NORM",
      "DIS2D"
    ],
    "MagneticFieldStrength": 3,
    "Manufacturer": "Siemens",
    "ManufacturersModelName": "TrioTim",
    "PhaseEncodingDirection": "i-",
    "ProcedureStepDescription": "CIC-Physics_func_battery_Jess",
    "ProtocolName": "MPRAGE_ADNI_P2",
    "RepetitionTime": 2.3,
    "dataset": "ds001344",
    "modality": "T1w",
    "session_id": "scan1",
    "subject_id": "011"
  },
  "cjv": 0.35614383380958753,
  "cnr": 3.7679295675120996,
  "efc": 0.5304630434216278,
  "fber": 14300.173611111111,
  "fwhm_avg": 3.483143751219263,
  "fwhm_x": 3.505481253657789,
  "fwhm_y": 3.64004,
  "fwhm_z": 3.30391,
  "icvs_csf": 0.19904927055291383,
  "icvs_gm": 0.4634369295257349,
  "icvs_wm": 0.3375137999213513,
  "inu_med": 0.6096497774124146,
  "inu_range": 0.27158103883266443,
  "provenance": {
    "md5sum": "97b08a0c64724f5d1403167d69a15d1c",
    "settings": {
      "testing": false
    },
    "software": "mriqc",
    "version": "22.0.1",
    "warnings": {
      "large_rot_frame": true,
      "small_air_mask": false
    },
    "webapi_port": null,
    "webapi_url": "https://mriqc.nimh.nih.gov/api/v1"
  },
  "qi_1": 0.0,
  "qi_2": 0.029781441554232433,
  "rpve_csf": 20.629552302646207,
  "rpve_gm": 9.769676970222982,
  "rpve_wm": 15.289572748159316,
  "size_x": 160,
  "size_y": 240,
  "size_z": 256,
  "snr_csf": 2.0871049773953567,
  "snr_gm": 9.52492756649646,
  "snr_total": 10.413154196740438,
  "snr_wm": 19.627430046329497,
  "snrd_csf": 26.346623803395836,
  "snrd_gm": 73.31670432800074,
  "snrd_total": 69.61639145569784,
  "snrd_wm": 109.18584623569694,
  "spacing_x": 0.9999996423721313,
  "spacing_y": 1.0,
  "spacing_z": 1.0,
  "summary_bg_k": 8.909998282794144,
  "summary_bg_mad": 0.0,
  "summary_bg_mean": 4.126506967587037,
  "summary_bg_median": 0.0,
  "summary_bg_n": 3127081.0,
  "summary_bg_p05": 0.0,
  "summary_bg_p95": 15.035036645829678,
  "summary_bg_stdv": 6.0003994885392995,
  "summary_csf_k": 1.8337846603679209,
  "summary_csf_mad": 102.57884762031333,
  "summary_csf_mean": 253.82186264580992,
  "summary_csf_median": 241.308936573565,
  "summary_csf_n": 24006.0,
  "summary_csf_p05": 83.82373089250177,
  "summary_csf_p95": 465.7970007006079,
  "summary_csf_stdv": 115.61656606720085,
  "summary_gm_k": 0.08806575203596001,
  "summary_gm_mad": 68.2850342565901,
  "summary_gm_mean": 671.7514681177382,
  "summary_gm_median": 671.5082769803703,
  "summary_gm_n": 33730.0,
  "summary_gm_p05": 553.9985804988071,
  "summary_gm_p95": 789.3581326620653,
  "summary_gm_stdv": 70.49904768819673,
  "summary_wm_k": 0.44773650907474494,
  "summary_wm_mad": 48.71738780787742,
  "summary_wm_mean": 999.5641451775963,
  "summary_wm_median": 1000.0340324677527,
  "summary_wm_n": 191964.0,
  "summary_wm_p05": 915.6065189950168,
  "summary_wm_p95": 1082.182479299605,
  "summary_wm_stdv": 50.950706504119864,
  "tpm_overlap_csf": 0.15896059407814556,
  "tpm_overlap_gm": 0.46947342566456024,
  "tpm_overlap_wm": 0.5036711801312886,
  "wm2max": 0.5502174640059937
}