{
  "aor": 0.005430714285714286,
  "aqi": 0.008461841168831169,
  "bids_meta": {
    "AcquisitionDateTime": "2017-04-03T13:44:40.390625",
    "ConversionSoftware": "dcm2niix",
    "ConversionSoftwareVersion": "v1.0.20170207",
    "EchoTime": 0.03,
    "EffectiveEchoSpacing": 0.000265001,
    "FlipAngle": 80,
    "ImageType": [
      "ORIGINAL",
      "PRIMARY",
      "M",
      "ND",
      "NORM",
      "MOSAIC"
    ],
    "MagneticFieldStrength": 3,
    "Manufacturer": "Siemens",
    "ManufacturersModelName": "TrioTim",
    "PhaseEncodingDirection": "j-",
    "ProcedureStepDescription": "CIC-Physics_func_battery_Jess",
    "ProtocolName": "Func_battery_Attention_TR=2s_Standard_E",
    "RepetitionTime": 2,
    "TaskName": "Eye Movemement Variant",
    "dataset": "ds001344",
    "modality": "bold",
    "session_id": "scan2",
    "subject_id": "008",
    "task_id": "eyemovement"
  },
  "dummy_trs": 1,
  "dvars_nstd": 28.197759366405222,
  "dvars_std": 1.2668291666666665,
  "dvars_vstd": 1.0439373096078435,
  "efc": 0.5816363669073272,
  "fber": 1753.3138427734375,
  "fd_mean": 0.08449314525900065,
  "fd_num": 7,
  "fd_perc": 4.545454545454546,
  "fwhm_avg": 1.5819688888888888,
  "fwhm_x": 1.4809299999999999,
  "fwhm_y": 1.70997,
  "fwhm_z": 1.5550066666666666,
  "gcor": 0.0491193,
  "gsr_x": 0.014163033105432987,
  "gsr_y": 0.01056631002575159,
  "provenance": {
    "md5sum": "99560d3373bb84a2415a2f8eaa852d93",
    "settings": {
      "fd_thres": 0.2,
      "testing": false
    },
    "software": "mriqc",
    "version": "22.0.1",
    "webapi_port": null,
    "webapi_url": "https://mriqc.nimh.nih.gov/api/v1"
  },
  "size_t": 154,
  "size_x": 64,
  "size_y": 64,
  "size_z": 36,
  "snr": 6.783372540204581,
  "spacing_tr": 2.0,
  "spacing_x": 3.0,
  "spacing_y": 3.0,
  "spacing_z": 3.0,
  "summary_bg_k": 14.41186668435681,
  "summary_bg_mad": 8.510521687988033,
  "summary_bg_mean": 33.27202606201172,
  "summary_bg_median": 13.175324440002441,
  "summary_bg_n": 78004.0,
  "summary_bg_p05": 5.850649356842041,
  "summary_bg_p95": 138.74999618530217,
  "summary_bg_stdv": 53.34387969970703,
  "summary_fg_k": 2.928421614230281,
  "summary_fg_mad": 75.89196793176838,
  "summary_fg_mean": 573.4810791015625,
  "summary_fg_median": 566.9869995117188,
  "summary_fg_n": 35331.0,
  "summary_fg_p05": 462.31817626953125,
  "summary_fg_p95": 710.6590881347656,
  "summary_fg_stdv": 83.5836410522461,
  "tsnr": 59.504376207478344
}