{
  "aor": 0.0013655483870967742,
  "aqi": 0.00804858193548387,
  "bids_meta": {
    "AcquisitionDateTime": "2017-03-09T12:45:14.468750",
    "ConversionSoftware": "dcm2niix",
    "ConversionSoftwareVersion": "v1.0.20170207",
    "EchoTime": 0.03,
    "EffectiveEchoSpacing": 0.000265001,
    "FlipAngle": 80,
    "ImageType": [
      "ORIGINAL",
      "PRIMARY",
      "M",
      "ND",
      "NORM",
      "MOSAIC"
    ],
    "MagneticFieldStrength": 3,
    "Manufacturer": "Siemens",
    "ManufacturersModelName": "TrioTim",
    "PhaseEncodingDirection": "j-",
    "ProcedureStepDescription": "CIC-Physics_func_battery_Jess",
    "ProtocolName": "Func_battery_Attention_TR=2s_Standard_E",
    "RepetitionTime": 2,
    "TaskName": "Eye Movemement Variant",
    "dataset": "ds001344",
    "modality": "bold",
    "session_id": "scan1",
    "subject_id": "008",
    "task_id": "eyemovement"
  },
  "dummy_trs": 0,
  "dvars_nstd": 27.35113043597402,
  "dvars_std": 1.1854719587012985,
  "dvars_vstd": 1.0122748098701302,
  "efc": 0.5821486243618349,
  "fber": 1623.9635009765625,
  "fd_mean": 0.0711188043065764,
  "fd_num": 5,
  "fd_perc": 3.225806451612903,
  "fwhm_avg": 1.5960611111111112,
  "fwhm_x": 1.5081366666666665,
  "fwhm_y": 1.7145266666666668,
  "fwhm_z": 1.56552,
  "gcor": 0.0277186,
  "gsr_x": 0.01574430987238884,
  "gsr_y": 0.016041453927755356,
  "provenance": {
    "md5sum": "dd70405064a81bd35432a93f50d1bb30",
    "settings": {
      "fd_thres": 0.2,
      "testing": false
    },
    "software": "mriqc",
    "version": "22.0.1",
    "webapi_port": null,
    "webapi_url": "https://mriqc.nimh.nih.gov/api/v1"
  },
  "size_t": 155,
  "size_x": 64,
  "size_y": 64,
  "size_z": 36,
  "snr": 6.746925856198137,
  "spacing_tr": 2.0,
  "spacing_x": 3.0,
  "spacing_y": 3.0,
  "spacing_z": 3.0,
  "summary_bg_k": 15.549921184249413,
  "summary_bg_mad": 7.881704250106792,
  "summary_bg_mean": 32.702354431152344,
  "summary_bg_median": 13.354838371276855,
  "summary_bg_n": 78079.0,
  "summary_bg_p05": 6.664515972137451,
  "summary_bg_p95": 128.62967987060514,
  "summary_bg_stdv": 51.47988510131836,
  "summary_fg_k": 2.849438131374683,
  "summary_fg_mad": 74.16836593552627,
  "summary_fg_mean": 556.20751953125,
  "summary_fg_median": 550.077392578125,
  "summary_fg_n": 35290.0,
  "summary_fg_p05": 447.20934906005857,
  "summary_fg_p95": 689.4441802978514,
  "summary_fg_stdv": 81.52892303466797,
  "tsnr": 60.33184094005264
}