{
  "aor": 0.000713741935483871,
  "aqi": 0.014341039612903226,
  "bids_meta": {
    "AcquisitionDateTime": "2017-03-20T15:09:36.437500",
    "ConversionSoftware": "dcm2niix",
    "ConversionSoftwareVersion": "v1.0.20170207",
    "EchoTime": 0.03,
    "EffectiveEchoSpacing": 0.000265001,
    "FlipAngle": 80,
    "ImageType": [
      "ORIGINAL",
      "PRIMARY",
      "M",
      "ND",
      "NORM",
      "MOSAIC"
    ],
    "MagneticFieldStrength": 3,
    "Manufacturer": "Siemens",
    "ManufacturersModelName": "TrioTim",
    "PhaseEncodingDirection": "j-",
    "ProcedureStepDescription": "CIC-Physics_func_battery_Jess",
    "ProtocolName": "Func_battery_Letters_TR=2s_Standard_EPI",
    "RepetitionTime": 2,
    "TaskName": "Working Memory Variant",
    "dataset": "ds001344",
    "modality": "bold",
    "session_id": "scan1",
    "subject_id": "013",
    "task_id": "workingmemory"
  },
  "dummy_trs": 0,
  "dvars_nstd": 21.48326305350649,
  "dvars_std": 1.0369050137662337,
  "dvars_vstd": 0.962084266428571,
  "efc": 0.5540473845250812,
  "fber": 2220.257080078125,
  "fd_mean": 0.08004039560967238,
  "fd_num": 4,
  "fd_perc": 2.5806451612903225,
  "fwhm_avg": 1.5472444444444446,
  "fwhm_x": 1.4381033333333333,
  "fwhm_y": 1.6765800000000002,
  "fwhm_z": 1.52705,
  "gcor": 0.00984958,
  "gsr_x": -0.0028608147986233234,
  "gsr_y": 0.028554556891322136,
  "provenance": {
    "md5sum": "28d13faca58bf071972146228e556404",
    "settings": {
      "fd_thres": 0.2,
      "testing": false
    },
    "software": "mriqc",
    "version": "22.0.1",
    "webapi_port": null,
    "webapi_url": "https://mriqc.nimh.nih.gov/api/v1"
  },
  "size_t": 155,
  "size_x": 64,
  "size_y": 64,
  "size_z": 36,
  "snr": 7.177558117377573,
  "spacing_tr": 2.0,
  "spacing_x": 3.0,
  "spacing_y": 3.0,
  "spacing_z": 3.0,
  "summary_bg_k": 44.022785258283854,
  "summary_bg_mad": 7.293447218472843,
  "summary_bg_mean": 29.579320907592773,
  "summary_bg_median": 13.529031753540039,
  "summary_bg_n": 81596.0,
  "summary_bg_p05": 6.864516258239746,
  "summary_bg_p95": 103.29838371276855,
  "summary_bg_stdv": 53.562904357910156,
  "summary_fg_k": 3.114746458192677,
  "summary_fg_mad": 77.77444925205477,
  "summary_fg_mean": 652.9445190429688,
  "summary_fg_median": 644.5548095703125,
  "summary_fg_n": 33464.0,
  "summary_fg_p05": 533.7106262207031,
  "summary_fg_p95": 803.5093383789061,
  "summary_fg_stdv": 89.80006408691406,
  "tsnr": 56.27185364998877
}