{
  "bids_meta": {
    "AcquisitionDateTime": "2017-03-16T11:50:53.406250",
    "ConversionSoftware": "dcm2niix",
    "ConversionSoftwareVersion": "v1.0.20170207",
    "EchoTime": 0.00298,
    "FlipAngle": 9,
    "ImageType": [
      "ORIGINAL",
      "PRIMARY",
      "M",
      "NORM",
      "DIS2D"
    ],
    "MagneticFieldStrength": 3,
    "Manufacturer": "Siemens",
    "ManufacturersModelName": "TrioTim",
    "PhaseEncodingDirection": "i-",
    "ProcedureStepDescription": "CIC-Physics_func_battery_Jess",
    "ProtocolName": "MPRAGE_ADNI_P2",
    "RepetitionTime": 2.3,
    "dataset": "ds001344",
    "modality": "T1w",
    "session_id": "scan2",
    "subject_id": "002"
  },
  "cjv": 0.35645897933665094,
  "cnr": 3.746358639554097,
  "efc": 0.5705713722039694,
  "fber": 6154.7573041084825,
  "fwhm_avg": 3.7198229017173152,
  "fwhm_x": 3.7579384969034373,
  "fwhm_y": 3.9077,
  "fwhm_z": 3.4938302082485087,
  "icvs_csf": 0.20463154262893668,
  "icvs_gm": 0.439635408127035,
  "icvs_wm": 0.3557330492440283,
  "inu_med": 0.6058696508407593,
  "inu_range": 0.2826383560895919,
  "provenance": {
    "md5sum": "2b12ed71b8d40f8e2271d71227ed0beb",
    "settings": {
      "testing": false
    },
    "software": "mriqc",
    "version": "22.0.1",
    "warnings": {
      "large_rot_frame": true,
      "small_air_mask": false
    },
    "webapi_port": null,
    "webapi_url": "https://mriqc.nimh.nih.gov/api/v1"
  },
  "qi_1": 0.0,
  "qi_2": 0.021187287231915448,
  "rpve_csf": 21.886031003335404,
  "rpve_gm": 10.707305905773058,
  "rpve_wm": 14.868983969448193,
  "size_x": 160,
  "size_y": 240,
  "size_z": 256,
  "snr_csf": 1.7203822410184368,
  "snr_gm": 9.971002014087842,
  "snr_total": 10.486439655243148,
  "snr_wm": 19.767934710623162,
  "snrd_csf": 16.811607546568712,
  "snrd_gm": 52.99074795804786,
  "snrd_total": 49.23340918417102,
  "snrd_wm": 77.89787204789648,
  "spacing_x": 1.0000057220458984,
  "spacing_y": 1.0,
  "spacing_z": 0.9999999403953552,
  "summary_bg_k": 2780.4155784120608,
  "summary_bg_mad": 0.0,
  "summary_bg_mean": 3.4840956690833433,
  "summary_bg_median": 0.0,
  "summary_bg_n": 1869687.0,
  "summary_bg_p05": 0.0,
  "summary_bg_p95": 13.77261670678854,
  "summary_bg_stdv": 8.41019630545095,
  "summary_csf_k": 0.5134724959788293,
  "summary_csf_mad": 116.51019247993321,
  "summary_csf_mean": 234.81507804031173,
  "summary_csf_median": 215.81600362434983,
  "summary_csf_n": 34322.0,
  "summary_csf_p05": 60.896569948643446,
  "summary_csf_p95": 481.1864222623408,
  "summary_csf_stdv": 125.44471482358507,
  "summary_gm_k": 0.19456821259728097,
  "summary_gm_mad": 66.19593982823238,
  "summary_gm_mean": 681.2519400443031,
  "summary_gm_median": 680.2592447921634,
  "summary_gm_n": 39118.0,
  "summary_gm_p05": 570.0333025865257,
  "summary_gm_p95": 794.9410335794091,
  "summary_gm_stdv": 68.22288761058847,
  "summary_wm_k": 0.539526149152195,
  "summary_wm_mad": 47.77852108569999,
  "summary_wm_mean": 999.6519259425899,
  "summary_wm_median": 999.9999934360385,
  "summary_wm_n": 202508.0,
  "summary_wm_p05": 916.5991478227079,
  "summary_wm_p95": 1081.5554884448647,
  "summary_wm_stdv": 50.58684880506784,
  "tpm_overlap_csf": 0.16471274507720599,
  "tpm_overlap_gm": 0.47804875233257754,
  "tpm_overlap_wm": 0.5195957246028372,
  "wm2max": 0.4164105255266512
}