{
  "aor": 0.0006983870967741936,
  "aqi": 0.008643571806451613,
  "bids_meta": {
    "AcquisitionDateTime": "2017-03-23T10:47:10.148438",
    "ConversionSoftware": "dcm2niix",
    "ConversionSoftwareVersion": "v1.0.20170207",
    "EchoTime": 0.03,
    "EffectiveEchoSpacing": 0.000265001,
    "FlipAngle": 80,
    "ImageType": [
      "ORIGINAL",
      "PRIMARY",
      "M",
      "ND",
      "NORM",
      "MOSAIC"
    ],
    "MagneticFieldStrength": 3,
    "Manufacturer": "Siemens",
    "ManufacturersModelName": "TrioTim",
    "PhaseEncodingDirection": "j-",
    "ProcedureStepDescription": "CIC-Physics_func_battery_Jess",
    "ProtocolName": "Func_battery_Attention_TR=2s_Standard_E",
    "RepetitionTime": 2,
    "TaskName": "Eye Movemement Variant",
    "dataset": "ds001344",
    "modality": "bold",
    "session_id": "scan1",
    "subject_id": "014",
    "task_id": "eyemovement"
  },
  "dummy_trs": 0,
  "dvars_nstd": 21.31426333142856,
  "dvars_std": 1.0537190261688303,
  "dvars_vstd": 0.9953816611038959,
  "efc": 0.6038235946988976,
  "fber": 1448.1885986328125,
  "fd_mean": 0.04791465740993745,
  "fd_num": 0,
  "fd_perc": 0.0,
  "fwhm_avg": 1.5993466666666665,
  "fwhm_x": 1.4731766666666666,
  "fwhm_y": 1.7058833333333334,
  "fwhm_z": 1.6189799999999999,
  "gcor": 0.0179749,
  "gsr_x": -0.002746530110016465,
  "gsr_y": 0.03220080956816673,
  "provenance": {
    "md5sum": "39f56c2834e552ddf1a407270357b3dc",
    "settings": {
      "fd_thres": 0.2,
      "testing": false
    },
    "software": "mriqc",
    "version": "22.0.1",
    "webapi_port": null,
    "webapi_url": "https://mriqc.nimh.nih.gov/api/v1"
  },
  "size_t": 155,
  "size_x": 64,
  "size_y": 64,
  "size_z": 36,
  "snr": 7.33226394271365,
  "spacing_tr": 2.0,
  "spacing_x": 3.0,
  "spacing_y": 3.0,
  "spacing_z": 3.0,
  "summary_bg_k": 19.584835853961362,
  "summary_bg_mad": 13.486897463768413,
  "summary_bg_mean": 36.054195404052734,
  "summary_bg_median": 17.974193572998047,
  "summary_bg_n": 72802.0,
  "summary_bg_p05": 5.541935443878174,
  "summary_bg_p95": 130.52903747558594,
  "summary_bg_stdv": 52.81532669067383,
  "summary_fg_k": 3.0315919930990285,
  "summary_fg_mad": 84.1926038510372,
  "summary_fg_mean": 719.190673828125,
  "summary_fg_median": 713.9677124023438,
  "summary_fg_n": 40231.0,
  "summary_fg_p05": 577.6870727539062,
  "summary_fg_p95": 874.6612854003906,
  "summary_fg_stdv": 97.37222290039062,
  "tsnr": 62.774424442090094
}