{
  "aor": 0.0009679354838709678,
  "aqi": 0.0066638019354838705,
  "bids_meta": {
    "AcquisitionDateTime": "2017-03-20T11:26:15.054688",
    "ConversionSoftware": "dcm2niix",
    "ConversionSoftwareVersion": "v1.0.20170207",
    "EchoTime": 0.03,
    "EffectiveEchoSpacing": 0.000265001,
    "FlipAngle": 80,
    "ImageType": [
      "ORIGINAL",
      "PRIMARY",
      "M",
      "ND",
      "NORM",
      "MOSAIC"
    ],
    "MagneticFieldStrength": 3,
    "Manufacturer": "Siemens",
    "ManufacturersModelName": "TrioTim",
    "PhaseEncodingDirection": "j-",
    "ProcedureStepDescription": "CIC-Physics_func_battery_Jess",
    "ProtocolName": "Func_battery_Letters_TR=2s_Standard_EPI",
    "RepetitionTime": 2,
    "TaskName": "Working Memory Variant",
    "dataset": "ds001344",
    "modality": "bold",
    "session_id": "scan2",
    "subject_id": "003",
    "task_id": "workingmemory"
  },
  "dummy_trs": 0,
  "dvars_nstd": 26.278747422532472,
  "dvars_std": 1.1563586612987014,
  "dvars_vstd": 1.0125298864935064,
  "efc": 0.5765064736354532,
  "fber": 1916.0692138671875,
  "fd_mean": 0.04742266141998103,
  "fd_num": 1,
  "fd_perc": 0.6451612903225806,
  "fwhm_avg": 1.5662577777777775,
  "fwhm_x": 1.46765,
  "fwhm_y": 1.6658866666666665,
  "fwhm_z": 1.5652366666666666,
  "gcor": 0.0229022,
  "gsr_x": -0.0003978621098212898,
  "gsr_y": 0.02975262887775898,
  "provenance": {
    "md5sum": "d95e10e0cb659a18c521b39416d7b8c4",
    "settings": {
      "fd_thres": 0.2,
      "testing": false
    },
    "software": "mriqc",
    "version": "22.0.1",
    "webapi_port": null,
    "webapi_url": "https://mriqc.nimh.nih.gov/api/v1"
  },
  "size_t": 155,
  "size_x": 64,
  "size_y": 64,
  "size_z": 36,
  "snr": 6.165359123055809,
  "spacing_tr": 2.0,
  "spacing_x": 3.0,
  "spacing_y": 3.0,
  "spacing_z": 3.0,
  "summary_bg_k": 27.521945986250312,
  "summary_bg_mad": 7.489533131337436,
  "summary_bg_mean": 27.122587203979492,
  "summary_bg_median": 12.85161304473877,
  "summary_bg_n": 76860.0,
  "summary_bg_p05": 6.251612663269043,
  "summary_bg_p95": 95.24064407348644,
  "summary_bg_stdv": 42.951229095458984,
  "summary_fg_k": 1.8574958484080044,
  "summary_fg_mad": 89.38659812214222,
  "summary_fg_mean": 587.0706787109375,
  "summary_fg_median": 578.7483520507812,
  "summary_fg_n": 37030.0,
  "summary_fg_p05": 463.03515472412107,
  "summary_fg_p95": 746.042868041992,
  "summary_fg_stdv": 93.86972045898438,
  "tsnr": 62.901742953807116
}