{
  "aor": 0.001014709677419355,
  "aqi": 0.007815751677419356,
  "bids_meta": {
    "AcquisitionDateTime": "2017-03-20T11:20:21.921875",
    "ConversionSoftware": "dcm2niix",
    "ConversionSoftwareVersion": "v1.0.20170207",
    "EchoTime": 0.03,
    "EffectiveEchoSpacing": 0.000265001,
    "FlipAngle": 80,
    "ImageType": [
      "ORIGINAL",
      "PRIMARY",
      "M",
      "ND",
      "NORM",
      "MOSAIC"
    ],
    "MagneticFieldStrength": 3,
    "Manufacturer": "Siemens",
    "ManufacturersModelName": "TrioTim",
    "PhaseEncodingDirection": "j-",
    "ProcedureStepDescription": "CIC-Physics_func_battery_Jess",
    "ProtocolName": "Func_battery_Attention_TR=2s_Standard_E",
    "RepetitionTime": 2,
    "TaskName": "Eye Movemement Variant",
    "dataset": "ds001344",
    "modality": "bold",
    "session_id": "scan2",
    "subject_id": "003",
    "task_id": "eyemovement"
  },
  "dummy_trs": 0,
  "dvars_nstd": 26.405134002662347,
  "dvars_std": 1.142600391558442,
  "dvars_vstd": 0.9999358283766232,
  "efc": 0.5762143656198887,
  "fber": 1898.0003662109375,
  "fd_mean": 0.04712756754876513,
  "fd_num": 0,
  "fd_perc": 0.0,
  "fwhm_avg": 1.5647488888888887,
  "fwhm_x": 1.46973,
  "fwhm_y": 1.6738533333333334,
  "fwhm_z": 1.5506633333333333,
  "gcor": 0.0105237,
  "gsr_x": -0.00093580357497558,
  "gsr_y": 0.03077383153140545,
  "provenance": {
    "md5sum": "083e7a0a5de113a5ac0a18b383b8d4fa",
    "settings": {
      "fd_thres": 0.2,
      "testing": false
    },
    "software": "mriqc",
    "version": "22.0.1",
    "webapi_port": null,
    "webapi_url": "https://mriqc.nimh.nih.gov/api/v1"
  },
  "size_t": 155,
  "size_x": 64,
  "size_y": 64,
  "size_z": 36,
  "snr": 6.179441583722955,
  "spacing_tr": 2.0,
  "spacing_x": 3.0,
  "spacing_y": 3.0,
  "spacing_z": 3.0,
  "summary_bg_k": 27.277779887985364,
  "summary_bg_mad": 7.518228630781034,
  "summary_bg_mean": 26.986038208007812,
  "summary_bg_median": 12.858064651489258,
  "summary_bg_n": 76957.0,
  "summary_bg_p05": 6.206451416015625,
  "summary_bg_p95": 94.1703201293945,
  "summary_bg_stdv": 42.2520637512207,
  "summary_fg_k": 1.9841081864162273,
  "summary_fg_mad": 88.51132529752702,
  "summary_fg_mean": 585.54248046875,
  "summary_fg_median": 577.1580810546875,
  "summary_fg_n": 37006.0,
  "summary_fg_p05": 462.3177261352539,
  "summary_fg_p95": 743.4515991210938,
  "summary_fg_stdv": 93.39845275878906,
  "tsnr": 59.257250068942085
}