{
  "aor": 0.0019027741935483868,
  "aqi": 0.023987877290322583,
  "bids_meta": {
    "AcquisitionDateTime": "2017-03-06T15:53:13.000000",
    "ConversionSoftware": "dcm2niix",
    "ConversionSoftwareVersion": "v1.0.20170207",
    "EchoTime": 0.03,
    "EffectiveEchoSpacing": 0.000265001,
    "FlipAngle": 80,
    "ImageType": [
      "ORIGINAL",
      "PRIMARY",
      "M",
      "ND",
      "NORM",
      "MOSAIC"
    ],
    "MagneticFieldStrength": 3,
    "Manufacturer": "Siemens",
    "ManufacturersModelName": "TrioTim",
    "PhaseEncodingDirection": "j-",
    "ProcedureStepDescription": "CIC-Physics_func_battery_Jess",
    "ProtocolName": "Func_battery_Attention_TR=2s_Standard_E",
    "RepetitionTime": 2,
    "TaskName": "Eye Movemement Variant",
    "dataset": "ds001344",
    "modality": "bold",
    "session_id": "scan1",
    "subject_id": "002",
    "task_id": "eyemovement"
  },
  "dummy_trs": 0,
  "dvars_nstd": 25.967381328896103,
  "dvars_std": 1.0372232044155842,
  "dvars_vstd": 0.9508884836363629,
  "efc": 0.5805870644856527,
  "fber": 1770.7852783203125,
  "fd_mean": 0.10489681429372706,
  "fd_num": 8,
  "fd_perc": 5.161290322580645,
  "fwhm_avg": 1.5086422222222222,
  "fwhm_x": 1.3835499999999998,
  "fwhm_y": 1.67357,
  "fwhm_z": 1.4688066666666666,
  "gcor": 0.0125411,
  "gsr_x": 0.015056729316711426,
  "gsr_y": 0.03195371851325035,
  "provenance": {
    "md5sum": "62a184c0e273eabbfa83252b6f3834cb",
    "settings": {
      "fd_thres": 0.2,
      "testing": false
    },
    "software": "mriqc",
    "version": "22.0.1",
    "webapi_port": null,
    "webapi_url": "https://mriqc.nimh.nih.gov/api/v1"
  },
  "size_t": 155,
  "size_x": 64,
  "size_y": 64,
  "size_z": 36,
  "snr": 7.076710345749715,
  "spacing_tr": 2.0,
  "spacing_x": 3.0,
  "spacing_y": 3.0,
  "spacing_z": 3.0,
  "summary_bg_k": 22.869131350406512,
  "summary_bg_mad": 7.384315593084411,
  "summary_bg_mean": 27.012866973876953,
  "summary_bg_median": 12.051612854003906,
  "summary_bg_n": 77369.0,
  "summary_bg_p05": 5.645161151885986,
  "summary_bg_p95": 102.23483886718728,
  "summary_bg_stdv": 45.78004837036133,
  "summary_fg_k": 3.5954527189516314,
  "summary_fg_mad": 60.38016077888126,
  "summary_fg_mean": 524.0193481445312,
  "summary_fg_median": 517.683837890625,
  "summary_fg_n": 36852.0,
  "summary_fg_p05": 426.4974090576172,
  "summary_fg_p95": 642.279357910156,
  "summary_fg_stdv": 73.15218353271484,
  "tsnr": 48.71920897718519
}