{
  "bids_meta": {
    "AcquisitionDateTime": "2017-04-03T13:28:7.421875",
    "ConversionSoftware": "dcm2niix",
    "ConversionSoftwareVersion": "v1.0.20170207",
    "EchoTime": 0.00298,
    "FlipAngle": 9,
    "ImageType": [
      "ORIGINAL",
      "PRIMARY",
      "M",
      "NORM",
      "DIS2D"
    ],
    "MagneticFieldStrength": 3,
    "Manufacturer": "Siemens",
    "ManufacturersModelName": "TrioTim",
    "PhaseEncodingDirection": "i-",
    "ProcedureStepDescription": "CIC-Physics_func_battery_Jess",
    "ProtocolName": "MPRAGE_ADNI_P2",
    "RepetitionTime": 2.3,
    "dataset": "ds001344",
    "modality": "T1w",
    "session_id": "scan2",
    "subject_id": "008"
  },
  "cjv": 0.3632939901293841,
  "cnr": 3.696820056050011,
  "efc": 0.5228223481130069,
  "fber": 9689.655252839371,
  "fwhm_avg": 3.5139066666666667,
  "fwhm_x": 3.62282,
  "fwhm_y": 3.61757,
  "fwhm_z": 3.30133,
  "icvs_csf": 0.2414406568083774,
  "icvs_gm": 0.441207110213922,
  "icvs_wm": 0.3173522329777006,
  "inu_med": 0.6404670476913452,
  "inu_range": 0.2937938153743744,
  "provenance": {
    "md5sum": "6e96a6d035cabb4ea367b709a2f92769",
    "settings": {
      "testing": false
    },
    "software": "mriqc",
    "version": "22.0.1",
    "warnings": {
      "large_rot_frame": true,
      "small_air_mask": false
    },
    "webapi_port": null,
    "webapi_url": "https://mriqc.nimh.nih.gov/api/v1"
  },
  "qi_1": 0.0,
  "qi_2": 0.014269914829615588,
  "rpve_csf": 20.146141896888647,
  "rpve_gm": 11.297336758838888,
  "rpve_wm": 17.75154964406826,
  "size_x": 160,
  "size_y": 240,
  "size_z": 256,
  "snr_csf": 2.1554538091623803,
  "snr_gm": 9.338136362404112,
  "snr_total": 10.373441179903116,
  "snr_wm": 19.626733368142855,
  "snrd_csf": 21.370094084888425,
  "snrd_gm": 64.03641800368968,
  "snrd_total": 60.195476952958415,
  "snrd_wm": 95.17991877029714,
  "spacing_x": 1.0,
  "spacing_y": 1.0,
  "spacing_z": 1.0,
  "summary_bg_k": 13.921557344328086,
  "summary_bg_mad": 0.0,
  "summary_bg_mean": 3.772509654921849,
  "summary_bg_median": 0.0,
  "summary_bg_n": 2698370.0,
  "summary_bg_p05": 0.0,
  "summary_bg_p95": 17.195605102926493,
  "summary_bg_stdv": 6.883136779814021,
  "summary_csf_k": 1.2577532432700265,
  "summary_csf_mad": 91.25848719034826,
  "summary_csf_mean": 238.29460275339596,
  "summary_csf_median": 224.52313836291432,
  "summary_csf_n": 38108.0,
  "summary_csf_p05": 88.63292891532183,
  "summary_csf_p95": 433.47016269732273,
  "summary_csf_stdv": 104.16376890559135,
  "summary_gm_k": 0.1462922915300795,
  "summary_gm_mad": 70.06374895768609,
  "summary_gm_mean": 670.7231178497257,
  "summary_gm_median": 672.7933664023876,
  "summary_gm_n": 27615.0,
  "summary_gm_p05": 547.4410812221467,
  "summary_gm_p95": 786.8439320292324,
  "summary_gm_stdv": 72.04662242196507,
  "summary_wm_k": 0.44040832427865073,
  "summary_wm_mad": 48.80845433007345,
  "summary_wm_mean": 1000.032364155407,
  "summary_wm_median": 999.9999993704259,
  "summary_wm_n": 155419.0,
  "summary_wm_p05": 916.8811005949974,
  "summary_wm_p95": 1083.323121484369,
  "summary_wm_stdv": 50.950749852164456,
  "tpm_overlap_csf": 0.16129274345098837,
  "tpm_overlap_gm": 0.45423338463932217,
  "tpm_overlap_wm": 0.4820195985845793,
  "wm2max": 0.4784545934220555
}