{
  "aor": 0.0007521935483870968,
  "aqi": 0.007890496645161291,
  "bids_meta": {
    "AcquisitionDateTime": "2017-03-23T15:41:40.750000",
    "ConversionSoftware": "dcm2niix",
    "ConversionSoftwareVersion": "v1.0.20170207",
    "EchoTime": 0.03,
    "EffectiveEchoSpacing": 0.000265001,
    "FlipAngle": 80,
    "ImageType": [
      "ORIGINAL",
      "PRIMARY",
      "M",
      "ND",
      "NORM",
      "MOSAIC"
    ],
    "MagneticFieldStrength": 3,
    "Manufacturer": "Siemens",
    "ManufacturersModelName": "TrioTim",
    "PhaseEncodingDirection": "j-",
    "ProcedureStepDescription": "CIC-Physics_func_battery_Jess",
    "ProtocolName": "Func_battery_Attention_TR=2s_Standard_E",
    "RepetitionTime": 2,
    "TaskName": "Eye Movemement Variant",
    "dataset": "ds001344",
    "modality": "bold",
    "session_id": "scan1",
    "subject_id": "015",
    "task_id": "eyemovement"
  },
  "dummy_trs": 0,
  "dvars_nstd": 24.87922714305194,
  "dvars_std": 1.1028865705844153,
  "dvars_vstd": 1.0090869261688313,
  "efc": 0.6215821380357662,
  "fber": 1288.6739501953125,
  "fd_mean": 0.03205755177509953,
  "fd_num": 0,
  "fd_perc": 0.0,
  "fwhm_avg": 1.53782,
  "fwhm_x": 1.4055166666666665,
  "fwhm_y": 1.67487,
  "fwhm_z": 1.5330733333333333,
  "gcor": 0.00810452,
  "gsr_x": -0.010621292516589165,
  "gsr_y": 0.03762524574995041,
  "provenance": {
    "md5sum": "dda7380b993a3e25bbffb52a5ecaefbf",
    "settings": {
      "fd_thres": 0.2,
      "testing": false
    },
    "software": "mriqc",
    "version": "22.0.1",
    "webapi_port": null,
    "webapi_url": "https://mriqc.nimh.nih.gov/api/v1"
  },
  "size_t": 155,
  "size_x": 64,
  "size_y": 64,
  "size_z": 36,
  "snr": 7.184016171062831,
  "spacing_tr": 2.0,
  "spacing_x": 3.0,
  "spacing_y": 3.0,
  "spacing_z": 3.0,
  "summary_bg_k": 20.34126391259642,
  "summary_bg_mad": 9.861695125634776,
  "summary_bg_mean": 29.44338607788086,
  "summary_bg_median": 14.535483360290527,
  "summary_bg_n": 69293.0,
  "summary_bg_p05": 5.993548393249512,
  "summary_bg_p95": 102.7961273193359,
  "summary_bg_stdv": 41.1426887512207,
  "summary_fg_k": 2.2525137644000663,
  "summary_fg_mad": 71.69102033704768,
  "summary_fg_mean": 558.6973876953125,
  "summary_fg_median": 552.30322265625,
  "summary_fg_n": 42893.0,
  "summary_fg_p05": 454.14837646484375,
  "summary_fg_p95": 686.4864501953125,
  "summary_fg_stdv": 76.87855529785156,
  "tsnr": 63.090362635441124
}