{
  "aor": 0.0013655483870967742,
  "aqi": 0.022568279354838707,
  "bids_meta": {
    "AcquisitionDateTime": "2017-04-03T16:23:45.828125",
    "ConversionSoftware": "dcm2niix",
    "ConversionSoftwareVersion": "v1.0.20170207",
    "EchoTime": 0.03,
    "EffectiveEchoSpacing": 0.000265001,
    "FlipAngle": 80,
    "ImageType": [
      "ORIGINAL",
      "PRIMARY",
      "M",
      "ND",
      "NORM",
      "MOSAIC"
    ],
    "MagneticFieldStrength": 3,
    "Manufacturer": "Siemens",
    "ManufacturersModelName": "TrioTim",
    "PhaseEncodingDirection": "j-",
    "ProcedureStepDescription": "CIC-Physics_func_battery_Jess",
    "ProtocolName": "Func_battery_Letters_TR=2s_Standard_EPI",
    "RepetitionTime": 2,
    "TaskName": "Working Memory Variant",
    "dataset": "ds001344",
    "modality": "bold",
    "session_id": "scan2",
    "subject_id": "009",
    "task_id": "workingmemory"
  },
  "dummy_trs": 0,
  "dvars_nstd": 26.276865327467522,
  "dvars_std": 1.0531162106493503,
  "dvars_vstd": 0.9598691990909091,
  "efc": 0.5945971910105039,
  "fber": 1718.793212890625,
  "fd_mean": 0.17224235113950784,
  "fd_num": 41,
  "fd_perc": 26.451612903225808,
  "fwhm_avg": 1.5766855555555555,
  "fwhm_x": 1.4399666666666666,
  "fwhm_y": 1.7607533333333334,
  "fwhm_z": 1.5293366666666666,
  "gcor": 0.00863669,
  "gsr_x": -0.0015730083687230945,
  "gsr_y": 0.03112829104065895,
  "provenance": {
    "md5sum": "d34658b3c37eef2b96fa86c7f9d202e1",
    "settings": {
      "fd_thres": 0.2,
      "testing": false
    },
    "software": "mriqc",
    "version": "22.0.1",
    "webapi_port": null,
    "webapi_url": "https://mriqc.nimh.nih.gov/api/v1"
  },
  "size_t": 155,
  "size_x": 64,
  "size_y": 64,
  "size_z": 36,
  "snr": 7.360045321827522,
  "spacing_tr": 2.0,
  "spacing_x": 3.0,
  "spacing_y": 3.0,
  "spacing_z": 3.0,
  "summary_bg_k": 26.859413245782505,
  "summary_bg_mad": 10.359085903536643,
  "summary_bg_mean": 30.85866355895996,
  "summary_bg_median": 14.858064651489258,
  "summary_bg_n": 74289.0,
  "summary_bg_p05": 5.63225793838501,
  "summary_bg_p95": 101.2812881469726,
  "summary_bg_stdv": 49.81535720825195,
  "summary_fg_k": 3.1751681256377013,
  "summary_fg_mad": 77.96574692600012,
  "summary_fg_mean": 636.3944702148438,
  "summary_fg_median": 633.9031982421875,
  "summary_fg_n": 39303.0,
  "summary_fg_p05": 514.51416015625,
  "summary_fg_p95": 771.5419311523438,
  "summary_fg_stdv": 86.12652587890625,
  "tsnr": 44.84265665477142
}