{
  "bids_meta": {
    "AcquisitionDateTime": "2017-03-29T13:19:33.421875",
    "ConversionSoftware": "dcm2niix",
    "ConversionSoftwareVersion": "v1.0.20170207",
    "EchoTime": 0.00298,
    "FlipAngle": 9,
    "ImageType": [
      "ORIGINAL",
      "PRIMARY",
      "M",
      "NORM",
      "DIS2D"
    ],
    "MagneticFieldStrength": 3,
    "Manufacturer": "Siemens",
    "ManufacturersModelName": "TrioTim",
    "PhaseEncodingDirection": "i-",
    "ProcedureStepDescription": "CIC-Physics_func_battery_Jess",
    "ProtocolName": "MPRAGE_ADNI_P2",
    "RepetitionTime": 2.3,
    "dataset": "ds001344",
    "modality": "T1w",
    "session_id": "scan2",
    "subject_id": "011"
  },
  "cjv": 0.3472980178956245,
  "cnr": 3.860159738575085,
  "efc": 0.5449082371519346,
  "fber": 11040.479113573409,
  "fwhm_avg": 3.6140236181069096,
  "fwhm_x": 3.5832808543207295,
  "fwhm_y": 3.88159,
  "fwhm_z": 3.3772,
  "icvs_csf": 0.19601298466846728,
  "icvs_gm": 0.46745724219295776,
  "icvs_wm": 0.33652977313857496,
  "inu_med": 0.6232463717460632,
  "inu_range": 0.2801390826702118,
  "provenance": {
    "md5sum": "738fe984fba234d72a0497ebbf200495",
    "settings": {
      "testing": false
    },
    "software": "mriqc",
    "version": "22.0.1",
    "warnings": {
      "large_rot_frame": true,
      "small_air_mask": false
    },
    "webapi_port": null,
    "webapi_url": "https://mriqc.nimh.nih.gov/api/v1"
  },
  "qi_1": 0.0,
  "qi_2": 0.02117859854720521,
  "rpve_csf": 20.722919068872937,
  "rpve_gm": 9.652150379243709,
  "rpve_wm": 15.17721119133574,
  "size_x": 160,
  "size_y": 240,
  "size_z": 256,
  "snr_csf": 2.0983396379620842,
  "snr_gm": 9.662650132723003,
  "snr_total": 10.401183434750637,
  "snr_wm": 19.442560533566823,
  "snrd_csf": 19.60104756668931,
  "snrd_gm": 53.443268156713565,
  "snrd_total": 51.066557036047186,
  "snrd_wm": 80.15535538473867,
  "spacing_x": 0.9999997615814209,
  "spacing_y": 1.0,
  "spacing_z": 1.0,
  "summary_bg_k": 5.5059332428540575,
  "summary_bg_mad": 8.17333322107971,
  "summary_bg_mean": 5.952703670124694,
  "summary_bg_median": 5.512829482555389,
  "summary_bg_n": 2926127.0,
  "summary_bg_p05": 0.0,
  "summary_bg_p95": 19.635201305150986,
  "summary_bg_stdv": 6.822310933833733,
  "summary_csf_k": 1.0871431390538486,
  "summary_csf_mad": 107.38851704363063,
  "summary_csf_mean": 256.7475132679461,
  "summary_csf_median": 244.53822630643845,
  "summary_csf_n": 24680.0,
  "summary_csf_p05": 85.04049924015999,
  "summary_csf_p95": 468.04943201243873,
  "summary_csf_stdv": 116.5365547379834,
  "summary_gm_k": 0.07540663243931611,
  "summary_gm_mad": 66.95069866896775,
  "summary_gm_mean": 667.5121750953411,
  "summary_gm_median": 666.7460990846157,
  "summary_gm_n": 39761.0,
  "summary_gm_p05": 553.2226475179195,
  "summary_gm_p95": 784.3190982341766,
  "summary_gm_stdv": 69.00153740957597,
  "summary_wm_k": 0.42353541754521506,
  "summary_wm_mad": 48.78773595545728,
  "summary_wm_mean": 999.1039057957585,
  "summary_wm_median": 1000.0000442862511,
  "summary_wm_n": 192834.0,
  "summary_wm_p05": 913.4162930890917,
  "summary_wm_p95": 1082.1139797270298,
  "summary_wm_stdv": 51.433423578781046,
  "tpm_overlap_csf": 0.15761077430098563,
  "tpm_overlap_gm": 0.47675183632412027,
  "tpm_overlap_wm": 0.5054496883341814,
  "wm2max": 0.5567343854746786
}