{
  "aor": 0.0014847096774193548,
  "aqi": 0.018085421741935486,
  "bids_meta": {
    "AcquisitionDateTime": "2017-03-16T12:08:17.656250",
    "ConversionSoftware": "dcm2niix",
    "ConversionSoftwareVersion": "v1.0.20170207",
    "EchoTime": 0.03,
    "EffectiveEchoSpacing": 0.000265001,
    "FlipAngle": 80,
    "ImageType": [
      "ORIGINAL",
      "PRIMARY",
      "M",
      "ND",
      "NORM",
      "MOSAIC"
    ],
    "MagneticFieldStrength": 3,
    "Manufacturer": "Siemens",
    "ManufacturersModelName": "TrioTim",
    "PhaseEncodingDirection": "j-",
    "ProcedureStepDescription": "CIC-Physics_func_battery_Jess",
    "ProtocolName": "Func_battery_Letters_TR=2s_Standard_EPI",
    "RepetitionTime": 2,
    "TaskName": "Working Memory Variant",
    "dataset": "ds001344",
    "modality": "bold",
    "session_id": "scan2",
    "subject_id": "002",
    "task_id": "workingmemory"
  },
  "dummy_trs": 0,
  "dvars_nstd": 26.16807755538961,
  "dvars_std": 1.0758470299350649,
  "dvars_vstd": 0.9851179031818187,
  "efc": 0.5828225348622639,
  "fber": 1747.8778076171875,
  "fd_mean": 0.1477728328478869,
  "fd_num": 26,
  "fd_perc": 16.774193548387096,
  "fwhm_avg": 1.5206366666666666,
  "fwhm_x": 1.3956466666666667,
  "fwhm_y": 1.6846333333333332,
  "fwhm_z": 1.48163,
  "gcor": 0.0269538,
  "gsr_x": 0.015269995667040348,
  "gsr_y": 0.030477724969387054,
  "provenance": {
    "md5sum": "f842579bfabcdba0b71d11eeef4c5801",
    "settings": {
      "fd_thres": 0.2,
      "testing": false
    },
    "software": "mriqc",
    "version": "22.0.1",
    "webapi_port": null,
    "webapi_url": "https://mriqc.nimh.nih.gov/api/v1"
  },
  "size_t": 155,
  "size_x": 64,
  "size_y": 64,
  "size_z": 36,
  "snr": 7.230752364754605,
  "spacing_tr": 2.0,
  "spacing_x": 3.0,
  "spacing_y": 3.0,
  "spacing_z": 3.0,
  "summary_bg_k": 21.813665668878727,
  "summary_bg_mad": 7.326923887237385,
  "summary_bg_mean": 26.06934928894043,
  "summary_bg_median": 11.645160675048828,
  "summary_bg_n": 77054.0,
  "summary_bg_p05": 5.167741775512695,
  "summary_bg_p95": 97.21096687316883,
  "summary_bg_stdv": 44.336395263671875,
  "summary_fg_k": 3.44336748946632,
  "summary_fg_mad": 57.658851827064595,
  "summary_fg_mean": 503.69671630859375,
  "summary_fg_median": 498.3806457519531,
  "summary_fg_n": 37198.0,
  "summary_fg_p05": 410.4322509765625,
  "summary_fg_p95": 615.1432342529298,
  "summary_fg_stdv": 68.9242172241211,
  "tsnr": 49.991383427754045
}