{
  "aor": 0.0010903225806451612,
  "aqi": 0.01159596870967742,
  "bids_meta": {
    "AcquisitionDateTime": "2017-03-16T12:02:22.406250",
    "ConversionSoftware": "dcm2niix",
    "ConversionSoftwareVersion": "v1.0.20170207",
    "EchoTime": 0.03,
    "EffectiveEchoSpacing": 0.000265001,
    "FlipAngle": 80,
    "ImageType": [
      "ORIGINAL",
      "PRIMARY",
      "M",
      "ND",
      "NORM",
      "MOSAIC"
    ],
    "MagneticFieldStrength": 3,
    "Manufacturer": "Siemens",
    "ManufacturersModelName": "TrioTim",
    "PhaseEncodingDirection": "j-",
    "ProcedureStepDescription": "CIC-Physics_func_battery_Jess",
    "ProtocolName": "Func_battery_Attention_TR=2s_Standard_E",
    "RepetitionTime": 2,
    "TaskName": "Eye Movemement Variant",
    "dataset": "ds001344",
    "modality": "bold",
    "session_id": "scan2",
    "subject_id": "002",
    "task_id": "eyemovement"
  },
  "dummy_trs": 0,
  "dvars_nstd": 25.880845862597408,
  "dvars_std": 1.1094424406493504,
  "dvars_vstd": 0.9983785902597409,
  "efc": 0.5826192665741836,
  "fber": 1785.8515625,
  "fd_mean": 0.11704434840738315,
  "fd_num": 9,
  "fd_perc": 5.806451612903226,
  "fwhm_avg": 1.5354566666666667,
  "fwhm_x": 1.4063333333333334,
  "fwhm_y": 1.6876366666666665,
  "fwhm_z": 1.5124000000000002,
  "gcor": 0.0145538,
  "gsr_x": 0.014306582510471344,
  "gsr_y": 0.030704624950885773,
  "provenance": {
    "md5sum": "9057fb78f6882097820dd7d9c5ff90f7",
    "settings": {
      "fd_thres": 0.2,
      "testing": false
    },
    "software": "mriqc",
    "version": "22.0.1",
    "webapi_port": null,
    "webapi_url": "https://mriqc.nimh.nih.gov/api/v1"
  },
  "size_t": 155,
  "size_x": 64,
  "size_y": 64,
  "size_z": 36,
  "snr": 7.259627015144906,
  "spacing_tr": 2.0,
  "spacing_x": 3.0,
  "spacing_y": 3.0,
  "spacing_z": 3.0,
  "summary_bg_k": 22.02474586767014,
  "summary_bg_mad": 6.992143060395397,
  "summary_bg_mean": 25.631256103515625,
  "summary_bg_median": 11.529031753540039,
  "summary_bg_n": 76900.0,
  "summary_bg_p05": 5.251612663269043,
  "summary_bg_p95": 95.98064422607422,
  "summary_bg_stdv": 43.390708923339844,
  "summary_fg_k": 3.315710509557202,
  "summary_fg_mad": 57.95541299165184,
  "summary_fg_mean": 504.2458801269531,
  "summary_fg_median": 498.954833984375,
  "summary_fg_n": 37336.0,
  "summary_fg_p05": 411.9000015258789,
  "summary_fg_p95": 616.2645263671875,
  "summary_fg_stdv": 68.72917175292969,
  "tsnr": 57.07526401011273
}