{
  "aor": 0.0006657236842105264,
  "aqi": 0.007702113881578948,
  "bids_meta": {
    "AcquisitionDateTime": "2017-03-29T14:50:34.031250",
    "ConversionSoftware": "dcm2niix",
    "ConversionSoftwareVersion": "v1.0.20170207",
    "EchoTime": 0.03,
    "EffectiveEchoSpacing": 0.000265001,
    "FlipAngle": 80,
    "ImageType": [
      "ORIGINAL",
      "PRIMARY",
      "M",
      "ND",
      "NORM",
      "MOSAIC"
    ],
    "MagneticFieldStrength": 3,
    "Manufacturer": "Siemens",
    "ManufacturersModelName": "TrioTim",
    "PhaseEncodingDirection": "j-",
    "ProcedureStepDescription": "CIC-Physics_func_battery_Jess",
    "ProtocolName": "Func_battery_Letters_TR=2s_Standard_EPI",
    "RepetitionTime": 2,
    "TaskName": "Working Memory Variant",
    "dataset": "ds001344",
    "modality": "bold",
    "session_id": "scan2",
    "subject_id": "015",
    "task_id": "workingmemory"
  },
  "dummy_trs": 3,
  "dvars_nstd": 24.319907649470196,
  "dvars_std": 1.0955375130463572,
  "dvars_vstd": 0.9999763321854308,
  "efc": 0.6144678013743213,
  "fber": 1407.4747314453125,
  "fd_mean": 0.0427233759851796,
  "fd_num": 0,
  "fd_perc": 0.0,
  "fwhm_avg": 1.5740788888888888,
  "fwhm_x": 1.42868,
  "fwhm_y": 1.7414333333333334,
  "fwhm_z": 1.5521233333333333,
  "gcor": 0.00510314,
  "gsr_x": -0.008464555256068707,
  "gsr_y": 0.04055311903357506,
  "provenance": {
    "md5sum": "3427179dce6bb49fe8c2175a6909afaf",
    "settings": {
      "fd_thres": 0.2,
      "testing": false
    },
    "software": "mriqc",
    "version": "22.0.1",
    "webapi_port": null,
    "webapi_url": "https://mriqc.nimh.nih.gov/api/v1"
  },
  "size_t": 152,
  "size_x": 64,
  "size_y": 64,
  "size_z": 36,
  "snr": 7.197656882387647,
  "spacing_tr": 2.0,
  "spacing_x": 3.0,
  "spacing_y": 3.0,
  "spacing_z": 3.0,
  "summary_bg_k": 21.116671792269713,
  "summary_bg_mad": 10.856158549515632,
  "summary_bg_mean": 31.33853530883789,
  "summary_bg_median": 15.578947067260742,
  "summary_bg_n": 70328.0,
  "summary_bg_p05": 5.875,
  "summary_bg_p95": 109.95164718627926,
  "summary_bg_stdv": 43.174102783203125,
  "summary_fg_k": 2.7614096028794997,
  "summary_fg_mad": 75.9394756322515,
  "summary_fg_mean": 621.3843383789062,
  "summary_fg_median": 614.9342041015625,
  "summary_fg_n": 42158.0,
  "summary_fg_p05": 502.5148101806641,
  "summary_fg_p95": 760.6391632080079,
  "summary_fg_stdv": 85.43431854248047,
  "tsnr": 65.45499620167539
}