{
  "aor": 0.0013672727272727272,
  "aqi": 0.014924644025974026,
  "bids_meta": {
    "AcquisitionDateTime": "2017-03-20T15:15:37.781250",
    "ConversionSoftware": "dcm2niix",
    "ConversionSoftwareVersion": "v1.0.20170207",
    "EchoTime": 0.03,
    "EffectiveEchoSpacing": 0.000265001,
    "FlipAngle": 80,
    "ImageType": [
      "ORIGINAL",
      "PRIMARY",
      "M",
      "ND",
      "NORM",
      "MOSAIC"
    ],
    "MagneticFieldStrength": 3,
    "Manufacturer": "Siemens",
    "ManufacturersModelName": "TrioTim",
    "PhaseEncodingDirection": "j-",
    "ProcedureStepDescription": "CIC-Physics_func_battery_Jess",
    "ProtocolName": "Func_battery_Attention_TR=2s_Standard_E",
    "RepetitionTime": 2,
    "TaskName": "Eye Movemement Variant",
    "dataset": "ds001344",
    "modality": "bold",
    "session_id": "scan1",
    "subject_id": "013",
    "task_id": "eyemovement"
  },
  "dummy_trs": 1,
  "dvars_nstd": 22.49629313647059,
  "dvars_std": 1.076908391895425,
  "dvars_vstd": 0.9755120573856206,
  "efc": 0.5543857020200647,
  "fber": 2209.1572265625,
  "fd_mean": 0.08795298845486459,
  "fd_num": 3,
  "fd_perc": 1.948051948051948,
  "fwhm_avg": 1.555953333333333,
  "fwhm_x": 1.42957,
  "fwhm_y": 1.6888566666666665,
  "fwhm_z": 1.5494333333333332,
  "gcor": 0.0123546,
  "gsr_x": -0.0028946998063474894,
  "gsr_y": 0.030486544594168663,
  "provenance": {
    "md5sum": "9e2c956f495d750dd706616cc4e0d17f",
    "settings": {
      "fd_thres": 0.2,
      "testing": false
    },
    "software": "mriqc",
    "version": "22.0.1",
    "webapi_port": null,
    "webapi_url": "https://mriqc.nimh.nih.gov/api/v1"
  },
  "size_t": 154,
  "size_x": 64,
  "size_y": 64,
  "size_z": 36,
  "snr": 7.207202743212262,
  "spacing_tr": 2.0,
  "spacing_x": 3.0,
  "spacing_y": 3.0,
  "spacing_z": 3.0,
  "summary_bg_k": 47.258441512537665,
  "summary_bg_mad": 7.4755876417581195,
  "summary_bg_mean": 29.717266082763672,
  "summary_bg_median": 13.48051929473877,
  "summary_bg_n": 81592.0,
  "summary_bg_p05": 6.740259647369385,
  "summary_bg_p95": 104.04772834777826,
  "summary_bg_stdv": 54.25593948364258,
  "summary_fg_k": 2.9989249644392126,
  "summary_fg_mad": 78.13505532143616,
  "summary_fg_mean": 651.3184814453125,
  "summary_fg_median": 643.0130004882812,
  "summary_fg_n": 33413.0,
  "summary_fg_p05": 532.7116821289062,
  "summary_fg_p95": 801.7142944335938,
  "summary_fg_stdv": 89.2167739868164,
  "tsnr": 54.148289766162634
}