{
  "aor": 0.0008065161290322579,
  "aqi": 0.011195796516129033,
  "bids_meta": {
    "AcquisitionDateTime": "2017-03-23T10:41:16.875000",
    "ConversionSoftware": "dcm2niix",
    "ConversionSoftwareVersion": "v1.0.20170207",
    "EchoTime": 0.03,
    "EffectiveEchoSpacing": 0.000265001,
    "FlipAngle": 80,
    "ImageType": [
      "ORIGINAL",
      "PRIMARY",
      "M",
      "ND",
      "NORM",
      "MOSAIC"
    ],
    "MagneticFieldStrength": 3,
    "Manufacturer": "Siemens",
    "ManufacturersModelName": "TrioTim",
    "PhaseEncodingDirection": "j-",
    "ProcedureStepDescription": "CIC-Physics_func_battery_Jess",
    "ProtocolName": "Func_battery_Letters_TR=2s_Standard_EPI",
    "RepetitionTime": 2,
    "TaskName": "Working Memory Variant",
    "dataset": "ds001344",
    "modality": "bold",
    "session_id": "scan1",
    "subject_id": "014",
    "task_id": "workingmemory"
  },
  "dummy_trs": 0,
  "dvars_nstd": 21.969122007142857,
  "dvars_std": 1.0430332207142858,
  "dvars_vstd": 0.9811363644805196,
  "efc": 0.6035148726392877,
  "fber": 1424.2249755859375,
  "fd_mean": 0.04275691770472745,
  "fd_num": 0,
  "fd_perc": 0.0,
  "fwhm_avg": 1.606551111111111,
  "fwhm_x": 1.4853966666666667,
  "fwhm_y": 1.7114633333333333,
  "fwhm_z": 1.6227933333333333,
  "gcor": 0.00978407,
  "gsr_x": -0.0017929888563230634,
  "gsr_y": 0.031371358782052994,
  "provenance": {
    "md5sum": "2203c6dd4e329a375a40097f5e6319e7",
    "settings": {
      "fd_thres": 0.2,
      "testing": false
    },
    "software": "mriqc",
    "version": "22.0.1",
    "webapi_port": null,
    "webapi_url": "https://mriqc.nimh.nih.gov/api/v1"
  },
  "size_t": 155,
  "size_x": 64,
  "size_y": 64,
  "size_z": 36,
  "snr": 7.324708217469721,
  "spacing_tr": 2.0,
  "spacing_x": 3.0,
  "spacing_y": 3.0,
  "spacing_z": 3.0,
  "summary_bg_k": 19.918130588666617,
  "summary_bg_mad": 13.625593084705635,
  "summary_bg_mean": 36.09025955200195,
  "summary_bg_median": 18.119354248046875,
  "summary_bg_n": 72856.0,
  "summary_bg_p05": 5.638709545135498,
  "summary_bg_p95": 128.89838409423828,
  "summary_bg_stdv": 52.90514373779297,
  "summary_fg_k": 3.1199583844511096,
  "summary_fg_mad": 83.32226277818644,
  "summary_fg_mean": 718.301025390625,
  "summary_fg_median": 712.9935302734375,
  "summary_fg_n": 40227.0,
  "summary_fg_p05": 576.9877319335938,
  "summary_fg_p95": 872.8593444824218,
  "summary_fg_stdv": 97.33966827392578,
  "tsnr": 57.61569511378184
}