{
  "aor": 0.0019487662337662336,
  "aqi": 0.009443652337662338,
  "bids_meta": {
    "AcquisitionDateTime": "2017-03-06T16:28:4.703125",
    "ConversionSoftware": "dcm2niix",
    "ConversionSoftwareVersion": "v1.0.20170207",
    "EchoTime": 0.03,
    "EffectiveEchoSpacing": 0.000265001,
    "FlipAngle": 80,
    "ImageType": [
      "ORIGINAL",
      "PRIMARY",
      "M",
      "ND",
      "NORM",
      "MOSAIC"
    ],
    "MagneticFieldStrength": 3,
    "Manufacturer": "Siemens",
    "ManufacturersModelName": "TrioTim",
    "PhaseEncodingDirection": "j-",
    "ProcedureStepDescription": "CIC-Physics_func_battery_Jess",
    "ProtocolName": "Func_battery_Letters_TR=2s_Standard_EPI",
    "RepetitionTime": 2,
    "TaskName": "Working Memory Variant",
    "dataset": "ds001344",
    "modality": "bold",
    "session_id": "scan1",
    "subject_id": "003",
    "task_id": "workingmemory"
  },
  "dummy_trs": 1,
  "dvars_nstd": 23.48665800856208,
  "dvars_std": 1.0748509479738564,
  "dvars_vstd": 1.0133696411111106,
  "efc": 0.577077708275254,
  "fber": 1897.6331787109375,
  "fd_mean": 0.06130886019823952,
  "fd_num": 3,
  "fd_perc": 1.948051948051948,
  "fwhm_avg": 1.5359922222222222,
  "fwhm_x": 1.4419066666666664,
  "fwhm_y": 1.6416033333333333,
  "fwhm_z": 1.5244666666666669,
  "gcor": 0.0087231,
  "gsr_x": -0.0010119578801095486,
  "gsr_y": 0.029344961047172546,
  "provenance": {
    "md5sum": "77e22cce649cf14803b1daf79a6d8878",
    "settings": {
      "fd_thres": 0.2,
      "testing": false
    },
    "software": "mriqc",
    "version": "22.0.1",
    "webapi_port": null,
    "webapi_url": "https://mriqc.nimh.nih.gov/api/v1"
  },
  "size_t": 154,
  "size_x": 64,
  "size_y": 64,
  "size_z": 36,
  "snr": 6.142142406021581,
  "spacing_tr": 2.0,
  "spacing_x": 3.0,
  "spacing_y": 3.0,
  "spacing_z": 3.0,
  "summary_bg_k": 24.261495404995195,
  "summary_bg_mad": 7.547792983854005,
  "summary_bg_mean": 27.955062866210938,
  "summary_bg_median": 13.188311576843262,
  "summary_bg_n": 76835.0,
  "summary_bg_p05": 6.558441638946533,
  "summary_bg_p95": 100.04091110229494,
  "summary_bg_stdv": 42.81772994995117,
  "summary_fg_k": 1.8862152894967563,
  "summary_fg_mad": 91.73836503234376,
  "summary_fg_mean": 598.06396484375,
  "summary_fg_median": 588.6558227539062,
  "summary_fg_n": 36979.0,
  "summary_fg_p05": 472.3746704101562,
  "summary_fg_p95": 759.7889526367187,
  "summary_fg_stdv": 95.8375473022461,
  "tsnr": 55.622101075947285
}