{
  "aor": 0.0013914193548387097,
  "aqi": 0.01229749064516129,
  "bids_meta": {
    "AcquisitionDateTime": "2017-03-09T13:13:40.187500",
    "ConversionSoftware": "dcm2niix",
    "ConversionSoftwareVersion": "v1.0.20170207",
    "EchoTime": 0.03,
    "EffectiveEchoSpacing": 0.000265001,
    "FlipAngle": 80,
    "ImageType": [
      "ORIGINAL",
      "PRIMARY",
      "M",
      "ND",
      "NORM",
      "MOSAIC"
    ],
    "MagneticFieldStrength": 3,
    "Manufacturer": "Siemens",
    "ManufacturersModelName": "TrioTim",
    "PhaseEncodingDirection": "j-",
    "ProcedureStepDescription": "CIC-Physics_func_battery_Jess",
    "ProtocolName": "Func_battery_Attention_TR=2s_Standard_E",
    "RepetitionTime": 2,
    "TaskName": "Eye Movemement Variant",
    "dataset": "ds001344",
    "modality": "bold",
    "session_id": "scan1",
    "subject_id": "009",
    "task_id": "eyemovement"
  },
  "dummy_trs": 0,
  "dvars_nstd": 28.36962211896103,
  "dvars_std": 1.188391617662338,
  "dvars_vstd": 1.011812546883116,
  "efc": 0.5930081725534877,
  "fber": 1763.798095703125,
  "fd_mean": 0.13511347947986055,
  "fd_num": 18,
  "fd_perc": 11.612903225806452,
  "fwhm_avg": 1.545287777777778,
  "fwhm_x": 1.39783,
  "fwhm_y": 1.7289700000000001,
  "fwhm_z": 1.5090633333333334,
  "gcor": 0.0223037,
  "gsr_x": -0.000648925662972033,
  "gsr_y": 0.03271060064435005,
  "provenance": {
    "md5sum": "745c2cad932412d557531070e27c9223",
    "settings": {
      "fd_thres": 0.2,
      "testing": false
    },
    "software": "mriqc",
    "version": "22.0.1",
    "webapi_port": null,
    "webapi_url": "https://mriqc.nimh.nih.gov/api/v1"
  },
  "size_t": 155,
  "size_x": 64,
  "size_y": 64,
  "size_z": 36,
  "snr": 7.510433722770768,
  "spacing_tr": 2.0,
  "spacing_x": 3.0,
  "spacing_y": 3.0,
  "spacing_z": 3.0,
  "summary_bg_k": 26.42703544605155,
  "summary_bg_mad": 7.93909524899399,
  "summary_bg_mean": 28.170093536376953,
  "summary_bg_median": 13.251612663269043,
  "summary_bg_n": 74891.0,
  "summary_bg_p05": 6.316128730773926,
  "summary_bg_p95": 94.85806274414062,
  "summary_bg_stdv": 45.08716583251953,
  "summary_fg_k": 3.6788012344087857,
  "summary_fg_mad": 68.34322055214574,
  "summary_fg_mean": 570.5543212890625,
  "summary_fg_median": 568.0709838867188,
  "summary_fg_n": 39015.0,
  "summary_fg_p05": 465.8870819091797,
  "summary_fg_p95": 688.9741821289062,
  "summary_fg_stdv": 75.63660430908203,
  "tsnr": 56.17830716818571
}