{
  "bids_meta": {
    "AcquisitionDateTime": "2017-03-30T12:46:58.429688",
    "ConversionSoftware": "dcm2niix",
    "ConversionSoftwareVersion": "v1.0.20170207",
    "EchoTime": 0.00298,
    "FlipAngle": 9,
    "ImageType": [
      "ORIGINAL",
      "PRIMARY",
      "M",
      "NORM",
      "DIS2D"
    ],
    "MagneticFieldStrength": 3,
    "Manufacturer": "Siemens",
    "ManufacturersModelName": "TrioTim",
    "PhaseEncodingDirection": "i-",
    "ProcedureStepDescription": "CIC-Physics_func_battery_Jess",
    "ProtocolName": "MPRAGE_ADNI_P2",
    "RepetitionTime": 2.3,
    "dataset": "ds001344",
    "modality": "T1w",
    "session_id": "scan1",
    "subject_id": "019"
  },
  "cjv": 0.30052355671528147,
  "cnr": 4.360470610509298,
  "efc": 0.48744601790582787,
  "fber": -1.0,
  "fwhm_avg": 4.001953333333334,
  "fwhm_x": 3.99171,
  "fwhm_y": 4.24999,
  "fwhm_z": 3.76416,
  "icvs_csf": 0.2322453288303521,
  "icvs_gm": 0.45309389244431547,
  "icvs_wm": 0.3146607787253325,
  "inu_med": 0.5607665777206421,
  "inu_range": 0.22117683887481698,
  "provenance": {
    "md5sum": "ab21fc6f5ffc7a6958414e4292fecb42",
    "settings": {
      "testing": false
    },
    "software": "mriqc",
    "version": "22.0.1",
    "warnings": {
      "large_rot_frame": true,
      "small_air_mask": false
    },
    "webapi_port": null,
    "webapi_url": "https://mriqc.nimh.nih.gov/api/v1"
  },
  "qi_1": 0.0,
  "qi_2": 0.018243253534218042,
  "rpve_csf": 19.585765206069567,
  "rpve_gm": 10.448081326247404,
  "rpve_wm": 17.059271648176498,
  "size_x": 160,
  "size_y": 240,
  "size_z": 256,
  "snr_csf": 1.5290281110728274,
  "snr_gm": 9.341992145939011,
  "snr_total": 11.443611945600566,
  "snr_wm": 23.45981557978986,
  "snrd_csf": 24.617757785175197,
  "snrd_gm": 90.01033977377774,
  "snrd_total": 84.6956001615463,
  "snrd_wm": 139.45870292568597,
  "spacing_x": 1.0,
  "spacing_y": 1.0,
  "spacing_z": 1.0,
  "summary_bg_k": 18.01516998207742,
  "summary_bg_mad": 0.0,
  "summary_bg_mean": 2.13209534548724,
  "summary_bg_median": 0.0,
  "summary_bg_n": 3054621.0,
  "summary_bg_p05": 0.0,
  "summary_bg_p95": 11.828367784619331,
  "summary_bg_stdv": 4.697709177058767,
  "summary_csf_k": 0.4008900286855108,
  "summary_csf_mad": 104.14060922440775,
  "summary_csf_mean": 199.9329166922989,
  "summary_csf_median": 176.5236470848322,
  "summary_csf_n": 45523.0,
  "summary_csf_p05": 54.046275205910206,
  "summary_csf_p95": 431.5064879879356,
  "summary_csf_stdv": 115.44699993128657,
  "summary_gm_k": 0.11817735201150192,
  "summary_gm_mad": 67.11283705572944,
  "summary_gm_mean": 642.934940591823,
  "summary_gm_median": 645.4265084117651,
  "summary_gm_n": 49222.0,
  "summary_gm_p05": 522.9456678032875,
  "summary_gm_p95": 752.7490008622408,
  "summary_gm_stdv": 69.08804268029891,
  "summary_wm_k": 0.9960909231634463,
  "summary_wm_mad": 39.44486285191148,
  "summary_wm_mean": 999.3164196694254,
  "summary_wm_median": 1000.0000435858965,
  "summary_wm_n": 178481.0,
  "summary_wm_p05": 929.9663938581944,
  "summary_wm_p95": 1067.2933969646692,
  "summary_wm_stdv": 42.62596348049252,
  "tpm_overlap_csf": 0.14031981708724323,
  "tpm_overlap_gm": 0.4706683861546612,
  "tpm_overlap_wm": 0.4849414842435534,
  "wm2max": 0.5485073916931449
}