{
  "aor": 0.003647806451612903,
  "aqi": 0.011908130774193549,
  "bids_meta": {
    "AcquisitionDateTime": "2017-03-20T14:45:39.031250",
    "ConversionSoftware": "dcm2niix",
    "ConversionSoftwareVersion": "v1.0.20170207",
    "EchoTime": 0.03,
    "EffectiveEchoSpacing": 0.000265001,
    "FlipAngle": 80,
    "ImageType": [
      "ORIGINAL",
      "PRIMARY",
      "M",
      "ND",
      "NORM",
      "MOSAIC"
    ],
    "MagneticFieldStrength": 3,
    "Manufacturer": "Siemens",
    "ManufacturersModelName": "TrioTim",
    "PhaseEncodingDirection": "j-",
    "ProcedureStepDescription": "CIC-Physics_func_battery_Jess",
    "ProtocolName": "Func_battery_Letters_TR=2s_Standard_EPI",
    "RepetitionTime": 2,
    "TaskName": "Working Memory Variant",
    "dataset": "ds001344",
    "modality": "bold",
    "session_id": "scan2",
    "subject_id": "004",
    "task_id": "workingmemory"
  },
  "dummy_trs": 0,
  "dvars_nstd": 27.59015274064937,
  "dvars_std": 1.073338857792208,
  "dvars_vstd": 1.0052898816883116,
  "efc": 0.5809200932656505,
  "fber": 1729.3851318359375,
  "fd_mean": 0.23454580202430317,
  "fd_num": 57,
  "fd_perc": 36.774193548387096,
  "fwhm_avg": 1.6608266666666667,
  "fwhm_x": 1.5644866666666666,
  "fwhm_y": 1.7441633333333335,
  "fwhm_z": 1.67383,
  "gcor": 0.0130757,
  "gsr_x": 0.004816576838493347,
  "gsr_y": 0.01972431130707264,
  "provenance": {
    "md5sum": "97f446b1bbf2b2ed17714a873529d0bc",
    "settings": {
      "fd_thres": 0.2,
      "testing": false
    },
    "software": "mriqc",
    "version": "22.0.1",
    "webapi_port": null,
    "webapi_url": "https://mriqc.nimh.nih.gov/api/v1"
  },
  "size_t": 155,
  "size_x": 64,
  "size_y": 64,
  "size_z": 36,
  "snr": 6.153619592758349,
  "spacing_tr": 2.0,
  "spacing_x": 3.0,
  "spacing_y": 3.0,
  "spacing_z": 3.0,
  "summary_bg_k": 20.159913453252706,
  "summary_bg_mad": 9.096482514098632,
  "summary_bg_mean": 29.928844451904297,
  "summary_bg_median": 13.787096977233887,
  "summary_bg_n": 76743.0,
  "summary_bg_p05": 5.44516134262085,
  "summary_bg_p95": 112.52128524780267,
  "summary_bg_stdv": 49.090370178222656,
  "summary_fg_k": 2.27301804946352,
  "summary_fg_mad": 84.15441670893458,
  "summary_fg_mean": 601.36572265625,
  "summary_fg_median": 591.6322631835938,
  "summary_fg_n": 37317.0,
  "summary_fg_p05": 471.8283752441406,
  "summary_fg_p95": 765.3432006835936,
  "summary_fg_stdv": 96.14249420166016,
  "tsnr": 48.71726444363594
}