{
  "aor": 0.002843548387096774,
  "aqi": 0.015956241677419353,
  "bids_meta": {
    "AcquisitionDateTime": "2017-03-20T14:39:39.125000",
    "ConversionSoftware": "dcm2niix",
    "ConversionSoftwareVersion": "v1.0.20170207",
    "EchoTime": 0.03,
    "EffectiveEchoSpacing": 0.000265001,
    "FlipAngle": 80,
    "ImageType": [
      "ORIGINAL",
      "PRIMARY",
      "M",
      "ND",
      "NORM",
      "MOSAIC"
    ],
    "MagneticFieldStrength": 3,
    "Manufacturer": "Siemens",
    "ManufacturersModelName": "TrioTim",
    "PhaseEncodingDirection": "j-",
    "ProcedureStepDescription": "CIC-Physics_func_battery_Jess",
    "ProtocolName": "Func_battery_Attention_TR=2s_Standard_E",
    "RepetitionTime": 2,
    "TaskName": "Eye Movemement Variant",
    "dataset": "ds001344",
    "modality": "bold",
    "session_id": "scan2",
    "subject_id": "004",
    "task_id": "eyemovement"
  },
  "dummy_trs": 0,
  "dvars_nstd": 28.092638858116892,
  "dvars_std": 1.0521746659090907,
  "dvars_vstd": 0.9890466137662335,
  "efc": 0.5809773609673121,
  "fber": 1758.3248291015625,
  "fd_mean": 0.24772857744489327,
  "fd_num": 55,
  "fd_perc": 35.483870967741936,
  "fwhm_avg": 1.6520422222222224,
  "fwhm_x": 1.5653333333333332,
  "fwhm_y": 1.7364600000000001,
  "fwhm_z": 1.6543333333333334,
  "gcor": 0.00961405,
  "gsr_x": 0.004528027027845383,
  "gsr_y": 0.02080809511244297,
  "provenance": {
    "md5sum": "3ef37050b00b4da91d88bece53053e4c",
    "settings": {
      "fd_thres": 0.2,
      "testing": false
    },
    "software": "mriqc",
    "version": "22.0.1",
    "webapi_port": null,
    "webapi_url": "https://mriqc.nimh.nih.gov/api/v1"
  },
  "size_t": 155,
  "size_x": 64,
  "size_y": 64,
  "size_z": 36,
  "snr": 6.160207625942954,
  "spacing_tr": 2.0,
  "spacing_x": 3.0,
  "spacing_y": 3.0,
  "spacing_z": 3.0,
  "summary_bg_k": 20.880842305483263,
  "summary_bg_mad": 8.876482978071213,
  "summary_bg_mean": 29.4013729095459,
  "summary_bg_median": 13.658063888549805,
  "summary_bg_n": 76586.0,
  "summary_bg_p05": 5.400000095367432,
  "summary_bg_p95": 108.7193546295166,
  "summary_bg_stdv": 47.86407470703125,
  "summary_fg_k": 2.162876162612098,
  "summary_fg_mad": 83.56133962518912,
  "summary_fg_mean": 601.41162109375,
  "summary_fg_median": 590.7548217773438,
  "summary_fg_n": 37321.0,
  "summary_fg_p05": 472.5741882324219,
  "summary_fg_p95": 765.9483642578125,
  "summary_fg_stdv": 95.8972396850586,
  "tsnr": 45.387495764298365
}