{
  "aor": 0.0009935714285714285,
  "aqi": 0.007139488181818183,
  "bids_meta": {
    "AcquisitionDateTime": "2017-03-06T16:22:15.125000",
    "ConversionSoftware": "dcm2niix",
    "ConversionSoftwareVersion": "v1.0.20170207",
    "EchoTime": 0.03,
    "EffectiveEchoSpacing": 0.000265001,
    "FlipAngle": 80,
    "ImageType": [
      "ORIGINAL",
      "PRIMARY",
      "M",
      "ND",
      "NORM",
      "MOSAIC"
    ],
    "MagneticFieldStrength": 3,
    "Manufacturer": "Siemens",
    "ManufacturersModelName": "TrioTim",
    "PhaseEncodingDirection": "j-",
    "ProcedureStepDescription": "CIC-Physics_func_battery_Jess",
    "ProtocolName": "Func_battery_Attention_TR=2s_Standard_E",
    "RepetitionTime": 2,
    "TaskName": "Eye Movemement Variant",
    "dataset": "ds001344",
    "modality": "bold",
    "session_id": "scan1",
    "subject_id": "003",
    "task_id": "eyemovement"
  },
  "dummy_trs": 1,
  "dvars_nstd": 23.414739883267956,
  "dvars_std": 1.0822294297385617,
  "dvars_vstd": 1.0163410212418291,
  "efc": 0.5768531248631411,
  "fber": 1874.058837890625,
  "fd_mean": 0.044611114541649566,
  "fd_num": 0,
  "fd_perc": 0.0,
  "fwhm_avg": 1.5349277777777777,
  "fwhm_x": 1.4425333333333334,
  "fwhm_y": 1.6402666666666665,
  "fwhm_z": 1.5219833333333332,
  "gcor": 0.00644297,
  "gsr_x": -0.0017995791276916862,
  "gsr_y": 0.02976788580417633,
  "provenance": {
    "md5sum": "078cafe71c07c9c5ee36d3b5175b9ea7",
    "settings": {
      "fd_thres": 0.2,
      "testing": false
    },
    "software": "mriqc",
    "version": "22.0.1",
    "webapi_port": null,
    "webapi_url": "https://mriqc.nimh.nih.gov/api/v1"
  },
  "size_t": 154,
  "size_x": 64,
  "size_y": 64,
  "size_z": 36,
  "snr": 6.13575772389075,
  "spacing_tr": 2.0,
  "spacing_x": 3.0,
  "spacing_y": 3.0,
  "spacing_z": 3.0,
  "summary_bg_k": 24.107115460347803,
  "summary_bg_mad": 7.470775366204718,
  "summary_bg_mean": 27.700044631958008,
  "summary_bg_median": 13.168830871582031,
  "summary_bg_n": 76853.0,
  "summary_bg_p05": 6.564935207366943,
  "summary_bg_p95": 99.2519470214843,
  "summary_bg_stdv": 42.326786041259766,
  "summary_fg_k": 1.93213168998758,
  "summary_fg_mad": 91.04529555043858,
  "summary_fg_mean": 594.8071899414062,
  "summary_fg_median": 586.032470703125,
  "summary_fg_n": 36985.0,
  "summary_fg_p05": 469.98052978515625,
  "summary_fg_p95": 755.9779296874999,
  "summary_fg_stdv": 95.50972747802734,
  "tsnr": 60.48835278023034
}