{
  "aor": 0.0009264935064935066,
  "aqi": 0.00814467577922078,
  "bids_meta": {
    "AcquisitionDateTime": "2017-03-06T15:22:16.046875",
    "ConversionSoftware": "dcm2niix",
    "ConversionSoftwareVersion": "v1.0.20170207",
    "EchoTime": 0.03,
    "EffectiveEchoSpacing": 0.000265001,
    "FlipAngle": 80,
    "ImageType": [
      "ORIGINAL",
      "PRIMARY",
      "M",
      "ND",
      "NORM",
      "MOSAIC"
    ],
    "MagneticFieldStrength": 3,
    "Manufacturer": "Siemens",
    "ManufacturersModelName": "TrioTim",
    "PhaseEncodingDirection": "j-",
    "ProcedureStepDescription": "CIC-Physics_func_battery_Jess",
    "ProtocolName": "Func_battery_Attention_TR=2s_Standard_E",
    "RepetitionTime": 2,
    "TaskName": "Eye Movemement Variant",
    "dataset": "ds001344",
    "modality": "bold",
    "session_id": "scan1",
    "subject_id": "001",
    "task_id": "eyemovement"
  },
  "dummy_trs": 1,
  "dvars_nstd": 23.059853597254904,
  "dvars_std": 1.0586568822222229,
  "dvars_vstd": 1.0157705662091498,
  "efc": 0.589024007264388,
  "fber": 1619.537109375,
  "fd_mean": 0.09638882809125572,
  "fd_num": 9,
  "fd_perc": 5.8441558441558445,
  "fwhm_avg": 1.5678044444444446,
  "fwhm_x": 1.4625166666666667,
  "fwhm_y": 1.6426033333333334,
  "fwhm_z": 1.5982933333333333,
  "gcor": 0.00978252,
  "gsr_x": 0.006869101896882057,
  "gsr_y": 0.02174251899123192,
  "provenance": {
    "md5sum": "830d87eca89fd49922328dc91ea032d5",
    "settings": {
      "fd_thres": 0.2,
      "testing": false
    },
    "software": "mriqc",
    "version": "22.0.1",
    "webapi_port": null,
    "webapi_url": "https://mriqc.nimh.nih.gov/api/v1"
  },
  "size_t": 154,
  "size_x": 64,
  "size_y": 64,
  "size_z": 36,
  "snr": 6.9285118048897925,
  "spacing_tr": 2.0,
  "spacing_x": 3.0,
  "spacing_y": 3.0,
  "spacing_z": 3.0,
  "summary_bg_k": 36.740299505211304,
  "summary_bg_mad": 8.394994554554275,
  "summary_bg_mean": 27.435405731201172,
  "summary_bg_median": 13.305194854736328,
  "summary_bg_n": 74968.0,
  "summary_bg_p05": 5.753246784210205,
  "summary_bg_p95": 94.37435264587398,
  "summary_bg_stdv": 44.359405517578125,
  "summary_fg_k": 2.4779605643586544,
  "summary_fg_mad": 79.08810503855658,
  "summary_fg_mean": 556.9144897460938,
  "summary_fg_median": 554.0260009765625,
  "summary_fg_n": 38241.0,
  "summary_fg_p05": 445.55194091796875,
  "summary_fg_p95": 681.8311767578125,
  "summary_fg_stdv": 79.962158203125,
  "tsnr": 58.87412379635498
}