{
  "aor": 0.0017029032258064516,
  "aqi": 0.013595412516129033,
  "bids_meta": {
    "AcquisitionDateTime": "2017-03-06T15:28:15.750000",
    "ConversionSoftware": "dcm2niix",
    "ConversionSoftwareVersion": "v1.0.20170207",
    "EchoTime": 0.03,
    "EffectiveEchoSpacing": 0.000265001,
    "FlipAngle": 80,
    "ImageType": [
      "ORIGINAL",
      "PRIMARY",
      "M",
      "ND",
      "NORM",
      "MOSAIC"
    ],
    "MagneticFieldStrength": 3,
    "Manufacturer": "Siemens",
    "ManufacturersModelName": "TrioTim",
    "PhaseEncodingDirection": "j-",
    "ProcedureStepDescription": "CIC-Physics_func_battery_Jess",
    "ProtocolName": "Func_battery_Letters_TR=2s_Standard_EPI",
    "RepetitionTime": 2,
    "TaskName": "Eye Movemement Variant",
    "dataset": "ds001344",
    "modality": "bold",
    "session_id": "scan1",
    "subject_id": "001",
    "task_id": "workingmemory"
  },
  "dummy_trs": 0,
  "dvars_nstd": 23.284752065324668,
  "dvars_std": 1.0228527288311686,
  "dvars_vstd": 0.9877925486363639,
  "efc": 0.590036181838437,
  "fber": 1593.4742431640625,
  "fd_mean": 0.13290297431859363,
  "fd_num": 21,
  "fd_perc": 13.548387096774194,
  "fwhm_avg": 1.5715966666666665,
  "fwhm_x": 1.4599666666666666,
  "fwhm_y": 1.6533300000000002,
  "fwhm_z": 1.6014933333333332,
  "gcor": 0.0101041,
  "gsr_x": 0.00464827474206686,
  "gsr_y": 0.0235741063952446,
  "provenance": {
    "md5sum": "ba39e9aa555729a6b7f8d9b2c1885357",
    "settings": {
      "fd_thres": 0.2,
      "testing": false
    },
    "software": "mriqc",
    "version": "22.0.1",
    "webapi_port": null,
    "webapi_url": "https://mriqc.nimh.nih.gov/api/v1"
  },
  "size_t": 155,
  "size_x": 64,
  "size_y": 64,
  "size_z": 36,
  "snr": 6.945816397407101,
  "spacing_tr": 2.0,
  "spacing_x": 3.0,
  "spacing_y": 3.0,
  "spacing_z": 3.0,
  "summary_bg_k": 35.555005519016845,
  "summary_bg_mad": 8.723439607412189,
  "summary_bg_mean": 27.58428955078125,
  "summary_bg_median": 13.393548011779785,
  "summary_bg_n": 74913.0,
  "summary_bg_p05": 5.63225793838501,
  "summary_bg_p95": 96.06709594726559,
  "summary_bg_stdv": 43.525726318359375,
  "summary_fg_k": 2.332424566807262,
  "summary_fg_mad": 78.49186077477891,
  "summary_fg_mean": 555.9012451171875,
  "summary_fg_median": 552.7935180664062,
  "summary_fg_n": 38235.0,
  "summary_fg_p05": 445.1541748046875,
  "summary_fg_p95": 680.7103271484373,
  "summary_fg_stdv": 79.58550262451172,
  "tsnr": 50.91262243920937
}