{
  "aor": 0.0013618709677419355,
  "aqi": 0.007716730580645161,
  "bids_meta": {
    "AcquisitionDateTime": "2017-04-04T11:58:9.421875",
    "ConversionSoftware": "dcm2niix",
    "ConversionSoftwareVersion": "v1.0.20170207",
    "EchoTime": 0.03,
    "EffectiveEchoSpacing": 0.000265001,
    "FlipAngle": 80,
    "ImageType": [
      "ORIGINAL",
      "PRIMARY",
      "M",
      "ND",
      "NORM",
      "MOSAIC"
    ],
    "MagneticFieldStrength": 3,
    "Manufacturer": "Siemens",
    "ManufacturersModelName": "TrioTim",
    "PhaseEncodingDirection": "j-",
    "ProcedureStepDescription": "CIC-Physics_func_battery_Jess",
    "ProtocolName": "Func_battery_Attention_TR=2s_Standard_E",
    "RepetitionTime": 2,
    "TaskName": "Eye Movemement Variant",
    "dataset": "ds001344",
    "modality": "bold",
    "session_id": "scan2",
    "subject_id": "019",
    "task_id": "eyemovement"
  },
  "dummy_trs": 0,
  "dvars_nstd": 27.94261605389609,
  "dvars_std": 1.2200010088311697,
  "dvars_vstd": 0.9975622311038962,
  "efc": 0.5805683135870675,
  "fber": 1921.0252685546875,
  "fd_mean": 0.07918372010224783,
  "fd_num": 3,
  "fd_perc": 1.935483870967742,
  "fwhm_avg": 1.5776733333333333,
  "fwhm_x": 1.4500266666666668,
  "fwhm_y": 1.6780666666666668,
  "fwhm_z": 1.6049266666666666,
  "gcor": 0.0136364,
  "gsr_x": 0.0002655738207977265,
  "gsr_y": 0.03070814348757267,
  "provenance": {
    "md5sum": "4f75520776f08713dfc692b4d06d38dd",
    "settings": {
      "fd_thres": 0.2,
      "testing": false
    },
    "software": "mriqc",
    "version": "22.0.1",
    "webapi_port": null,
    "webapi_url": "https://mriqc.nimh.nih.gov/api/v1"
  },
  "size_t": 155,
  "size_x": 64,
  "size_y": 64,
  "size_z": 36,
  "snr": 6.693359672544823,
  "spacing_tr": 2.0,
  "spacing_x": 3.0,
  "spacing_y": 3.0,
  "spacing_z": 3.0,
  "summary_bg_k": 25.045399924707024,
  "summary_bg_mad": 9.899955791559574,
  "summary_bg_mean": 33.967777252197266,
  "summary_bg_median": 15.470967292785645,
  "summary_bg_n": 76439.0,
  "summary_bg_p05": 6.129032135009766,
  "summary_bg_p95": 122.00838241577132,
  "summary_bg_stdv": 56.99703598022461,
  "summary_fg_k": 1.3918715877150714,
  "summary_fg_mad": 104.25080744930086,
  "summary_fg_mean": 696.0935668945312,
  "summary_fg_median": 690.6064453125,
  "summary_fg_n": 37595.0,
  "summary_fg_p05": 550.7141845703125,
  "summary_fg_p95": 861.90966796875,
  "summary_fg_stdv": 103.17647552490234,
  "tsnr": 62.29032184649259
}