{
  "aor": 0.003301096774193549,
  "aqi": 0.009749902903225808,
  "bids_meta": {
    "AcquisitionDateTime": "2017-04-04T12:04:4.773438",
    "ConversionSoftware": "dcm2niix",
    "ConversionSoftwareVersion": "v1.0.20170207",
    "EchoTime": 0.03,
    "EffectiveEchoSpacing": 0.000265001,
    "FlipAngle": 80,
    "ImageType": [
      "ORIGINAL",
      "PRIMARY",
      "M",
      "ND",
      "NORM",
      "MOSAIC"
    ],
    "MagneticFieldStrength": 3,
    "Manufacturer": "Siemens",
    "ManufacturersModelName": "TrioTim",
    "PhaseEncodingDirection": "j-",
    "ProcedureStepDescription": "CIC-Physics_func_battery_Jess",
    "ProtocolName": "Func_battery_Letters_TR=2s_Standard_EPI",
    "RepetitionTime": 2,
    "TaskName": "Working Memory Variant",
    "dataset": "ds001344",
    "modality": "bold",
    "session_id": "scan2",
    "subject_id": "019",
    "task_id": "workingmemory"
  },
  "dummy_trs": 0,
  "dvars_nstd": 27.9865265635065,
  "dvars_std": 1.2052818523376625,
  "dvars_vstd": 1.0001830763636357,
  "efc": 0.5810410926539559,
  "fber": 1881.40380859375,
  "fd_mean": 0.0942186675628258,
  "fd_num": 6,
  "fd_perc": 3.870967741935484,
  "fwhm_avg": 1.5791666666666666,
  "fwhm_x": 1.4579266666666666,
  "fwhm_y": 1.6854466666666665,
  "fwhm_z": 1.5941266666666667,
  "gcor": 0.0138403,
  "gsr_x": 0.00039386123535223305,
  "gsr_y": 0.031087519600987434,
  "provenance": {
    "md5sum": "557a3689ebd7121aaa9a9b1a3cdfe979",
    "settings": {
      "fd_thres": 0.2,
      "testing": false
    },
    "software": "mriqc",
    "version": "22.0.1",
    "webapi_port": null,
    "webapi_url": "https://mriqc.nimh.nih.gov/api/v1"
  },
  "size_t": 155,
  "size_x": 64,
  "size_y": 64,
  "size_z": 36,
  "snr": 6.706412521216522,
  "spacing_tr": 2.0,
  "spacing_x": 3.0,
  "spacing_y": 3.0,
  "spacing_z": 3.0,
  "summary_bg_k": 24.796951828538962,
  "summary_bg_mad": 10.014737789333969,
  "summary_bg_mean": 34.66961669921875,
  "summary_bg_median": 15.664515495300293,
  "summary_bg_n": 76569.0,
  "summary_bg_p05": 6.380645275115967,
  "summary_bg_p95": 123.45805969238253,
  "summary_bg_stdv": 58.39146041870117,
  "summary_fg_k": 1.4490433498813697,
  "summary_fg_mad": 104.45169715420091,
  "summary_fg_mean": 697.5977172851562,
  "summary_fg_median": 692.4967651367188,
  "summary_fg_n": 37543.0,
  "summary_fg_p05": 552.1303161621094,
  "summary_fg_p95": 863.61162109375,
  "summary_fg_stdv": 103.25752258300781,
  "tsnr": 56.665729992091656
}