{
  "bids_meta": {
    "AcquisitionDateTime": "2017-03-23T10:32:59.406250",
    "ConversionSoftware": "dcm2niix",
    "ConversionSoftwareVersion": "v1.0.20170207",
    "EchoTime": 0.00298,
    "FlipAngle": 9,
    "ImageType": [
      "ORIGINAL",
      "PRIMARY",
      "M",
      "NORM",
      "DIS2D"
    ],
    "MagneticFieldStrength": 3,
    "Manufacturer": "Siemens",
    "ManufacturersModelName": "TrioTim",
    "PhaseEncodingDirection": "i-",
    "ProcedureStepDescription": "CIC-Physics_func_battery_Jess",
    "ProtocolName": "MPRAGE_ADNI_P2",
    "RepetitionTime": 2.3,
    "dataset": "ds001344",
    "modality": "T1w",
    "session_id": "scan1",
    "subject_id": "014"
  },
  "cjv": 0.31889567403289787,
  "cnr": 4.136924395118133,
  "efc": 0.5357006961189543,
  "fber": 9527.724377991377,
  "fwhm_avg": 3.797842318038556,
  "fwhm_x": 3.8422967183673644,
  "fwhm_y": 3.955200235748305,
  "fwhm_z": 3.59603,
  "icvs_csf": 0.22562370443820898,
  "icvs_gm": 0.43338216223591725,
  "icvs_wm": 0.3409941333258738,
  "inu_med": 0.6007713079452515,
  "inu_range": 0.2245892167091369,
  "provenance": {
    "md5sum": "f8d177962b33683e7e6c2f900670015a",
    "settings": {
      "testing": false
    },
    "software": "mriqc",
    "version": "22.0.1",
    "warnings": {
      "large_rot_frame": true,
      "small_air_mask": false
    },
    "webapi_port": null,
    "webapi_url": "https://mriqc.nimh.nih.gov/api/v1"
  },
  "qi_1": 0.0,
  "qi_2": 0.020412861123262783,
  "rpve_csf": 19.121979491927007,
  "rpve_gm": 10.044003208318355,
  "rpve_wm": 14.517103283937747,
  "size_x": 160,
  "size_y": 240,
  "size_z": 256,
  "snr_csf": 1.6488733638502784,
  "snr_gm": 10.239937550029616,
  "snr_total": 11.22426855494775,
  "snr_wm": 21.78399475096336,
  "snrd_csf": 24.91873303347758,
  "snrd_gm": 77.0693304368737,
  "snrd_total": 72.40301354171574,
  "snrd_wm": 115.22097715479596,
  "spacing_x": 0.9999956488609314,
  "spacing_y": 0.9999999403953552,
  "spacing_z": 1.0,
  "summary_bg_k": 9.967677944090696,
  "summary_bg_mad": 0.0,
  "summary_bg_mean": 3.3738235021841767,
  "summary_bg_median": 0.0,
  "summary_bg_n": 2007660.0,
  "summary_bg_p05": 0.0,
  "summary_bg_p95": 14.20997778698802,
  "summary_bg_stdv": 5.686159788050996,
  "summary_csf_k": -0.03480031194094391,
  "summary_csf_mad": 134.331032030946,
  "summary_csf_mean": 238.24256691717366,
  "summary_csf_median": 216.27846925333142,
  "summary_csf_n": 57574.0,
  "summary_csf_p05": 61.83730394765735,
  "summary_csf_p95": 480.40371539462336,
  "summary_csf_stdv": 131.16628342825123,
  "summary_gm_k": 0.3188503437489931,
  "summary_gm_mad": 62.816669654758925,
  "summary_gm_mean": 668.1959764530749,
  "summary_gm_median": 668.9118901379406,
  "summary_gm_n": 33314.0,
  "summary_gm_p05": 559.8818159252405,
  "summary_gm_p95": 773.6116148507222,
  "summary_gm_stdv": 65.32284472373586,
  "summary_wm_k": 0.7474438024417029,
  "summary_wm_mad": 42.77976271872813,
  "summary_wm_mean": 999.0361323125522,
  "summary_wm_median": 1000.0434826053679,
  "summary_wm_n": 199526.0,
  "summary_wm_p05": 922.7359887734056,
  "summary_wm_p95": 1072.0493945106864,
  "summary_wm_stdv": 45.9071436615161,
  "tpm_overlap_csf": 0.16225060665819704,
  "tpm_overlap_gm": 0.48927117197323494,
  "tpm_overlap_wm": 0.5199629793330969,
  "wm2max": 0.4380591616857654
}