{
  "aor": 0.0005446451612903225,
  "aqi": 0.009535225483870969,
  "bids_meta": {
    "AcquisitionDateTime": "2017-04-04T12:26:16.656250",
    "ConversionSoftware": "dcm2niix",
    "ConversionSoftwareVersion": "v1.0.20170207",
    "EchoTime": 0.03,
    "EffectiveEchoSpacing": 0.000265001,
    "FlipAngle": 80,
    "ImageType": [
      "ORIGINAL",
      "PRIMARY",
      "M",
      "ND",
      "NORM",
      "MOSAIC"
    ],
    "MagneticFieldStrength": 3,
    "Manufacturer": "Siemens",
    "ManufacturersModelName": "TrioTim",
    "PhaseEncodingDirection": "j-",
    "ProcedureStepDescription": "CIC-Physics_func_battery_Jess",
    "ProtocolName": "Func_battery_Attention_TR=2s_Standard_E",
    "RepetitionTime": 2,
    "TaskName": "Eye Movemement Variant",
    "dataset": "ds001344",
    "modality": "bold",
    "session_id": "scan2",
    "subject_id": "018",
    "task_id": "eyemovement"
  },
  "dummy_trs": 0,
  "dvars_nstd": 25.705240323961046,
  "dvars_std": 1.111107001753247,
  "dvars_vstd": 0.9879969438961039,
  "efc": 0.5851225382459712,
  "fber": 1430.6959228515625,
  "fd_mean": 0.09535024438071055,
  "fd_num": 2,
  "fd_perc": 1.2903225806451613,
  "fwhm_avg": 1.5881933333333331,
  "fwhm_x": 1.47485,
  "fwhm_y": 1.6626933333333334,
  "fwhm_z": 1.6270366666666665,
  "gcor": 0.0156299,
  "gsr_x": 0.003957308828830719,
  "gsr_y": 0.033590298146009445,
  "provenance": {
    "md5sum": "89016f7a7ecb70067b8c34dba72b031c",
    "settings": {
      "fd_thres": 0.2,
      "testing": false
    },
    "software": "mriqc",
    "version": "22.0.1",
    "webapi_port": null,
    "webapi_url": "https://mriqc.nimh.nih.gov/api/v1"
  },
  "size_t": 155,
  "size_x": 64,
  "size_y": 64,
  "size_z": 36,
  "snr": 7.24248655920488,
  "spacing_tr": 2.0,
  "spacing_x": 3.0,
  "spacing_y": 3.0,
  "spacing_z": 3.0,
  "summary_bg_k": 30.185357954705132,
  "summary_bg_mad": 11.449514175433574,
  "summary_bg_mean": 39.01124572753906,
  "summary_bg_median": 17.006450653076172,
  "summary_bg_n": 77654.0,
  "summary_bg_p05": 7.258064270019531,
  "summary_bg_p95": 148.21934509277344,
  "summary_bg_stdv": 66.466064453125,
  "summary_fg_k": 2.264816285348779,
  "summary_fg_mad": 88.48739046556933,
  "summary_fg_mean": 659.0440673828125,
  "summary_fg_median": 654.6064453125,
  "summary_fg_n": 36673.0,
  "summary_fg_p05": 533.810302734375,
  "summary_fg_p95": 804.7548095703125,
  "summary_fg_stdv": 90.38298034667969,
  "tsnr": 59.490765161812305
}