{
  "aor": 0.0008285161290322581,
  "aqi": 0.007650374580645163,
  "bids_meta": {
    "AcquisitionDateTime": "2017-03-20T12:03:5.828125",
    "ConversionSoftware": "dcm2niix",
    "ConversionSoftwareVersion": "v1.0.20170207",
    "EchoTime": 0.03,
    "EffectiveEchoSpacing": 0.000265001,
    "FlipAngle": 80,
    "ImageType": [
      "ORIGINAL",
      "PRIMARY",
      "M",
      "ND",
      "NORM",
      "MOSAIC"
    ],
    "MagneticFieldStrength": 3,
    "Manufacturer": "Siemens",
    "ManufacturersModelName": "TrioTim",
    "PhaseEncodingDirection": "j-",
    "ProcedureStepDescription": "CIC-Physics_func_battery_Jess",
    "ProtocolName": "Func_battery_Attention_TR=2s_Standard_E",
    "RepetitionTime": 2,
    "TaskName": "Eye Movemement Variant",
    "dataset": "ds001344",
    "modality": "bold",
    "session_id": "scan1",
    "subject_id": "012",
    "task_id": "eyemovement"
  },
  "dummy_trs": 0,
  "dvars_nstd": 27.99953144857143,
  "dvars_std": 1.2040745762987013,
  "dvars_vstd": 1.0110622363636355,
  "efc": 0.5652868120325129,
  "fber": 2189.43603515625,
  "fd_mean": 0.09133202989270182,
  "fd_num": 4,
  "fd_perc": 2.5806451612903225,
  "fwhm_avg": 1.5134000425572782,
  "fwhm_x": 1.4324666666666666,
  "fwhm_y": 1.606483461005168,
  "fwhm_z": 1.50125,
  "gcor": 0.0111868,
  "gsr_x": 0.0018531031673774123,
  "gsr_y": 0.02091459184885025,
  "provenance": {
    "md5sum": "614e5007f9ca86a7a6d3b5a27f18a797",
    "settings": {
      "fd_thres": 0.2,
      "testing": false
    },
    "software": "mriqc",
    "version": "22.0.1",
    "webapi_port": null,
    "webapi_url": "https://mriqc.nimh.nih.gov/api/v1"
  },
  "size_t": 155,
  "size_x": 64,
  "size_y": 64,
  "size_z": 36,
  "snr": 7.2640175589815605,
  "spacing_tr": 2.0,
  "spacing_x": 3.0,
  "spacing_y": 2.999999761581421,
  "spacing_z": 3.0,
  "summary_bg_k": 35.73178562890282,
  "summary_bg_mad": 6.064321204759203,
  "summary_bg_mean": 23.301536560058594,
  "summary_bg_median": 11.245161056518555,
  "summary_bg_n": 78804.0,
  "summary_bg_p05": 5.567741870880127,
  "summary_bg_p95": 77.09386787414535,
  "summary_bg_stdv": 38.56861114501953,
  "summary_fg_k": 2.5979819157598776,
  "summary_fg_mad": 72.5901375027625,
  "summary_fg_mean": 540.22900390625,
  "summary_fg_median": 537.7096557617188,
  "summary_fg_n": 34901.0,
  "summary_fg_p05": 437.0838623046875,
  "summary_fg_p95": 656.90966796875,
  "summary_fg_stdv": 74.02266693115234,
  "tsnr": 64.30032867076807
}