{
  "aor": 0.001937741935483871,
  "aqi": 0.010208596709677421,
  "bids_meta": {
    "AcquisitionDateTime": "2017-03-20T11:57:17.328125",
    "ConversionSoftware": "dcm2niix",
    "ConversionSoftwareVersion": "v1.0.20170207",
    "EchoTime": 0.03,
    "EffectiveEchoSpacing": 0.000265001,
    "FlipAngle": 80,
    "ImageType": [
      "ORIGINAL",
      "PRIMARY",
      "M",
      "ND",
      "NORM",
      "MOSAIC"
    ],
    "MagneticFieldStrength": 3,
    "Manufacturer": "Siemens",
    "ManufacturersModelName": "TrioTim",
    "PhaseEncodingDirection": "j-",
    "ProcedureStepDescription": "CIC-Physics_func_battery_Jess",
    "ProtocolName": "Func_battery_Letters_TR=2s_Standard_EPI",
    "RepetitionTime": 2,
    "TaskName": "Working Memory Variant",
    "dataset": "ds001344",
    "modality": "bold",
    "session_id": "scan1",
    "subject_id": "012",
    "task_id": "workingmemory"
  },
  "dummy_trs": 0,
  "dvars_nstd": 27.056573830129878,
  "dvars_std": 1.165508919999999,
  "dvars_vstd": 1.0179714066883119,
  "efc": 0.5659859908378727,
  "fber": 2157.70703125,
  "fd_mean": 0.13843236076204385,
  "fd_num": 20,
  "fd_perc": 12.903225806451612,
  "fwhm_avg": 1.5201233762828545,
  "fwhm_x": 1.4406166666666669,
  "fwhm_y": 1.621290128848563,
  "fwhm_z": 1.4984633333333335,
  "gcor": 0.00846361,
  "gsr_x": 0.0008028375450521708,
  "gsr_y": 0.023174287751317024,
  "provenance": {
    "md5sum": "0584783b4624a47f6f61f8fa1f678f38",
    "settings": {
      "fd_thres": 0.2,
      "testing": false
    },
    "software": "mriqc",
    "version": "22.0.1",
    "webapi_port": null,
    "webapi_url": "https://mriqc.nimh.nih.gov/api/v1"
  },
  "size_t": 155,
  "size_x": 64,
  "size_y": 64,
  "size_z": 36,
  "snr": 7.309749668225563,
  "spacing_tr": 2.0,
  "spacing_x": 3.0,
  "spacing_y": 2.999999761581421,
  "spacing_z": 3.0,
  "summary_bg_k": 36.05398690685583,
  "summary_bg_mad": 6.504318862894387,
  "summary_bg_mean": 23.711153030395508,
  "summary_bg_median": 11.296773910522461,
  "summary_bg_n": 78765.0,
  "summary_bg_p05": 5.303225517272949,
  "summary_bg_p95": 78.58451690673832,
  "summary_bg_stdv": 39.38631057739258,
  "summary_fg_k": 2.458480660581058,
  "summary_fg_mad": 72.47532722659496,
  "summary_fg_mean": 540.1055908203125,
  "summary_fg_median": 537.545166015625,
  "summary_fg_n": 34926.0,
  "summary_fg_p05": 436.3999938964844,
  "summary_fg_p95": 657.6225891113281,
  "summary_fg_stdv": 73.53705596923828,
  "tsnr": 57.59067325363867
}