{
  "aor": 0.0018919999999999998,
  "aqi": 0.011171906903225805,
  "bids_meta": {
    "AcquisitionDateTime": "2017-03-29T14:03:31.187500",
    "ConversionSoftware": "dcm2niix",
    "ConversionSoftwareVersion": "v1.0.20170207",
    "EchoTime": 0.03,
    "EffectiveEchoSpacing": 0.000265001,
    "FlipAngle": 80,
    "ImageType": [
      "ORIGINAL",
      "PRIMARY",
      "M",
      "ND",
      "NORM",
      "MOSAIC"
    ],
    "MagneticFieldStrength": 3,
    "Manufacturer": "Siemens",
    "ManufacturersModelName": "TrioTim",
    "PhaseEncodingDirection": "j-",
    "ProcedureStepDescription": "CIC-Physics_func_battery_Jess",
    "ProtocolName": "Func_battery_Letters_TR=2s_Standard_EPI",
    "RepetitionTime": 2,
    "TaskName": "Working Memory Variant",
    "dataset": "ds001344",
    "modality": "bold",
    "session_id": "scan2",
    "subject_id": "013",
    "task_id": "workingmemory"
  },
  "dummy_trs": 0,
  "dvars_nstd": 21.663276746428576,
  "dvars_std": 1.0818295203246755,
  "dvars_vstd": 0.999677346363636,
  "efc": 0.5542762950676368,
  "fber": 2238.927978515625,
  "fd_mean": 0.11716819528280052,
  "fd_num": 6,
  "fd_perc": 3.870967741935484,
  "fwhm_avg": 1.5702955555555558,
  "fwhm_x": 1.4550833333333333,
  "fwhm_y": 1.6764566666666667,
  "fwhm_z": 1.5793466666666667,
  "gcor": 0.0179067,
  "gsr_x": -0.004046087618917227,
  "gsr_y": 0.028912067413330078,
  "provenance": {
    "md5sum": "de29d11d53054ce5bc8626f17874d58a",
    "settings": {
      "fd_thres": 0.2,
      "testing": false
    },
    "software": "mriqc",
    "version": "22.0.1",
    "webapi_port": null,
    "webapi_url": "https://mriqc.nimh.nih.gov/api/v1"
  },
  "size_t": 155,
  "size_x": 64,
  "size_y": 64,
  "size_z": 36,
  "snr": 7.345111934802915,
  "spacing_tr": 2.0,
  "spacing_x": 3.0,
  "spacing_y": 3.0,
  "spacing_z": 3.0,
  "summary_bg_k": 46.60093423490723,
  "summary_bg_mad": 6.695623606438036,
  "summary_bg_mean": 27.31529998779297,
  "summary_bg_median": 12.980645179748535,
  "summary_bg_n": 81301.0,
  "summary_bg_p05": 6.812902927398682,
  "summary_bg_p95": 94.14838409423828,
  "summary_bg_stdv": 47.1396369934082,
  "summary_fg_k": 2.5961387211389297,
  "summary_fg_mad": 76.92311125939725,
  "summary_fg_mean": 633.5556030273438,
  "summary_fg_median": 625.8709716796875,
  "summary_fg_n": 33689.0,
  "summary_fg_p05": 518.2477416992188,
  "summary_fg_p95": 776.4644775390625,
  "summary_fg_stdv": 85.20791625976562,
  "tsnr": 60.6080946624279
}