{
  "aor": 0.0011478064516129032,
  "aqi": 0.014308148193548387,
  "bids_meta": {
    "AcquisitionDateTime": "2017-03-29T14:09:17.953125",
    "ConversionSoftware": "dcm2niix",
    "ConversionSoftwareVersion": "v1.0.20170207",
    "EchoTime": 0.03,
    "EffectiveEchoSpacing": 0.000265001,
    "FlipAngle": 80,
    "ImageType": [
      "ORIGINAL",
      "PRIMARY",
      "M",
      "ND",
      "NORM",
      "MOSAIC"
    ],
    "MagneticFieldStrength": 3,
    "Manufacturer": "Siemens",
    "ManufacturersModelName": "TrioTim",
    "PhaseEncodingDirection": "j-",
    "ProcedureStepDescription": "CIC-Physics_func_battery_Jess",
    "ProtocolName": "Func_battery_Attention_TR=2s_Standard_E",
    "RepetitionTime": 2,
    "TaskName": "Eye Movemement Variant",
    "dataset": "ds001344",
    "modality": "bold",
    "session_id": "scan2",
    "subject_id": "013",
    "task_id": "eyemovement"
  },
  "dummy_trs": 0,
  "dvars_nstd": 21.70203078863636,
  "dvars_std": 1.067479378766234,
  "dvars_vstd": 0.9758565584415587,
  "efc": 0.5551560380815934,
  "fber": 2209.64111328125,
  "fd_mean": 0.12219046304494242,
  "fd_num": 13,
  "fd_perc": 8.387096774193548,
  "fwhm_avg": 1.5709755555555553,
  "fwhm_x": 1.4600866666666665,
  "fwhm_y": 1.6786966666666665,
  "fwhm_z": 1.5741433333333334,
  "gcor": 0.0159791,
  "gsr_x": -0.004016641061753035,
  "gsr_y": 0.02983858808875084,
  "provenance": {
    "md5sum": "efa7fc4cc9218382b0242bdadf220db2",
    "settings": {
      "fd_thres": 0.2,
      "testing": false
    },
    "software": "mriqc",
    "version": "22.0.1",
    "webapi_port": null,
    "webapi_url": "https://mriqc.nimh.nih.gov/api/v1"
  },
  "size_t": 155,
  "size_x": 64,
  "size_y": 64,
  "size_z": 36,
  "snr": 7.339410675872404,
  "spacing_tr": 2.0,
  "spacing_x": 3.0,
  "spacing_y": 3.0,
  "spacing_z": 3.0,
  "summary_bg_k": 51.44363300025301,
  "summary_bg_mad": 7.106925765129621,
  "summary_bg_mean": 27.918920516967773,
  "summary_bg_median": 13.129032135009766,
  "summary_bg_n": 81265.0,
  "summary_bg_p05": 6.7419352531433105,
  "summary_bg_p95": 96.68902893066418,
  "summary_bg_stdv": 48.89673614501953,
  "summary_fg_k": 2.505436464101388,
  "summary_fg_mad": 77.00916806541524,
  "summary_fg_mean": 633.7676391601562,
  "summary_fg_median": 626.2515869140625,
  "summary_fg_n": 33735.0,
  "summary_fg_p05": 517.5496704101563,
  "summary_fg_p95": 776.3948364257811,
  "summary_fg_stdv": 85.32596588134766,
  "tsnr": 55.873683013021946
}