{
  "aor": 0.0016553548387096772,
  "aqi": 0.006978588451612904,
  "bids_meta": {
    "AcquisitionDateTime": "2017-03-30T12:31:52.546875",
    "ConversionSoftware": "dcm2niix",
    "ConversionSoftwareVersion": "v1.0.20170207",
    "EchoTime": 0.03,
    "EffectiveEchoSpacing": 0.000265001,
    "FlipAngle": 80,
    "ImageType": [
      "ORIGINAL",
      "PRIMARY",
      "M",
      "ND",
      "NORM",
      "MOSAIC"
    ],
    "MagneticFieldStrength": 3,
    "Manufacturer": "Siemens",
    "ManufacturersModelName": "TrioTim",
    "PhaseEncodingDirection": "j-",
    "ProcedureStepDescription": "CIC-Physics_func_battery_Jess",
    "ProtocolName": "Func_battery_Letters_TR=2s_Standard_EPI",
    "RepetitionTime": 2,
    "TaskName": "Working Memory Variant",
    "dataset": "ds001344",
    "modality": "bold",
    "session_id": "scan1",
    "subject_id": "018",
    "task_id": "workingmemory"
  },
  "dummy_trs": 0,
  "dvars_nstd": 24.62770637909091,
  "dvars_std": 1.1465362030519484,
  "dvars_vstd": 1.0208561678571433,
  "efc": 0.5804975837018065,
  "fber": 1600.2696533203125,
  "fd_mean": 0.05278765430929037,
  "fd_num": 1,
  "fd_perc": 0.6451612903225806,
  "fwhm_avg": 1.571141111111111,
  "fwhm_x": 1.4749866666666664,
  "fwhm_y": 1.6481899999999998,
  "fwhm_z": 1.5902466666666666,
  "gcor": 0.0121249,
  "gsr_x": 0.007320502772927284,
  "gsr_y": 0.030614281073212624,
  "provenance": {
    "md5sum": "2a79105ba1159507e820715c8be36306",
    "settings": {
      "fd_thres": 0.2,
      "testing": false
    },
    "software": "mriqc",
    "version": "22.0.1",
    "webapi_port": null,
    "webapi_url": "https://mriqc.nimh.nih.gov/api/v1"
  },
  "size_t": 155,
  "size_x": 64,
  "size_y": 64,
  "size_z": 36,
  "snr": 7.023862038315754,
  "spacing_tr": 2.0,
  "spacing_x": 3.0,
  "spacing_y": 3.0,
  "spacing_z": 3.0,
  "summary_bg_k": 29.029843859630645,
  "summary_bg_mad": 9.966913370847628,
  "summary_bg_mean": 35.48268127441406,
  "summary_bg_median": 15.14838695526123,
  "summary_bg_n": 78159.0,
  "summary_bg_p05": 6.767741680145264,
  "summary_bg_p95": 134.22773590087874,
  "summary_bg_stdv": 60.15242385864258,
  "summary_fg_k": 2.5835045030234545,
  "summary_fg_mad": 83.78616416204686,
  "summary_fg_mean": 620.1210327148438,
  "summary_fg_median": 615.2032470703125,
  "summary_fg_n": 36230.0,
  "summary_fg_p05": 501.1909606933594,
  "summary_fg_p95": 761.7173858642577,
  "summary_fg_stdv": 87.58639526367188,
  "tsnr": 65.86824953276664
}