{
  "aor": 0.0014136363636363634,
  "aqi": 0.007014250324675325,
  "bids_meta": {
    "AcquisitionDateTime": "2017-03-30T12:26:3.195312",
    "ConversionSoftware": "dcm2niix",
    "ConversionSoftwareVersion": "v1.0.20170207",
    "EchoTime": 0.03,
    "EffectiveEchoSpacing": 0.000265001,
    "FlipAngle": 80,
    "ImageType": [
      "ORIGINAL",
      "PRIMARY",
      "M",
      "ND",
      "NORM",
      "MOSAIC"
    ],
    "MagneticFieldStrength": 3,
    "Manufacturer": "Siemens",
    "ManufacturersModelName": "TrioTim",
    "PhaseEncodingDirection": "j-",
    "ProcedureStepDescription": "CIC-Physics_func_battery_Jess",
    "ProtocolName": "Func_battery_Attention_TR=2s_Standard_E",
    "RepetitionTime": 2,
    "TaskName": "Eye Movemement Variant",
    "dataset": "ds001344",
    "modality": "bold",
    "session_id": "scan1",
    "subject_id": "018",
    "task_id": "eyemovement"
  },
  "dummy_trs": 1,
  "dvars_nstd": 24.66792252509804,
  "dvars_std": 1.1529928822222224,
  "dvars_vstd": 1.0277357436601309,
  "efc": 0.5795826360093097,
  "fber": 1617.87646484375,
  "fd_mean": 0.05925532237255775,
  "fd_num": 2,
  "fd_perc": 1.2987012987012987,
  "fwhm_avg": 1.5745077777777778,
  "fwhm_x": 1.4716500000000001,
  "fwhm_y": 1.6499433333333335,
  "fwhm_z": 1.60193,
  "gcor": 0.00838121,
  "gsr_x": 0.00774142611771822,
  "gsr_y": 0.0302853025496006,
  "provenance": {
    "md5sum": "05b47b49b3e8f18be839344782db2c45",
    "settings": {
      "fd_thres": 0.2,
      "testing": false
    },
    "software": "mriqc",
    "version": "22.0.1",
    "webapi_port": null,
    "webapi_url": "https://mriqc.nimh.nih.gov/api/v1"
  },
  "size_t": 154,
  "size_x": 64,
  "size_y": 64,
  "size_z": 36,
  "snr": 7.0383805058011255,
  "spacing_tr": 2.0,
  "spacing_x": 3.0,
  "spacing_y": 3.0,
  "spacing_z": 3.0,
  "summary_bg_k": 27.952237910487177,
  "summary_bg_mad": 9.723559416881818,
  "summary_bg_mean": 34.90707778930664,
  "summary_bg_median": 15.051947593688965,
  "summary_bg_n": 78137.0,
  "summary_bg_p05": 6.876623153686523,
  "summary_bg_p95": 130.96753540039052,
  "summary_bg_stdv": 58.918243408203125,
  "summary_fg_k": 2.5449141304986584,
  "summary_fg_mad": 83.76702534556651,
  "summary_fg_mean": 620.4214477539062,
  "summary_fg_median": 615.5714111328125,
  "summary_fg_n": 36156.0,
  "summary_fg_p05": 500.89772033691406,
  "summary_fg_p95": 762.6071472167969,
  "summary_fg_stdv": 87.4580307006836,
  "tsnr": 65.93515188479796
}