{
  "aor": 0.0009496774193548387,
  "aqi": 0.008676656903225806,
  "bids_meta": {
    "AcquisitionDateTime": "2017-03-08T12:09:16.203125",
    "ConversionSoftware": "dcm2niix",
    "ConversionSoftwareVersion": "v1.0.20170207",
    "EchoTime": 0.03,
    "EffectiveEchoSpacing": 0.000265001,
    "FlipAngle": 80,
    "ImageType": [
      "ORIGINAL",
      "PRIMARY",
      "M",
      "ND",
      "NORM",
      "MOSAIC"
    ],
    "MagneticFieldStrength": 3,
    "Manufacturer": "Siemens",
    "ManufacturersModelName": "TrioTim",
    "PhaseEncodingDirection": "j-",
    "ProcedureStepDescription": "CIC-Physics_func_battery_Jess",
    "ProtocolName": "Func_battery_Letters_TR=2s_Standard_EPI",
    "RepetitionTime": 2,
    "TaskName": "Working Memory Variant",
    "dataset": "ds001344",
    "modality": "bold",
    "session_id": "scan1",
    "subject_id": "005",
    "task_id": "workingmemory"
  },
  "dummy_trs": 0,
  "dvars_nstd": 25.049289579545444,
  "dvars_std": 1.1133929344805191,
  "dvars_vstd": 1.0097532016883117,
  "efc": 0.6065988879535773,
  "fber": 1464.135498046875,
  "fd_mean": 0.06581247672411027,
  "fd_num": 3,
  "fd_perc": 1.935483870967742,
  "fwhm_avg": 1.6040833333333335,
  "fwhm_x": 1.4935533333333335,
  "fwhm_y": 1.7486433333333335,
  "fwhm_z": 1.5700533333333333,
  "gcor": 0.022834,
  "gsr_x": -0.0006685443222522736,
  "gsr_y": 0.03331269323825836,
  "provenance": {
    "md5sum": "f709c12e2b9fd422f3cd938bd2f4ca79",
    "settings": {
      "fd_thres": 0.2,
      "testing": false
    },
    "software": "mriqc",
    "version": "22.0.1",
    "webapi_port": null,
    "webapi_url": "https://mriqc.nimh.nih.gov/api/v1"
  },
  "size_t": 155,
  "size_x": 64,
  "size_y": 64,
  "size_z": 36,
  "snr": 6.809368660438232,
  "spacing_tr": 2.0,
  "spacing_x": 3.0,
  "spacing_y": 3.0,
  "spacing_z": 3.0,
  "summary_bg_k": 29.35440773567406,
  "summary_bg_mad": 9.326045802687595,
  "summary_bg_mean": 34.356422424316406,
  "summary_bg_median": 14.587096214294434,
  "summary_bg_n": 72998.0,
  "summary_bg_p05": 6.63225793838501,
  "summary_bg_p95": 127.81677474975571,
  "summary_bg_stdv": 55.20124816894531,
  "summary_fg_k": 2.1226820543862868,
  "summary_fg_mad": 81.70573408974747,
  "summary_fg_mean": 586.0567016601562,
  "summary_fg_median": 580.0386962890625,
  "summary_fg_n": 39901.0,
  "summary_fg_p05": 468.97418212890625,
  "summary_fg_p95": 725.6064453125,
  "summary_fg_stdv": 85.18138122558594,
  "tsnr": 59.49924744782038
}