{
  "bids_meta": {
    "AcquisitionDateTime": "2017-03-29T13:55:31.453125",
    "ConversionSoftware": "dcm2niix",
    "ConversionSoftwareVersion": "v1.0.20170207",
    "EchoTime": 0.00298,
    "FlipAngle": 9,
    "ImageType": [
      "ORIGINAL",
      "PRIMARY",
      "M",
      "NORM",
      "DIS2D"
    ],
    "MagneticFieldStrength": 3,
    "Manufacturer": "Siemens",
    "ManufacturersModelName": "TrioTim",
    "PhaseEncodingDirection": "i-",
    "ProcedureStepDescription": "CIC-Physics_func_battery_Jess",
    "ProtocolName": "MPRAGE_ADNI_P2",
    "RepetitionTime": 2.3,
    "dataset": "ds001344",
    "modality": "T1w",
    "session_id": "scan2",
    "subject_id": "013"
  },
  "cjv": 0.40331951306022235,
  "cnr": 3.300242534691037,
  "efc": 0.4718081469349811,
  "fber": 19828.27371488033,
  "fwhm_avg": 3.771204843335362,
  "fwhm_x": 3.8000445300060868,
  "fwhm_y": 3.97717,
  "fwhm_z": 3.5364,
  "icvs_csf": 0.23184825343209006,
  "icvs_gm": 0.41367307364218353,
  "icvs_wm": 0.35447867292572643,
  "inu_med": 0.5148207247257233,
  "inu_range": 0.15618802458047865,
  "provenance": {
    "md5sum": "5de0fc907956633f2cdb85ca62edcfbd",
    "settings": {
      "testing": false
    },
    "software": "mriqc",
    "version": "22.0.1",
    "warnings": {
      "large_rot_frame": true,
      "small_air_mask": false
    },
    "webapi_port": null,
    "webapi_url": "https://mriqc.nimh.nih.gov/api/v1"
  },
  "qi_1": 0.0,
  "qi_2": 0.02669982474411181,
  "rpve_csf": 22.854164618186754,
  "rpve_gm": 12.827255534689343,
  "rpve_wm": 17.511859252512068,
  "size_x": 160,
  "size_y": 240,
  "size_z": 256,
  "snr_csf": 1.866674586522408,
  "snr_gm": 9.405984690749317,
  "snr_total": 11.223130050086631,
  "snr_wm": 22.39673087298817,
  "snrd_csf": 18.595921961453456,
  "snrd_gm": 66.90967376330046,
  "snrd_total": 59.926261630818736,
  "snrd_wm": 94.2731891677023,
  "spacing_x": 0.9999988079071045,
  "spacing_y": 1.0,
  "spacing_z": 1.0,
  "summary_bg_k": 7056.3242845165305,
  "summary_bg_mad": 0.0,
  "summary_bg_mean": 3.6632723141125534,
  "summary_bg_median": 0.0,
  "summary_bg_n": 3263420.0,
  "summary_bg_p05": 0.0,
  "summary_bg_p95": 13.843573618680239,
  "summary_bg_stdv": 6.949339480309757,
  "summary_csf_k": 1.6345892461082183,
  "summary_csf_mad": 91.77260199774211,
  "summary_csf_mean": 215.49811086937953,
  "summary_csf_median": 197.2556778397411,
  "summary_csf_n": 38059.0,
  "summary_csf_p05": 76.89891698006541,
  "summary_csf_p95": 424.6409483944997,
  "summary_csf_stdv": 105.67084793515826,
  "summary_gm_k": 0.016220502803987458,
  "summary_gm_mad": 74.43526561048394,
  "summary_gm_mean": 708.820501831899,
  "summary_gm_median": 709.7423338070512,
  "summary_gm_n": 22516.0,
  "summary_gm_p05": 583.0156995356083,
  "summary_gm_p95": 833.3587378822267,
  "summary_gm_stdv": 75.45478715119626,
  "summary_wm_k": 0.40803389072561336,
  "summary_wm_mad": 42.631312159542276,
  "summary_wm_mean": 1000.0645772871032,
  "summary_wm_median": 999.9999930057675,
  "summary_wm_n": 174176.0,
  "summary_wm_p05": 926.6046588644385,
  "summary_wm_p95": 1073.3038497883826,
  "summary_wm_stdv": 44.64924492833739,
  "tpm_overlap_csf": 0.16933958091194282,
  "tpm_overlap_gm": 0.46887525497853616,
  "tpm_overlap_wm": 0.541938284764066,
  "wm2max": 0.5879136639059195
}