{
  "bids_meta": {
    "AcquisitionDateTime": "2017-03-20T11:12:36.421875",
    "ConversionSoftware": "dcm2niix",
    "ConversionSoftwareVersion": "v1.0.20170207",
    "EchoTime": 0.00298,
    "FlipAngle": 9,
    "ImageType": [
      "ORIGINAL",
      "PRIMARY",
      "M",
      "NORM",
      "DIS2D"
    ],
    "MagneticFieldStrength": 3,
    "Manufacturer": "Siemens",
    "ManufacturersModelName": "TrioTim",
    "PhaseEncodingDirection": "i-",
    "ProcedureStepDescription": "CIC-Physics_func_battery_Jess",
    "ProtocolName": "MPRAGE_ADNI_P2",
    "RepetitionTime": 2.3,
    "dataset": "ds001344",
    "modality": "T1w",
    "session_id": "scan2",
    "subject_id": "003"
  },
  "cjv": 0.35799673248836694,
  "cnr": 3.6919585560099164,
  "efc": 0.4968617189605953,
  "fber": 15328.798185941043,
  "fwhm_avg": 3.854586208123756,
  "fwhm_x": 3.9592281711059316,
  "fwhm_y": 4.005190238727941,
  "fwhm_z": 3.599340214537395,
  "icvs_csf": 0.24355106735074958,
  "icvs_gm": 0.4205750603221455,
  "icvs_wm": 0.3358738723271049,
  "inu_med": 0.5655392110347748,
  "inu_range": 0.20867275744676583,
  "provenance": {
    "md5sum": "86ead7512cfd9fb56a515c42c831648d",
    "settings": {
      "testing": false
    },
    "software": "mriqc",
    "version": "22.0.1",
    "warnings": {
      "large_rot_frame": true,
      "small_air_mask": false
    },
    "webapi_port": null,
    "webapi_url": "https://mriqc.nimh.nih.gov/api/v1"
  },
  "qi_1": 0.0,
  "qi_2": 0.014365692548571278,
  "rpve_csf": 20.312742333267426,
  "rpve_gm": 11.545630182134804,
  "rpve_wm": 16.509735812298544,
  "size_x": 160,
  "size_y": 240,
  "size_z": 256,
  "snr_csf": 1.7504225465609147,
  "snr_gm": 8.920016121166327,
  "snr_total": 10.435101729394288,
  "snr_wm": 20.63486652045562,
  "snrd_csf": 16.418552839894403,
  "snrd_gm": 65.5852947635933,
  "snrd_total": 59.998024011276584,
  "snrd_wm": 97.99022443034205,
  "spacing_x": 0.9999954104423523,
  "spacing_y": 0.9999999403953552,
  "spacing_z": 0.9999999403953552,
  "summary_bg_k": 3061.730039344717,
  "summary_bg_mad": 0.0,
  "summary_bg_mean": 3.0243021140331354,
  "summary_bg_median": 0.0,
  "summary_bg_n": 2862340.0,
  "summary_bg_p05": 0.0,
  "summary_bg_p95": 15.446948982775211,
  "summary_bg_stdv": 6.685732380680704,
  "summary_csf_k": 1.7364694119938955,
  "summary_csf_mad": 83.09680913545121,
  "summary_csf_mean": 187.67355164889395,
  "summary_csf_median": 167.55297120660543,
  "summary_csf_n": 59423.0,
  "summary_csf_p05": 67.19000759720802,
  "summary_csf_p95": 373.76129917092595,
  "summary_csf_stdv": 95.7206371097166,
  "summary_gm_k": 0.19026042881560912,
  "summary_gm_mad": 72.9599995873013,
  "summary_gm_mean": 670.6660202698062,
  "summary_gm_median": 669.3044820856303,
  "summary_gm_n": 27516.0,
  "summary_gm_p05": 548.4405472511426,
  "summary_gm_p95": 795.3490534983575,
  "summary_gm_stdv": 75.03263567996137,
  "summary_wm_k": 0.5519410064625978,
  "summary_wm_mad": 45.42792427133854,
  "summary_wm_mean": 998.8931245881636,
  "summary_wm_median": 1000.0000251308084,
  "summary_wm_n": 180753.0,
  "summary_wm_p05": 917.2786589935422,
  "summary_wm_p95": 1076.095241021365,
  "summary_wm_stdv": 48.461532713564466,
  "tpm_overlap_csf": 0.14832685805590082,
  "tpm_overlap_gm": 0.47046538671086185,
  "tpm_overlap_wm": 0.5197907584638999,
  "wm2max": 0.4530401529636711
}