{
  "aor": 0.0012613548387096774,
  "aqi": 0.011439324129032258,
  "bids_meta": {
    "AcquisitionDateTime": "2017-04-05T10:31:16.546875",
    "ConversionSoftware": "dcm2niix",
    "ConversionSoftwareVersion": "v1.0.20170207",
    "EchoTime": 0.03,
    "EffectiveEchoSpacing": 0.000265001,
    "FlipAngle": 80,
    "ImageType": [
      "ORIGINAL",
      "PRIMARY",
      "M",
      "ND",
      "NORM",
      "MOSAIC"
    ],
    "MagneticFieldStrength": 3,
    "Manufacturer": "Siemens",
    "ManufacturersModelName": "TrioTim",
    "PhaseEncodingDirection": "j-",
    "ProcedureStepDescription": "CIC-Physics_func_battery_Jess",
    "ProtocolName": "Func_battery_Attention_TR=2s_Standard_E",
    "RepetitionTime": 2,
    "TaskName": "Eye Movemement Variant",
    "dataset": "ds001344",
    "modality": "bold",
    "session_id": "scan2",
    "subject_id": "014",
    "task_id": "eyemovement"
  },
  "dummy_trs": 0,
  "dvars_nstd": 20.745141103701293,
  "dvars_std": 1.0299167404545457,
  "dvars_vstd": 0.9881760049350653,
  "efc": 0.5937006202670477,
  "fber": 1674.7745361328125,
  "fd_mean": 0.056242990926733384,
  "fd_num": 1,
  "fd_perc": 0.6451612903225806,
  "fwhm_avg": 1.5690544444444445,
  "fwhm_x": 1.4590100000000001,
  "fwhm_y": 1.70244,
  "fwhm_z": 1.5457133333333333,
  "gcor": 0.0083702,
  "gsr_x": 0.002919865306466818,
  "gsr_y": 0.03561145439743996,
  "provenance": {
    "md5sum": "f2d5755496d6488fc5a27f6bbbe5dc39",
    "settings": {
      "fd_thres": 0.2,
      "testing": false
    },
    "software": "mriqc",
    "version": "22.0.1",
    "webapi_port": null,
    "webapi_url": "https://mriqc.nimh.nih.gov/api/v1"
  },
  "size_t": 155,
  "size_x": 64,
  "size_y": 64,
  "size_z": 36,
  "snr": 7.328068053748398,
  "spacing_tr": 2.0,
  "spacing_x": 3.0,
  "spacing_y": 3.0,
  "spacing_z": 3.0,
  "summary_bg_k": 19.7094895678513,
  "summary_bg_mad": 12.128640995598749,
  "summary_bg_mean": 33.215362548828125,
  "summary_bg_median": 16.109676361083984,
  "summary_bg_n": 74410.0,
  "summary_bg_p05": 5.0580644607543945,
  "summary_bg_p95": 120.29289817810074,
  "summary_bg_stdv": 49.41378402709961,
  "summary_fg_k": 3.200552399284991,
  "summary_fg_mad": 79.00833734717398,
  "summary_fg_mean": 685.0353393554688,
  "summary_fg_median": 678.970947265625,
  "summary_fg_n": 38958.0,
  "summary_fg_p05": 554.9400146484375,
  "summary_fg_p95": 835.1512786865235,
  "summary_fg_stdv": 92.65228271484375,
  "tsnr": 58.37552651180886
}