{
  "aor": 0.001566258064516129,
  "aqi": 0.009571190451612904,
  "bids_meta": {
    "AcquisitionDateTime": "2017-04-05T10:25:15.507812",
    "ConversionSoftware": "dcm2niix",
    "ConversionSoftwareVersion": "v1.0.20170207",
    "EchoTime": 0.03,
    "EffectiveEchoSpacing": 0.000265001,
    "FlipAngle": 80,
    "ImageType": [
      "ORIGINAL",
      "PRIMARY",
      "M",
      "ND",
      "NORM",
      "MOSAIC"
    ],
    "MagneticFieldStrength": 3,
    "Manufacturer": "Siemens",
    "ManufacturersModelName": "TrioTim",
    "PhaseEncodingDirection": "j-",
    "ProcedureStepDescription": "CIC-Physics_func_battery_Jess",
    "ProtocolName": "Func_battery_Letters_TR=2s_Standard_EPI",
    "RepetitionTime": 2,
    "TaskName": "Working Memory Variant",
    "dataset": "ds001344",
    "modality": "bold",
    "session_id": "scan2",
    "subject_id": "014",
    "task_id": "workingmemory"
  },
  "dummy_trs": 0,
  "dvars_nstd": 20.662807538701298,
  "dvars_std": 1.0544990466883122,
  "dvars_vstd": 1.010727845649351,
  "efc": 0.5928886689633601,
  "fber": 1652.6090087890625,
  "fd_mean": 0.03957230024630614,
  "fd_num": 0,
  "fd_perc": 0.0,
  "fwhm_avg": 1.5694422222222222,
  "fwhm_x": 1.4536433333333332,
  "fwhm_y": 1.6891433333333332,
  "fwhm_z": 1.5655400000000002,
  "gcor": 0.0104552,
  "gsr_x": 0.002987627172842622,
  "gsr_y": 0.03505716845393181,
  "provenance": {
    "md5sum": "818c2b390764675670f0853b4f75674c",
    "settings": {
      "fd_thres": 0.2,
      "testing": false
    },
    "software": "mriqc",
    "version": "22.0.1",
    "webapi_port": null,
    "webapi_url": "https://mriqc.nimh.nih.gov/api/v1"
  },
  "size_t": 155,
  "size_x": 64,
  "size_y": 64,
  "size_z": 36,
  "snr": 7.305522018461806,
  "spacing_tr": 2.0,
  "spacing_x": 3.0,
  "spacing_y": 3.0,
  "spacing_z": 3.0,
  "summary_bg_k": 20.80405504289894,
  "summary_bg_mad": 11.77473054275419,
  "summary_bg_mean": 32.7369270324707,
  "summary_bg_median": 16.145160675048828,
  "summary_bg_n": 74426.0,
  "summary_bg_p05": 5.458064556121826,
  "summary_bg_p95": 118.18064308166504,
  "summary_bg_stdv": 48.42279815673828,
  "summary_fg_k": 3.2151387344443663,
  "summary_fg_mad": 78.87445612266964,
  "summary_fg_mean": 685.3928833007812,
  "summary_fg_median": 679.4322509765625,
  "summary_fg_n": 38930.0,
  "summary_fg_p05": 555.6480529785156,
  "summary_fg_p95": 835.2164489746093,
  "summary_fg_stdv": 93.0013656616211,
  "tsnr": 61.23953209631145
}