{
  "aor": 0.0007407096774193549,
  "aqi": 0.006991558000000001,
  "bids_meta": {
    "AcquisitionDateTime": "2017-04-04T14:50:16.171875",
    "ConversionSoftware": "dcm2niix",
    "ConversionSoftwareVersion": "v1.0.20170207",
    "EchoTime": 0.03,
    "EffectiveEchoSpacing": 0.000265001,
    "FlipAngle": 80,
    "ImageType": [
      "ORIGINAL",
      "PRIMARY",
      "M",
      "ND",
      "NORM",
      "MOSAIC"
    ],
    "MagneticFieldStrength": 3,
    "Manufacturer": "Siemens",
    "ManufacturersModelName": "TrioTim",
    "PhaseEncodingDirection": "j-",
    "ProcedureStepDescription": "CIC-Physics_func_battery_Jess",
    "ProtocolName": "Func_battery_Attention_TR=2s_Standard_E",
    "RepetitionTime": 2,
    "TaskName": "Eye Movemement Variant",
    "dataset": "ds001344",
    "modality": "bold",
    "session_id": "scan2",
    "subject_id": "017",
    "task_id": "eyemovement"
  },
  "dummy_trs": 0,
  "dvars_nstd": 27.799165242597404,
  "dvars_std": 1.1472666401298703,
  "dvars_vstd": 1.0074194666883118,
  "efc": 0.6337337353247932,
  "fber": 1344.0633544921875,
  "fd_mean": 0.06466041887845785,
  "fd_num": 0,
  "fd_perc": 0.0,
  "fwhm_avg": 1.5983622222222225,
  "fwhm_x": 1.4859833333333334,
  "fwhm_y": 1.6954900000000002,
  "fwhm_z": 1.6136133333333333,
  "gcor": 0.00803488,
  "gsr_x": -0.0027474004309624434,
  "gsr_y": 0.040557198226451874,
  "provenance": {
    "md5sum": "2d450b81ae39c20a4ef06de29611e038",
    "settings": {
      "fd_thres": 0.2,
      "testing": false
    },
    "software": "mriqc",
    "version": "22.0.1",
    "webapi_port": null,
    "webapi_url": "https://mriqc.nimh.nih.gov/api/v1"
  },
  "size_t": 155,
  "size_x": 64,
  "size_y": 64,
  "size_z": 36,
  "snr": 5.51736214154902,
  "spacing_tr": 2.0,
  "spacing_x": 3.0,
  "spacing_y": 3.0,
  "spacing_z": 3.0,
  "summary_bg_k": 20.060579091085394,
  "summary_bg_mad": 10.492996113393952,
  "summary_bg_mean": 31.590694427490234,
  "summary_bg_median": 16.096773147583008,
  "summary_bg_n": 65667.0,
  "summary_bg_p05": 6.6258063316345215,
  "summary_bg_p95": 110.037417602539,
  "summary_bg_stdv": 42.90452194213867,
  "summary_fg_k": 1.6248364891623206,
  "summary_fg_mad": 104.05000823525887,
  "summary_fg_mean": 634.63330078125,
  "summary_fg_median": 621.7161254882812,
  "summary_fg_n": 46927.0,
  "summary_fg_p05": 490.1825744628906,
  "summary_fg_p95": 840.3986816406248,
  "summary_fg_stdv": 112.68238067626953,
  "tsnr": 58.45494104549289
}