{
  "aor": 0.000849025974025974,
  "aqi": 0.007376003636363638,
  "bids_meta": {
    "AcquisitionDateTime": "2017-04-04T14:56:18.250000",
    "ConversionSoftware": "dcm2niix",
    "ConversionSoftwareVersion": "v1.0.20170207",
    "EchoTime": 0.03,
    "EffectiveEchoSpacing": 0.000265001,
    "FlipAngle": 80,
    "ImageType": [
      "ORIGINAL",
      "PRIMARY",
      "M",
      "ND",
      "NORM",
      "MOSAIC"
    ],
    "MagneticFieldStrength": 3,
    "Manufacturer": "Siemens",
    "ManufacturersModelName": "TrioTim",
    "PhaseEncodingDirection": "j-",
    "ProcedureStepDescription": "CIC-Physics_func_battery_Jess",
    "ProtocolName": "Func_battery_Letters_TR=2s_Standard_EPI",
    "RepetitionTime": 2,
    "TaskName": "Working Memory Variant",
    "dataset": "ds001344",
    "modality": "bold",
    "session_id": "scan2",
    "subject_id": "017",
    "task_id": "workingmemory"
  },
  "dummy_trs": 1,
  "dvars_nstd": 27.06147582843138,
  "dvars_std": 1.1383529904575165,
  "dvars_vstd": 1.01686186372549,
  "efc": 0.6330326867717112,
  "fber": 1405.941650390625,
  "fd_mean": 0.06977497726662986,
  "fd_num": 1,
  "fd_perc": 0.6493506493506493,
  "fwhm_avg": 1.5959777777777777,
  "fwhm_x": 1.4768466666666666,
  "fwhm_y": 1.69322,
  "fwhm_z": 1.6178666666666668,
  "gcor": 0.00921407,
  "gsr_x": -0.002012881450355053,
  "gsr_y": 0.0404294990003109,
  "provenance": {
    "md5sum": "035e638381b5d699e22eb25df900470c",
    "settings": {
      "fd_thres": 0.2,
      "testing": false
    },
    "software": "mriqc",
    "version": "22.0.1",
    "webapi_port": null,
    "webapi_url": "https://mriqc.nimh.nih.gov/api/v1"
  },
  "size_t": 154,
  "size_x": 64,
  "size_y": 64,
  "size_z": 36,
  "snr": 5.521417568436703,
  "spacing_tr": 2.0,
  "spacing_x": 3.0,
  "spacing_y": 3.0,
  "spacing_z": 3.0,
  "summary_bg_k": 19.606677613834716,
  "summary_bg_mad": 10.253061017159336,
  "summary_bg_mean": 31.3330135345459,
  "summary_bg_median": 15.772727012634277,
  "summary_bg_n": 65795.0,
  "summary_bg_p05": 6.48701286315918,
  "summary_bg_p95": 109.58376464843741,
  "summary_bg_stdv": 42.69634246826172,
  "summary_fg_k": 1.6086148866202548,
  "summary_fg_mad": 103.72433163708982,
  "summary_fg_mean": 634.5235595703125,
  "summary_fg_median": 621.7792358398438,
  "summary_fg_n": 46899.0,
  "summary_fg_p05": 489.6103820800781,
  "summary_fg_p95": 838.9331298828124,
  "summary_fg_stdv": 112.61104583740234,
  "tsnr": 58.087167132413015
}