{
  "bids_meta": {
    "AcquisitionDateTime": "2017-03-09T12:37:18.421875",
    "ConversionSoftware": "dcm2niix",
    "ConversionSoftwareVersion": "v1.0.20170207",
    "EchoTime": 0.00298,
    "FlipAngle": 9,
    "ImageType": [
      "ORIGINAL",
      "PRIMARY",
      "M",
      "NORM",
      "DIS2D"
    ],
    "MagneticFieldStrength": 3,
    "Manufacturer": "Siemens",
    "ManufacturersModelName": "TrioTim",
    "PhaseEncodingDirection": "i-",
    "ProcedureStepDescription": "CIC-Physics_func_battery_Jess",
    "ProtocolName": "MPRAGE_ADNI_P2",
    "RepetitionTime": 2.3,
    "dataset": "ds001344",
    "modality": "T1w",
    "session_id": "scan1",
    "subject_id": "008"
  },
  "cjv": 0.3482646844539225,
  "cnr": 3.8370705479837834,
  "efc": 0.5125772365590817,
  "fber": -1.0,
  "fwhm_avg": 3.635978806648179,
  "fwhm_x": 3.7140964199445357,
  "fwhm_y": 3.8176,
  "fwhm_z": 3.37624,
  "icvs_csf": 0.2501887754152383,
  "icvs_gm": 0.4342748073838091,
  "icvs_wm": 0.31553641720095255,
  "inu_med": 0.6751829981803894,
  "inu_range": 0.3279770135879516,
  "provenance": {
    "md5sum": "ee993f668e9115496ffbfad7e140ee87",
    "settings": {
      "testing": false
    },
    "software": "mriqc",
    "version": "22.0.1",
    "warnings": {
      "large_rot_frame": true,
      "small_air_mask": false
    },
    "webapi_port": null,
    "webapi_url": "https://mriqc.nimh.nih.gov/api/v1"
  },
  "qi_1": 0.0,
  "qi_2": 0.012214029703076489,
  "rpve_csf": 19.471730975883546,
  "rpve_gm": 11.338795465723587,
  "rpve_wm": 17.839757682081082,
  "size_x": 160,
  "size_y": 240,
  "size_z": 256,
  "snr_csf": 1.960300293255113,
  "snr_gm": 9.03899017506425,
  "snr_total": 10.189858202455552,
  "snr_wm": 19.570284139047295,
  "snrd_csf": 23.493384405518302,
  "snrd_gm": 75.2491653033229,
  "snrd_total": 71.03301327909668,
  "snrd_wm": 114.35649012844884,
  "spacing_x": 0.9999982714653015,
  "spacing_y": 1.0,
  "spacing_z": 1.0,
  "summary_bg_k": 21.10583431078691,
  "summary_bg_mad": 0.0,
  "summary_bg_mean": 2.4906732322128393,
  "summary_bg_median": 0.0,
  "summary_bg_n": 2888664.0,
  "summary_bg_p05": 0.0,
  "summary_bg_p95": 14.17113358899951,
  "summary_bg_stdv": 5.728895450961747,
  "summary_csf_k": 0.9453233826322007,
  "summary_csf_mad": 93.46745972535871,
  "summary_csf_mean": 221.447051596613,
  "summary_csf_median": 205.43987946398556,
  "summary_csf_n": 40798.0,
  "summary_csf_p05": 74.05560133606195,
  "summary_csf_p95": 420.47955910116434,
  "summary_csf_stdv": 104.79892411709181,
  "summary_gm_k": 0.19719888057134582,
  "summary_gm_mad": 70.23922484305136,
  "summary_gm_mean": 656.9390783313308,
  "summary_gm_median": 658.0226664170623,
  "summary_gm_n": 27749.0,
  "summary_gm_p05": 534.9873054094612,
  "summary_gm_p95": 774.0347969949245,
  "summary_gm_stdv": 72.79693825024368,
  "summary_wm_k": 0.4108589257619535,
  "summary_wm_mad": 48.85939061450854,
  "summary_wm_mean": 999.6894986609017,
  "summary_wm_median": 999.9999634958804,
  "summary_wm_n": 154724.0,
  "summary_wm_p05": 915.5196440929548,
  "summary_wm_p95": 1083.0320013575256,
  "summary_wm_stdv": 51.09771144992396,
  "tpm_overlap_csf": 0.15429293807621722,
  "tpm_overlap_gm": 0.4482688472728223,
  "tpm_overlap_wm": 0.48203050786930934,
  "wm2max": 0.48322188083619494
}