{
  "bids_meta": {
    "AcquisitionDateTime": "2017-03-29T14:33:6.500000",
    "ConversionSoftware": "dcm2niix",
    "ConversionSoftwareVersion": "v1.0.20170207",
    "EchoTime": 0.00298,
    "FlipAngle": 9,
    "ImageType": [
      "ORIGINAL",
      "PRIMARY",
      "M",
      "NORM",
      "DIS2D"
    ],
    "MagneticFieldStrength": 3,
    "Manufacturer": "Siemens",
    "ManufacturersModelName": "TrioTim",
    "PhaseEncodingDirection": "i-",
    "ProcedureStepDescription": "CIC-Physics_func_battery_Jess",
    "ProtocolName": "MPRAGE_ADNI_P2",
    "RepetitionTime": 2.3,
    "dataset": "ds001344",
    "modality": "T1w",
    "session_id": "scan2",
    "subject_id": "015"
  },
  "cjv": 0.33693577305569244,
  "cnr": 3.9679243700470774,
  "efc": 0.5797473658407758,
  "fber": 8727.6846432788,
  "fwhm_avg": 3.8822887039224088,
  "fwhm_x": 3.943786111767227,
  "fwhm_y": 4.13584,
  "fwhm_z": 3.56724,
  "icvs_csf": 0.2023319076976912,
  "icvs_gm": 0.45537519974253393,
  "icvs_wm": 0.34229289255977485,
  "inu_med": 0.6162946820259094,
  "inu_range": 0.28427501022815704,
  "provenance": {
    "md5sum": "689c2763f99cd310527781d590a5f5f8",
    "settings": {
      "testing": false
    },
    "software": "mriqc",
    "version": "22.0.1",
    "warnings": {
      "large_rot_frame": true,
      "small_air_mask": false
    },
    "webapi_port": null,
    "webapi_url": "https://mriqc.nimh.nih.gov/api/v1"
  },
  "qi_1": 5.334483210825445e-06,
  "qi_2": 0.011848806670527368,
  "rpve_csf": 19.82578268202227,
  "rpve_gm": 9.431331892436463,
  "rpve_wm": 14.058150990916657,
  "size_x": 160,
  "size_y": 240,
  "size_z": 256,
  "snr_csf": 1.4726207823176756,
  "snr_gm": 9.996293547210893,
  "snr_total": 10.518045824221398,
  "snr_wm": 20.08522314313562,
  "snrd_csf": 15.11177286999444,
  "snrd_gm": 66.95005004749974,
  "snrd_total": 60.749738918183574,
  "snrd_wm": 100.18739383705655,
  "spacing_x": 0.9999984502792358,
  "spacing_y": 1.0,
  "spacing_z": 1.0,
  "summary_bg_k": 10.130299329318184,
  "summary_bg_mad": 0.0,
  "summary_bg_mean": 3.883205032504823,
  "summary_bg_median": 0.0,
  "summary_bg_n": 2049694.0,
  "summary_bg_p05": 0.0,
  "summary_bg_p95": 16.607354767620564,
  "summary_bg_stdv": 6.539420420992751,
  "summary_csf_k": 1.6389395061478922,
  "summary_csf_mad": 90.6093317609005,
  "summary_csf_mean": 173.32067379412356,
  "summary_csf_median": 150.84223087504506,
  "summary_csf_n": 38813.0,
  "summary_csf_p05": 51.29300143942237,
  "summary_csf_p95": 381.1625167094171,
  "summary_csf_stdv": 102.42982408072332,
  "summary_gm_k": 0.16542058980954488,
  "summary_gm_mad": 65.5651375785398,
  "summary_gm_mean": 666.5332297016457,
  "summary_gm_median": 668.2799558490515,
  "summary_gm_n": 52965.0,
  "summary_gm_p05": 553.7841071225703,
  "summary_gm_p95": 773.8552825860679,
  "summary_gm_stdv": 66.85214314376826,
  "summary_wm_k": 0.8035385445869783,
  "summary_wm_mad": 46.219201061266794,
  "summary_wm_mean": 999.1728088195881,
  "summary_wm_median": 1000.04745452106,
  "summary_wm_n": 204071.0,
  "summary_wm_p05": 916.6310840025544,
  "summary_wm_p95": 1078.3867194391787,
  "summary_wm_stdv": 49.79008682887922,
  "tpm_overlap_csf": 0.15275534313376696,
  "tpm_overlap_gm": 0.46552755266579193,
  "tpm_overlap_wm": 0.49826727955148636,
  "wm2max": 0.4576684828746907
}