{
  "bids_meta": {
    "AcquisitionDateTime": "2017-03-29T15:17:13.406250",
    "ConversionSoftware": "dcm2niix",
    "ConversionSoftwareVersion": "v1.0.20170207",
    "EchoTime": 0.00298,
    "FlipAngle": 9,
    "ImageType": [
      "ORIGINAL",
      "PRIMARY",
      "M",
      "NORM",
      "DIS2D"
    ],
    "MagneticFieldStrength": 3,
    "Manufacturer": "Siemens",
    "ManufacturersModelName": "TrioTim",
    "PhaseEncodingDirection": "i-",
    "ProcedureStepDescription": "CIC-Physics_func_battery_Jess",
    "ProtocolName": "MPRAGE_ADNI_P2",
    "RepetitionTime": 2.3,
    "dataset": "ds001344",
    "modality": "T1w",
    "session_id": "scan1",
    "subject_id": "017"
  },
  "cjv": 0.36982978356626645,
  "cnr": 3.5371078694087963,
  "efc": 0.5509863370632,
  "fber": -1.0,
  "fwhm_avg": 3.785940075908705,
  "fwhm_x": 3.820610227726115,
  "fwhm_y": 3.98114,
  "fwhm_z": 3.55607,
  "icvs_csf": 0.25937910592787844,
  "icvs_gm": 0.41078597288249724,
  "icvs_wm": 0.3298349211896244,
  "inu_med": 0.6128102242946625,
  "inu_range": 0.23545178771018982,
  "provenance": {
    "md5sum": "c03a82f358df845a150e4248ba1144d8",
    "settings": {
      "testing": false
    },
    "software": "mriqc",
    "version": "22.0.1",
    "warnings": {
      "large_rot_frame": true,
      "small_air_mask": false
    },
    "webapi_port": null,
    "webapi_url": "https://mriqc.nimh.nih.gov/api/v1"
  },
  "qi_1": 0.0,
  "qi_2": 0.026844972344794802,
  "rpve_csf": 15.30961384912327,
  "rpve_gm": 9.453661867927371,
  "rpve_wm": 13.509563345036954,
  "size_x": 160,
  "size_y": 240,
  "size_z": 256,
  "snr_csf": 1.8781958512237598,
  "snr_gm": 8.838792002520142,
  "snr_total": 10.180706749431499,
  "snr_wm": 19.825132394550593,
  "snrd_csf": 23.719657587142862,
  "snrd_gm": 90.21256069477336,
  "snrd_total": 82.48655741472396,
  "snrd_wm": 133.5274539622557,
  "spacing_x": 0.9999999403953552,
  "spacing_y": 1.0,
  "spacing_z": 1.0,
  "summary_bg_k": 9.366716963262151,
  "summary_bg_mad": 0.0,
  "summary_bg_mean": 2.4126781114492424,
  "summary_bg_median": 0.0,
  "summary_bg_n": 2909219.0,
  "summary_bg_p05": 0.0,
  "summary_bg_p95": 10.563678108155727,
  "summary_bg_stdv": 4.9063798984025215,
  "summary_csf_k": 1.7128978655092126,
  "summary_csf_mad": 79.3736608103674,
  "summary_csf_mean": 195.56408363631004,
  "summary_csf_median": 177.6388110667467,
  "summary_csf_n": 95658.0,
  "summary_csf_p05": 76.05848237872124,
  "summary_csf_p95": 386.6792116777969,
  "summary_csf_stdv": 94.57899847804498,
  "summary_gm_k": 0.20106791173866112,
  "summary_gm_mad": 73.1089677708751,
  "summary_gm_mean": 674.9922187682903,
  "summary_gm_median": 675.6105970852077,
  "summary_gm_n": 32269.0,
  "summary_gm_p05": 546.9872524403036,
  "summary_gm_p95": 801.4028759971261,
  "summary_gm_stdv": 76.43579896393226,
  "summary_wm_k": 0.7516212515325726,
  "summary_wm_mad": 46.85990393540238,
  "summary_wm_mean": 999.457090653743,
  "summary_wm_median": 1000.0000244304538,
  "summary_wm_n": 223548.0,
  "summary_wm_p05": 916.5469673760235,
  "summary_wm_p95": 1080.4107421897352,
  "summary_wm_stdv": 50.44091347640438,
  "tpm_overlap_csf": 0.1671421329059678,
  "tpm_overlap_gm": 0.4433370224280546,
  "tpm_overlap_wm": 0.49965936153306667,
  "wm2max": 0.4616909153728638
}