{
  "bids_meta": {
    "AcquisitionDateTime": "2017-03-06T15:44:47.406250",
    "ConversionSoftware": "dcm2niix",
    "ConversionSoftwareVersion": "v1.0.20170207",
    "EchoTime": 0.00298,
    "FlipAngle": 9,
    "ImageType": [
      "ORIGINAL",
      "PRIMARY",
      "M",
      "NORM",
      "DIS2D"
    ],
    "MagneticFieldStrength": 3,
    "Manufacturer": "Siemens",
    "ManufacturersModelName": "TrioTim",
    "PhaseEncodingDirection": "i-",
    "ProcedureStepDescription": "CIC-Physics_func_battery_Jess",
    "ProtocolName": "MPRAGE_ADNI_P2",
    "RepetitionTime": 2.3,
    "dataset": "ds001344",
    "modality": "T1w",
    "session_id": "scan1",
    "subject_id": "002"
  },
  "cjv": 0.3540353668211755,
  "cnr": 3.7974572582769235,
  "efc": 0.5486284767955375,
  "fber": 8976.657268043327,
  "fwhm_avg": 3.6857866666666665,
  "fwhm_x": 3.7314,
  "fwhm_y": 3.86607,
  "fwhm_z": 3.45989,
  "icvs_csf": 0.20863041399808246,
  "icvs_gm": 0.43757598702698686,
  "icvs_wm": 0.3537935989749307,
  "inu_med": 0.6094893217086792,
  "inu_range": 0.28257620930671684,
  "provenance": {
    "md5sum": "988d456a831a41565b39091a470730f5",
    "settings": {
      "testing": false
    },
    "software": "mriqc",
    "version": "22.0.1",
    "warnings": {
      "large_rot_frame": true,
      "small_air_mask": false
    },
    "webapi_port": null,
    "webapi_url": "https://mriqc.nimh.nih.gov/api/v1"
  },
  "qi_1": 0.0,
  "qi_2": 0.011277791861896381,
  "rpve_csf": 21.490813561562355,
  "rpve_gm": 10.742353465933173,
  "rpve_wm": 15.047212710165047,
  "size_x": 160,
  "size_y": 240,
  "size_z": 256,
  "snr_csf": 1.5921277187580838,
  "snr_gm": 9.465876156903873,
  "snr_total": 10.340772342527705,
  "snr_wm": 19.964313151921157,
  "snrd_csf": 17.520982842848216,
  "snrd_gm": 60.436784886008645,
  "snrd_total": 56.068559220023324,
  "snrd_wm": 90.2479099312131,
  "spacing_x": 1.0,
  "spacing_y": 1.0,
  "spacing_z": 1.0,
  "summary_bg_k": 282.7073588886945,
  "summary_bg_mad": 0.0,
  "summary_bg_mean": 4.281140418111663,
  "summary_bg_median": 0.0,
  "summary_bg_n": 2851942.0,
  "summary_bg_p05": 0.0,
  "summary_bg_p95": 16.452780552208424,
  "summary_bg_stdv": 7.259297215697589,
  "summary_csf_k": 1.003646252231654,
  "summary_csf_mad": 111.162061916936,
  "summary_csf_mean": 215.4484144410924,
  "summary_csf_median": 194.1428105160594,
  "summary_csf_n": 33373.0,
  "summary_csf_p05": 57.02063659951091,
  "summary_csf_p95": 458.1394264623523,
  "summary_csf_stdv": 121.93739203590924,
  "summary_gm_k": 0.10245748795989007,
  "summary_gm_mad": 69.34561229301023,
  "summary_gm_mean": 670.4792864706704,
  "summary_gm_median": 669.6751764193177,
  "summary_gm_n": 37493.0,
  "summary_gm_p05": 553.5655536651611,
  "summary_gm_p95": 788.6522837840021,
  "summary_gm_stdv": 70.74529970497669,
  "summary_wm_k": 0.43345598796794027,
  "summary_wm_mad": 47.60105848856883,
  "summary_wm_mean": 1000.0653281755863,
  "summary_wm_median": 1000.000001963228,
  "summary_wm_n": 199913.0,
  "summary_wm_p05": 918.1121627576649,
  "summary_wm_p95": 1082.2168967798352,
  "summary_wm_stdv": 50.08925141889456,
  "tpm_overlap_csf": 0.165547143707364,
  "tpm_overlap_gm": 0.4756415051696948,
  "tpm_overlap_wm": 0.5177482822722695,
  "wm2max": 0.4105979910113733
}