{
  "aor": 0.000903548387096774,
  "aqi": 0.008466676,
  "bids_meta": {
    "AcquisitionDateTime": "2017-03-24T15:30:17.640625",
    "ConversionSoftware": "dcm2niix",
    "ConversionSoftwareVersion": "v1.0.20170207",
    "EchoTime": 0.03,
    "EffectiveEchoSpacing": 0.000265001,
    "FlipAngle": 80,
    "ImageType": [
      "ORIGINAL",
      "PRIMARY",
      "M",
      "ND",
      "NORM",
      "MOSAIC"
    ],
    "MagneticFieldStrength": 3,
    "Manufacturer": "Siemens",
    "ManufacturersModelName": "TrioTim",
    "PhaseEncodingDirection": "j-",
    "ProcedureStepDescription": "CIC-Physics_func_battery_Jess",
    "ProtocolName": "Func_battery_Attention_TR=2s_Standard_E",
    "RepetitionTime": 2,
    "TaskName": "Eye Movemement Variant",
    "dataset": "ds001344",
    "modality": "bold",
    "session_id": "scan2",
    "subject_id": "012",
    "task_id": "eyemovement"
  },
  "dummy_trs": 0,
  "dvars_nstd": 27.179325945584406,
  "dvars_std": 1.1643450960389619,
  "dvars_vstd": 1.0033862338311679,
  "efc": 0.5584974375251789,
  "fber": 2171.12744140625,
  "fd_mean": 0.09635018023567175,
  "fd_num": 4,
  "fd_perc": 2.5806451612903225,
  "fwhm_avg": 1.5416644444444445,
  "fwhm_x": 1.45781,
  "fwhm_y": 1.6700166666666665,
  "fwhm_z": 1.4971666666666668,
  "gcor": 0.00996763,
  "gsr_x": 0.003302122699096799,
  "gsr_y": 0.030605508014559746,
  "provenance": {
    "md5sum": "be06e6a9596475cfd4e90c10eb218891",
    "settings": {
      "fd_thres": 0.2,
      "testing": false
    },
    "software": "mriqc",
    "version": "22.0.1",
    "webapi_port": null,
    "webapi_url": "https://mriqc.nimh.nih.gov/api/v1"
  },
  "size_t": 155,
  "size_x": 64,
  "size_y": 64,
  "size_z": 36,
  "snr": 7.21614005888683,
  "spacing_tr": 2.0,
  "spacing_x": 3.0,
  "spacing_y": 3.0,
  "spacing_z": 3.0,
  "summary_bg_k": 36.93852663225182,
  "summary_bg_mad": 6.523450609776443,
  "summary_bg_mean": 23.103363037109375,
  "summary_bg_median": 11.387096405029297,
  "summary_bg_n": 79841.0,
  "summary_bg_p05": 5.380645275115967,
  "summary_bg_p95": 75.53548431396484,
  "summary_bg_stdv": 38.303714752197266,
  "summary_fg_k": 1.9697526813722668,
  "summary_fg_mad": 75.63664797574339,
  "summary_fg_mean": 543.6011352539062,
  "summary_fg_median": 540.832275390625,
  "summary_fg_n": 34360.0,
  "summary_fg_p05": 437.9067642211914,
  "summary_fg_p95": 662.4845306396485,
  "summary_fg_stdv": 74.94649505615234,
  "tsnr": 61.656501873978414
}