{
  "aor": 0.0010678709677419355,
  "aqi": 0.007062234967741937,
  "bids_meta": {
    "AcquisitionDateTime": "2017-03-24T15:36:8.312500",
    "ConversionSoftware": "dcm2niix",
    "ConversionSoftwareVersion": "v1.0.20170207",
    "EchoTime": 0.03,
    "EffectiveEchoSpacing": 0.000265001,
    "FlipAngle": 80,
    "ImageType": [
      "ORIGINAL",
      "PRIMARY",
      "M",
      "ND",
      "NORM",
      "MOSAIC"
    ],
    "MagneticFieldStrength": 3,
    "Manufacturer": "Siemens",
    "ManufacturersModelName": "TrioTim",
    "PhaseEncodingDirection": "j-",
    "ProcedureStepDescription": "CIC-Physics_func_battery_Jess",
    "ProtocolName": "Func_battery_Letters_TR=2s_Standard_EPI",
    "RepetitionTime": 2,
    "TaskName": "Working Memory Variant",
    "dataset": "ds001344",
    "modality": "bold",
    "session_id": "scan2",
    "subject_id": "012",
    "task_id": "workingmemory"
  },
  "dummy_trs": 0,
  "dvars_nstd": 26.47135062045453,
  "dvars_std": 1.16823702474026,
  "dvars_vstd": 1.013281932922078,
  "efc": 0.5591224140566509,
  "fber": 2153.368896484375,
  "fd_mean": 0.07592167219290492,
  "fd_num": 2,
  "fd_perc": 1.2903225806451613,
  "fwhm_avg": 1.5397211111111109,
  "fwhm_x": 1.4541433333333333,
  "fwhm_y": 1.6786333333333332,
  "fwhm_z": 1.4863866666666665,
  "gcor": 0.0121296,
  "gsr_x": 0.0033908637706190348,
  "gsr_y": 0.029874419793486595,
  "provenance": {
    "md5sum": "0e48d5a23061094ac18ea837c13c88ca",
    "settings": {
      "fd_thres": 0.2,
      "testing": false
    },
    "software": "mriqc",
    "version": "22.0.1",
    "webapi_port": null,
    "webapi_url": "https://mriqc.nimh.nih.gov/api/v1"
  },
  "size_t": 155,
  "size_x": 64,
  "size_y": 64,
  "size_z": 36,
  "snr": 7.161878672367959,
  "spacing_tr": 2.0,
  "spacing_x": 3.0,
  "spacing_y": 3.0,
  "spacing_z": 3.0,
  "summary_bg_k": 36.444266607579955,
  "summary_bg_mad": 6.485188529931987,
  "summary_bg_mean": 23.28572654724121,
  "summary_bg_median": 11.387096405029297,
  "summary_bg_n": 79775.0,
  "summary_bg_p05": 5.458064556121826,
  "summary_bg_p95": 75.53741836547853,
  "summary_bg_stdv": 38.63185119628906,
  "summary_fg_k": 2.092187081365295,
  "summary_fg_mad": 75.74661699100454,
  "summary_fg_mean": 542.8109130859375,
  "summary_fg_median": 540.3548583984375,
  "summary_fg_n": 34398.0,
  "summary_fg_p05": 437.1093444824219,
  "summary_fg_p95": 663.0396667480469,
  "summary_fg_stdv": 75.44766235351562,
  "tsnr": 66.13113219989464
}