{
  "aor": 0.0006692207792207793,
  "aqi": 0.0074023309090909106,
  "bids_meta": {
    "AcquisitionDateTime": "2017-03-29T14:56:28.765625",
    "ConversionSoftware": "dcm2niix",
    "ConversionSoftwareVersion": "v1.0.20170207",
    "EchoTime": 0.03,
    "EffectiveEchoSpacing": 0.000265001,
    "FlipAngle": 80,
    "ImageType": [
      "ORIGINAL",
      "PRIMARY",
      "M",
      "ND",
      "NORM",
      "MOSAIC"
    ],
    "MagneticFieldStrength": 3,
    "Manufacturer": "Siemens",
    "ManufacturersModelName": "TrioTim",
    "PhaseEncodingDirection": "j-",
    "ProcedureStepDescription": "CIC-Physics_func_battery_Jess",
    "ProtocolName": "Func_battery_Attention_TR=2s_Standard_E",
    "RepetitionTime": 2,
    "TaskName": "Eye Movemement Variant",
    "dataset": "ds001344",
    "modality": "bold",
    "session_id": "scan2",
    "subject_id": "015",
    "task_id": "eyemovement"
  },
  "dummy_trs": 1,
  "dvars_nstd": 24.49206964326798,
  "dvars_std": 1.1191694586274503,
  "dvars_vstd": 1.0189834998692813,
  "efc": 0.615154746687442,
  "fber": 1392.3077392578125,
  "fd_mean": 0.046793292417374045,
  "fd_num": 0,
  "fd_perc": 0.0,
  "fwhm_avg": 1.576187777777778,
  "fwhm_x": 1.4335933333333333,
  "fwhm_y": 1.7358133333333334,
  "fwhm_z": 1.5591566666666665,
  "gcor": 0.00979587,
  "gsr_x": -0.008308950811624527,
  "gsr_y": 0.04023183882236481,
  "provenance": {
    "md5sum": "32a52a73645866d3fe13544a5289381d",
    "settings": {
      "fd_thres": 0.2,
      "testing": false
    },
    "software": "mriqc",
    "version": "22.0.1",
    "webapi_port": null,
    "webapi_url": "https://mriqc.nimh.nih.gov/api/v1"
  },
  "size_t": 154,
  "size_x": 64,
  "size_y": 64,
  "size_z": 36,
  "snr": 7.182219005021046,
  "spacing_tr": 2.0,
  "spacing_x": 3.0,
  "spacing_y": 3.0,
  "spacing_z": 3.0,
  "summary_bg_k": 19.647365426858915,
  "summary_bg_mad": 10.88846095800484,
  "summary_bg_mean": 31.593673706054688,
  "summary_bg_median": 15.668830871582031,
  "summary_bg_n": 70278.0,
  "summary_bg_p05": 5.8701300621032715,
  "summary_bg_p95": 111.66883087158203,
  "summary_bg_stdv": 43.18791580200195,
  "summary_fg_k": 2.699709718795188,
  "summary_fg_mad": 76.27700653282682,
  "summary_fg_mean": 620.0104370117188,
  "summary_fg_median": 613.80517578125,
  "summary_fg_n": 42235.0,
  "summary_fg_p05": 500.6746826171875,
  "summary_fg_p95": 759.4278991699218,
  "summary_fg_stdv": 85.46076202392578,
  "tsnr": 66.79811561410315
}