{
  "aor": 0.0011271612903225807,
  "aqi": 0.007127263677419353,
  "bids_meta": {
    "AcquisitionDateTime": "2017-03-09T12:51:27.671875",
    "ConversionSoftware": "dcm2niix",
    "ConversionSoftwareVersion": "v1.0.20170207",
    "EchoTime": 0.03,
    "EffectiveEchoSpacing": 0.000265001,
    "FlipAngle": 80,
    "ImageType": [
      "ORIGINAL",
      "PRIMARY",
      "M",
      "ND",
      "NORM",
      "MOSAIC"
    ],
    "MagneticFieldStrength": 3,
    "Manufacturer": "Siemens",
    "ManufacturersModelName": "TrioTim",
    "PhaseEncodingDirection": "j-",
    "ProcedureStepDescription": "CIC-Physics_func_battery_Jess",
    "ProtocolName": "Func_battery_Letters_TR=2s_Standard_EPI",
    "RepetitionTime": 2,
    "TaskName": "Working Memory Variant",
    "dataset": "ds001344",
    "modality": "bold",
    "session_id": "scan1",
    "subject_id": "008",
    "task_id": "workingmemory"
  },
  "dummy_trs": 0,
  "dvars_nstd": 26.000330627857153,
  "dvars_std": 1.1744195306493506,
  "dvars_vstd": 1.0179039366233764,
  "efc": 0.5823864028507297,
  "fber": 1625.93310546875,
  "fd_mean": 0.06068679435100468,
  "fd_num": 3,
  "fd_perc": 1.935483870967742,
  "fwhm_avg": 1.594681111111111,
  "fwhm_x": 1.5013066666666666,
  "fwhm_y": 1.71417,
  "fwhm_z": 1.5685666666666667,
  "gcor": 0.0232708,
  "gsr_x": 0.015209604986011982,
  "gsr_y": 0.01583276502788067,
  "provenance": {
    "md5sum": "fab93b5f65a3cc7e7935026c6f9bf3f4",
    "settings": {
      "fd_thres": 0.2,
      "testing": false
    },
    "software": "mriqc",
    "version": "22.0.1",
    "webapi_port": null,
    "webapi_url": "https://mriqc.nimh.nih.gov/api/v1"
  },
  "size_t": 155,
  "size_x": 64,
  "size_y": 64,
  "size_z": 36,
  "snr": 6.693412598140201,
  "spacing_tr": 2.0,
  "spacing_x": 3.0,
  "spacing_y": 3.0,
  "spacing_z": 3.0,
  "summary_bg_k": 14.76764780494323,
  "summary_bg_mad": 7.809965501497795,
  "summary_bg_mean": 32.730255126953125,
  "summary_bg_median": 13.345161437988281,
  "summary_bg_n": 78066.0,
  "summary_bg_p05": 6.690322399139404,
  "summary_bg_p95": 129.15322494506836,
  "summary_bg_stdv": 50.81498718261719,
  "summary_fg_k": 2.9743152973967515,
  "summary_fg_mad": 74.19707416024679,
  "summary_fg_mean": 556.16845703125,
  "summary_fg_median": 549.7806396484375,
  "summary_fg_n": 35309.0,
  "summary_fg_p05": 447.0503173828125,
  "summary_fg_p95": 690.2348388671874,
  "summary_fg_stdv": 82.13640594482422,
  "tsnr": 64.28150677867234
}