{
  "aor": 0.002000193548387096,
  "aqi": 0.008081518258064515,
  "bids_meta": {
    "AcquisitionDateTime": "2017-03-15T16:14:46.562500",
    "ConversionSoftware": "dcm2niix",
    "ConversionSoftwareVersion": "v1.0.20170207",
    "EchoTime": 0.03,
    "EffectiveEchoSpacing": 0.000265001,
    "FlipAngle": 80,
    "ImageType": [
      "ORIGINAL",
      "PRIMARY",
      "M",
      "ND",
      "NORM",
      "MOSAIC"
    ],
    "MagneticFieldStrength": 3,
    "Manufacturer": "Siemens",
    "ManufacturersModelName": "TrioTim",
    "PhaseEncodingDirection": "j-",
    "ProcedureStepDescription": "CIC-Physics_func_battery_Jess",
    "ProtocolName": "Func_battery_Letters_TR=2s_Standard_EPI",
    "RepetitionTime": 2,
    "TaskName": "Working Memory Variant",
    "dataset": "ds001344",
    "modality": "bold",
    "session_id": "scan1",
    "subject_id": "011",
    "task_id": "workingmemory"
  },
  "dummy_trs": 0,
  "dvars_nstd": 25.383080556688313,
  "dvars_std": 1.102286012532467,
  "dvars_vstd": 1.0275813164935068,
  "efc": 0.5943166220094533,
  "fber": 1839.404541015625,
  "fd_mean": 0.14775883234419776,
  "fd_num": 20,
  "fd_perc": 12.903225806451612,
  "fwhm_avg": 1.5783788888888892,
  "fwhm_x": 1.45153,
  "fwhm_y": 1.7315500000000001,
  "fwhm_z": 1.5520566666666669,
  "gcor": 0.0261814,
  "gsr_x": 0.01552126556634903,
  "gsr_y": 0.0324404239654541,
  "provenance": {
    "md5sum": "4b650521dce83aa70ac21c31942215a7",
    "settings": {
      "fd_thres": 0.2,
      "testing": false
    },
    "software": "mriqc",
    "version": "22.0.1",
    "webapi_port": null,
    "webapi_url": "https://mriqc.nimh.nih.gov/api/v1"
  },
  "size_t": 155,
  "size_x": 64,
  "size_y": 64,
  "size_z": 36,
  "snr": 7.195912333344482,
  "spacing_tr": 2.0,
  "spacing_x": 3.0,
  "spacing_y": 3.0,
  "spacing_z": 3.0,
  "summary_bg_k": 18.94688774953124,
  "summary_bg_mad": 7.13562126457322,
  "summary_bg_mean": 30.929859161376953,
  "summary_bg_median": 12.167741775512695,
  "summary_bg_n": 76051.0,
  "summary_bg_p05": 5.806451320648193,
  "summary_bg_p95": 125.27096557617188,
  "summary_bg_stdv": 51.13783645629883,
  "summary_fg_k": 2.4422603025011567,
  "summary_fg_mad": 71.19834286032321,
  "summary_fg_mean": 536.1112060546875,
  "summary_fg_median": 533.5096435546875,
  "summary_fg_n": 37740.0,
  "summary_fg_p05": 430.5022369384766,
  "summary_fg_p95": 653.8209503173827,
  "summary_fg_stdv": 74.1396713256836,
  "tsnr": 60.18258662696462
}