{
  "aor": 0.0008557419354838708,
  "aqi": 0.00912722729032258,
  "bids_meta": {
    "AcquisitionDateTime": "2017-03-15T16:20:54.093750",
    "ConversionSoftware": "dcm2niix",
    "ConversionSoftwareVersion": "v1.0.20170207",
    "EchoTime": 0.03,
    "EffectiveEchoSpacing": 0.000265001,
    "FlipAngle": 80,
    "ImageType": [
      "ORIGINAL",
      "PRIMARY",
      "M",
      "ND",
      "NORM",
      "MOSAIC"
    ],
    "MagneticFieldStrength": 3,
    "Manufacturer": "Siemens",
    "ManufacturersModelName": "TrioTim",
    "PhaseEncodingDirection": "j-",
    "ProcedureStepDescription": "CIC-Physics_func_battery_Jess",
    "ProtocolName": "Func_battery_Attention_TR=2s_Standard_E",
    "RepetitionTime": 2,
    "TaskName": "Eye Movemement Variant",
    "dataset": "ds001344",
    "modality": "bold",
    "session_id": "scan1",
    "subject_id": "011",
    "task_id": "eyemovement"
  },
  "dummy_trs": 0,
  "dvars_nstd": 24.61408740227273,
  "dvars_std": 1.0601078266883117,
  "dvars_vstd": 0.9985743357142856,
  "efc": 0.5940639389601446,
  "fber": 1845.8753662109375,
  "fd_mean": 0.13476023120814534,
  "fd_num": 20,
  "fd_perc": 12.903225806451612,
  "fwhm_avg": 1.5802922222222222,
  "fwhm_x": 1.4572866666666666,
  "fwhm_y": 1.72567,
  "fwhm_z": 1.55792,
  "gcor": 0.0135659,
  "gsr_x": 0.015844127163290977,
  "gsr_y": 0.03300618752837181,
  "provenance": {
    "md5sum": "cadd6a6baa9ef3f75e9dac85a27e2cfa",
    "settings": {
      "fd_thres": 0.2,
      "testing": false
    },
    "software": "mriqc",
    "version": "22.0.1",
    "webapi_port": null,
    "webapi_url": "https://mriqc.nimh.nih.gov/api/v1"
  },
  "size_t": 155,
  "size_x": 64,
  "size_y": 64,
  "size_z": 36,
  "snr": 7.177997190403051,
  "spacing_tr": 2.0,
  "spacing_x": 3.0,
  "spacing_y": 3.0,
  "spacing_z": 3.0,
  "summary_bg_k": 18.268281086367274,
  "summary_bg_mad": 6.953881687510769,
  "summary_bg_mean": 30.865367889404297,
  "summary_bg_median": 12.135483741760254,
  "summary_bg_n": 76042.0,
  "summary_bg_p05": 5.890322685241699,
  "summary_bg_p95": 125.30806427001944,
  "summary_bg_stdv": 50.8695182800293,
  "summary_fg_k": 2.446335056520894,
  "summary_fg_mad": 71.19359209027489,
  "summary_fg_mean": 536.556884765625,
  "summary_fg_median": 534.0322265625,
  "summary_fg_n": 37727.0,
  "summary_fg_p05": 430.37611694335936,
  "summary_fg_p95": 654.3606567382811,
  "summary_fg_stdv": 74.39751434326172,
  "tsnr": 58.16780399507843
}