{
  "bids_meta": {
    "AcquisitionDateTime": "2017-04-05T10:16:58.429688",
    "ConversionSoftware": "dcm2niix",
    "ConversionSoftwareVersion": "v1.0.20170207",
    "EchoTime": 0.00298,
    "FlipAngle": 9,
    "ImageType": [
      "ORIGINAL",
      "PRIMARY",
      "M",
      "NORM",
      "DIS2D"
    ],
    "MagneticFieldStrength": 3,
    "Manufacturer": "Siemens",
    "ManufacturersModelName": "TrioTim",
    "PhaseEncodingDirection": "i-",
    "ProcedureStepDescription": "CIC-Physics_func_battery_Jess",
    "ProtocolName": "MPRAGE_ADNI_P2",
    "RepetitionTime": 2.3,
    "dataset": "ds001344",
    "modality": "T1w",
    "session_id": "scan2",
    "subject_id": "014"
  },
  "cjv": 0.323732137080655,
  "cnr": 4.079568908406726,
  "efc": 0.5078139936330721,
  "fber": 13575.72783470706,
  "fwhm_avg": 3.7792776804102886,
  "fwhm_x": 3.827403041230867,
  "fwhm_y": 3.96011,
  "fwhm_z": 3.55032,
  "icvs_csf": 0.2212009063944426,
  "icvs_gm": 0.4373722024169081,
  "icvs_wm": 0.3414268911886493,
  "inu_med": 0.5658102035522461,
  "inu_range": 0.2154625952243805,
  "provenance": {
    "md5sum": "3a350ef0462e702499c31ff568f9edb5",
    "settings": {
      "testing": false
    },
    "software": "mriqc",
    "version": "22.0.1",
    "warnings": {
      "large_rot_frame": true,
      "small_air_mask": false
    },
    "webapi_port": null,
    "webapi_url": "https://mriqc.nimh.nih.gov/api/v1"
  },
  "qi_1": 0.0,
  "qi_2": 0.0200719203577449,
  "rpve_csf": 19.52042596052376,
  "rpve_gm": 10.070910710471894,
  "rpve_wm": 14.697733468432608,
  "size_x": 160,
  "size_y": 240,
  "size_z": 256,
  "snr_csf": 1.6779240206271209,
  "snr_gm": 10.355807007619624,
  "snr_total": 11.290521794011328,
  "snr_wm": 21.83783435378724,
  "snrd_csf": 26.77701853878815,
  "snrd_gm": 87.00011230387942,
  "snrd_total": 80.91900771727886,
  "snrd_wm": 128.979892309169,
  "spacing_x": 0.9999939799308777,
  "spacing_y": 1.0,
  "spacing_z": 1.0,
  "summary_bg_k": 18.41659226492363,
  "summary_bg_mad": 0.0,
  "summary_bg_mean": 2.6634215557995184,
  "summary_bg_median": 0.0,
  "summary_bg_n": 2486808.0,
  "summary_bg_p05": 0.0,
  "summary_bg_p95": 12.807154301553965,
  "summary_bg_stdv": 5.079368348884789,
  "summary_csf_k": 0.32859414209441384,
  "summary_csf_mad": 117.40324628316918,
  "summary_csf_mean": 227.91658540721946,
  "summary_csf_median": 207.60614193230867,
  "summary_csf_n": 50404.0,
  "summary_csf_p05": 63.25431802496314,
  "summary_csf_p95": 460.4367334779351,
  "summary_csf_stdv": 123.72674802236106,
  "summary_gm_k": 0.23557098754851014,
  "summary_gm_mad": 62.756669477022996,
  "summary_gm_mean": 672.3494501307523,
  "summary_gm_median": 674.5245979093015,
  "summary_gm_n": 34009.0,
  "summary_gm_p05": 560.2153190076351,
  "summary_gm_p95": 775.5491676032543,
  "summary_gm_stdv": 65.13395629000948,
  "summary_wm_k": 0.7410978592597459,
  "summary_wm_mad": 42.61016942952741,
  "summary_wm_mean": 998.7226091730614,
  "summary_wm_median": 999.9999734982848,
  "summary_wm_n": 195286.0,
  "summary_wm_p05": 921.6375548057258,
  "summary_wm_p95": 1070.7215136922896,
  "summary_wm_stdv": 45.79196805631334,
  "tpm_overlap_csf": 0.16804600503955106,
  "tpm_overlap_gm": 0.4891494419234484,
  "tpm_overlap_wm": 0.5169292212750537,
  "wm2max": 0.4511728761307178
}