{
  "bids_meta": {
    "AcquisitionDateTime": "2017-03-09T13:07:4.421875",
    "ConversionSoftware": "dcm2niix",
    "ConversionSoftwareVersion": "v1.0.20170207",
    "EchoTime": 0.00298,
    "FlipAngle": 9,
    "ImageType": [
      "ORIGINAL",
      "PRIMARY",
      "M",
      "NORM",
      "DIS2D"
    ],
    "MagneticFieldStrength": 3,
    "Manufacturer": "Siemens",
    "ManufacturersModelName": "TrioTim",
    "PhaseEncodingDirection": "i-",
    "ProcedureStepDescription": "CIC-Physics_func_battery_Jess",
    "ProtocolName": "MPRAGE_ADNI_P2",
    "RepetitionTime": 2.3,
    "dataset": "ds001344",
    "modality": "T1w",
    "session_id": "scan1",
    "subject_id": "009"
  },
  "cjv": 0.3620596593362605,
  "cnr": 3.742533015493726,
  "efc": 0.5560107051557935,
  "fber": 4852.172077312816,
  "fwhm_avg": 3.936,
  "fwhm_x": 3.90483,
  "fwhm_y": 4.23013,
  "fwhm_z": 3.67304,
  "icvs_csf": 0.2028178829894045,
  "icvs_gm": 0.44861670701230244,
  "icvs_wm": 0.34856540999829305,
  "inu_med": 0.6894870102405548,
  "inu_range": 0.3350294381380081,
  "provenance": {
    "md5sum": "008d2a1156805b82d26a6e5f45f459c1",
    "settings": {
      "testing": false
    },
    "software": "mriqc",
    "version": "22.0.1",
    "warnings": {
      "large_rot_frame": true,
      "small_air_mask": false
    },
    "webapi_port": null,
    "webapi_url": "https://mriqc.nimh.nih.gov/api/v1"
  },
  "qi_1": 0.0,
  "qi_2": 0.014540487337152517,
  "rpve_csf": 20.928292758380667,
  "rpve_gm": 10.075808477695656,
  "rpve_wm": 14.704191772181504,
  "size_x": 160,
  "size_y": 240,
  "size_z": 256,
  "snr_csf": 2.0896765614877286,
  "snr_gm": 10.244392604881654,
  "snr_total": 10.183919336462319,
  "snr_wm": 18.217688843017573,
  "snrd_csf": 19.099585062793327,
  "snrd_gm": 51.89360373932223,
  "snrd_total": 49.21811717219426,
  "snrd_wm": 76.66116271446722,
  "spacing_x": 1.0,
  "spacing_y": 1.0,
  "spacing_z": 1.0,
  "summary_bg_k": 15.130310071174776,
  "summary_bg_mad": 0.0,
  "summary_bg_mean": 4.175600889049961,
  "summary_bg_median": 0.0,
  "summary_bg_n": 1659137.0,
  "summary_bg_p05": 0.0,
  "summary_bg_p95": 22.195154786109924,
  "summary_bg_stdv": 8.546256360422976,
  "summary_csf_k": 0.20190605383462623,
  "summary_csf_mad": 118.85163177852463,
  "summary_csf_mean": 260.2198171988693,
  "summary_csf_median": 249.15414610505104,
  "summary_csf_n": 30164.0,
  "summary_csf_p05": 83.46415777951479,
  "summary_csf_p95": 475.15224962532506,
  "summary_csf_stdv": 119.22898532279436,
  "summary_gm_k": 0.18991840563224072,
  "summary_gm_mad": 64.07420553957603,
  "summary_gm_mean": 676.4707880138644,
  "summary_gm_median": 676.9522209763527,
  "summary_gm_n": 34678.0,
  "summary_gm_p05": 565.4283349916338,
  "summary_gm_p95": 784.3641387522221,
  "summary_gm_stdv": 66.07931640968155,
  "summary_wm_k": 0.3910409332603031,
  "summary_wm_mad": 52.904693717958914,
  "summary_wm_mean": 1000.0835327218864,
  "summary_wm_median": 1000.045104265213,
  "summary_wm_n": 184150.0,
  "summary_wm_p05": 910.4073551595211,
  "summary_wm_p95": 1089.7730775773525,
  "summary_wm_stdv": 54.89403170614092,
  "tpm_overlap_csf": 0.16792150060030778,
  "tpm_overlap_gm": 0.4865917395551437,
  "tpm_overlap_wm": 0.5310374558570436,
  "wm2max": 0.44148105222691264
}