{
  "aor": 0.0008181935483870968,
  "aqi": 0.010541640258064516,
  "bids_meta": {
    "AcquisitionDateTime": "2017-03-16T12:31:24.390625",
    "ConversionSoftware": "dcm2niix",
    "ConversionSoftwareVersion": "v1.0.20170207",
    "EchoTime": 0.03,
    "EffectiveEchoSpacing": 0.000265001,
    "FlipAngle": 80,
    "ImageType": [
      "ORIGINAL",
      "PRIMARY",
      "M",
      "ND",
      "NORM",
      "MOSAIC"
    ],
    "MagneticFieldStrength": 3,
    "Manufacturer": "Siemens",
    "ManufacturersModelName": "TrioTim",
    "PhaseEncodingDirection": "j-",
    "ProcedureStepDescription": "CIC-Physics_func_battery_Jess",
    "ProtocolName": "Func_battery_Letters_TR=2s_Standard_EPI",
    "RepetitionTime": 2,
    "TaskName": "Working Memory Variant",
    "dataset": "ds001344",
    "modality": "bold",
    "session_id": "scan2",
    "subject_id": "001",
    "task_id": "workingmemory"
  },
  "dummy_trs": 0,
  "dvars_nstd": 23.91055120740261,
  "dvars_std": 1.041922888506493,
  "dvars_vstd": 0.9957143506493509,
  "efc": 0.5934570188495324,
  "fber": 1469.8978271484375,
  "fd_mean": 0.11574108299226014,
  "fd_num": 13,
  "fd_perc": 8.387096774193548,
  "fwhm_avg": 1.5522633333333333,
  "fwhm_x": 1.45102,
  "fwhm_y": 1.6264399999999999,
  "fwhm_z": 1.57933,
  "gcor": 0.0125129,
  "gsr_x": 0.002170183230191469,
  "gsr_y": 0.026964258402585983,
  "provenance": {
    "md5sum": "768af973a510fecef2264a750935c3dc",
    "settings": {
      "fd_thres": 0.2,
      "testing": false
    },
    "software": "mriqc",
    "version": "22.0.1",
    "webapi_port": null,
    "webapi_url": "https://mriqc.nimh.nih.gov/api/v1"
  },
  "size_t": 155,
  "size_x": 64,
  "size_y": 64,
  "size_z": 36,
  "snr": 7.052567246173062,
  "spacing_tr": 2.0,
  "spacing_x": 3.0,
  "spacing_y": 3.0,
  "spacing_z": 3.0,
  "summary_bg_k": 39.46250310124072,
  "summary_bg_mad": 8.627788649560022,
  "summary_bg_mean": 30.43218231201172,
  "summary_bg_median": 14.232257843017578,
  "summary_bg_n": 75022.0,
  "summary_bg_p05": 6.78064489364624,
  "summary_bg_p95": 108.5467727661132,
  "summary_bg_stdv": 49.97842025756836,
  "summary_fg_k": 2.0498055155607053,
  "summary_fg_mad": 79.10403142957568,
  "summary_fg_mean": 564.657958984375,
  "summary_fg_median": 561.8386840820312,
  "summary_fg_n": 38123.0,
  "summary_fg_p05": 452.49676513671875,
  "summary_fg_p95": 690.0251708984375,
  "summary_fg_stdv": 79.66337585449219,
  "tsnr": 54.967176902107894
}