{
  "aor": 0.002015741935483871,
  "aqi": 0.012958157612903226,
  "bids_meta": {
    "AcquisitionDateTime": "2017-03-16T12:37:37.445312",
    "ConversionSoftware": "dcm2niix",
    "ConversionSoftwareVersion": "v1.0.20170207",
    "EchoTime": 0.03,
    "EffectiveEchoSpacing": 0.000265001,
    "FlipAngle": 80,
    "ImageType": [
      "ORIGINAL",
      "PRIMARY",
      "M",
      "ND",
      "NORM",
      "MOSAIC"
    ],
    "MagneticFieldStrength": 3,
    "Manufacturer": "Siemens",
    "ManufacturersModelName": "TrioTim",
    "PhaseEncodingDirection": "j-",
    "ProcedureStepDescription": "CIC-Physics_func_battery_Jess",
    "ProtocolName": "Func_battery_Attention_TR=2s_Standard_E",
    "RepetitionTime": 2,
    "TaskName": "Eye Movemement Variant",
    "dataset": "ds001344",
    "modality": "bold",
    "session_id": "scan2",
    "subject_id": "001",
    "task_id": "eyemovement"
  },
  "dummy_trs": 0,
  "dvars_nstd": 24.018973932727263,
  "dvars_std": 1.0478049861038967,
  "dvars_vstd": 1.0076758627272726,
  "efc": 0.5942933837163351,
  "fber": 1453.5958251953125,
  "fd_mean": 0.1412508173969562,
  "fd_num": 23,
  "fd_perc": 14.838709677419354,
  "fwhm_avg": 1.5668555555555557,
  "fwhm_x": 1.46405,
  "fwhm_y": 1.6340333333333332,
  "fwhm_z": 1.6024833333333335,
  "gcor": 0.0124852,
  "gsr_x": 0.0013605102431029081,
  "gsr_y": 0.030551685020327568,
  "provenance": {
    "md5sum": "93dbb3e8a31e53fb8b7d3cb1824a2efb",
    "settings": {
      "fd_thres": 0.2,
      "testing": false
    },
    "software": "mriqc",
    "version": "22.0.1",
    "webapi_port": null,
    "webapi_url": "https://mriqc.nimh.nih.gov/api/v1"
  },
  "size_t": 155,
  "size_x": 64,
  "size_y": 64,
  "size_z": 36,
  "snr": 7.021593200450412,
  "spacing_tr": 2.0,
  "spacing_x": 3.0,
  "spacing_y": 3.0,
  "spacing_z": 3.0,
  "summary_bg_k": 37.8976713069711,
  "summary_bg_mad": 9.029525641770407,
  "summary_bg_mean": 30.91030502319336,
  "summary_bg_median": 14.258064270019531,
  "summary_bg_n": 75032.0,
  "summary_bg_p05": 6.522580623626709,
  "summary_bg_p95": 110.62806434631342,
  "summary_bg_stdv": 51.427894592285156,
  "summary_fg_k": 2.0458903214234825,
  "summary_fg_mad": 79.77357328838445,
  "summary_fg_mean": 563.4202880859375,
  "summary_fg_median": 560.9161376953125,
  "summary_fg_n": 38178.0,
  "summary_fg_p05": 450.9961273193359,
  "summary_fg_p95": 689.1735290527345,
  "summary_fg_stdv": 79.88340759277344,
  "tsnr": 52.0535159468418
}