{
  "bids_meta": {
    "AcquisitionDateTime": "2017-04-03T16:15:56.468750",
    "ConversionSoftware": "dcm2niix",
    "ConversionSoftwareVersion": "v1.0.20170207",
    "EchoTime": 0.00298,
    "FlipAngle": 9,
    "ImageType": [
      "ORIGINAL",
      "PRIMARY",
      "M",
      "NORM",
      "DIS2D"
    ],
    "MagneticFieldStrength": 3,
    "Manufacturer": "Siemens",
    "ManufacturersModelName": "TrioTim",
    "PhaseEncodingDirection": "i-",
    "ProcedureStepDescription": "CIC-Physics_func_battery_Jess",
    "ProtocolName": "MPRAGE_ADNI_P2",
    "RepetitionTime": 2.3,
    "dataset": "ds001344",
    "modality": "T1w",
    "session_id": "scan2",
    "subject_id": "009"
  },
  "cjv": 0.35755105635185874,
  "cnr": 3.7494594162787647,
  "efc": 0.5429229661060818,
  "fber": 12508.315269901283,
  "fwhm_avg": 3.8198687427361655,
  "fwhm_x": 3.792795983768046,
  "fwhm_y": 4.101030244440451,
  "fwhm_z": 3.56578,
  "icvs_csf": 0.21389309551688038,
  "icvs_gm": 0.45763400625136463,
  "icvs_wm": 0.328472898231755,
  "inu_med": 0.6321260929107666,
  "inu_range": 0.2894930303096771,
  "provenance": {
    "md5sum": "585e0444c51f324ed197ccc546a7da22",
    "settings": {
      "testing": false
    },
    "software": "mriqc",
    "version": "22.0.1",
    "warnings": {
      "large_rot_frame": true,
      "small_air_mask": false
    },
    "webapi_port": null,
    "webapi_url": "https://mriqc.nimh.nih.gov/api/v1"
  },
  "qi_1": 0.0,
  "qi_2": 0.017788251554741164,
  "rpve_csf": 19.646179629801427,
  "rpve_gm": 9.776598435457567,
  "rpve_wm": 15.32457560261129,
  "size_x": 160,
  "size_y": 240,
  "size_z": 256,
  "snr_csf": 2.016583523874927,
  "snr_gm": 9.852815376951666,
  "snr_total": 10.238325116496576,
  "snr_wm": 18.845576448663135,
  "snrd_csf": 24.902316404087482,
  "snrd_gm": 71.63981546937465,
  "snrd_total": 67.58776498767656,
  "snrd_wm": 106.22116308956758,
  "spacing_x": 1.000003695487976,
  "spacing_y": 0.9999999403953552,
  "spacing_z": 1.0,
  "summary_bg_k": 22.890968000724587,
  "summary_bg_mad": 0.0,
  "summary_bg_mean": 2.6719394366133,
  "summary_bg_median": 0.0,
  "summary_bg_n": 2459880.0,
  "summary_bg_p05": 0.0,
  "summary_bg_p95": 12.29996020719409,
  "summary_bg_stdv": 6.16793543824075,
  "summary_csf_k": 0.22384467167346145,
  "summary_csf_mad": 111.96480079568998,
  "summary_csf_mean": 246.66047683581624,
  "summary_csf_median": 234.44870387762785,
  "summary_csf_n": 39842.0,
  "summary_csf_p05": 73.66970790047199,
  "summary_csf_p95": 460.5629723532124,
  "summary_csf_stdv": 116.25888977713242,
  "summary_gm_k": 0.11973786347077287,
  "summary_gm_mad": 67.45340012910219,
  "summary_gm_mean": 673.3034099738952,
  "summary_gm_median": 674.4698609672487,
  "summary_gm_n": 40636.0,
  "summary_gm_p05": 558.3035701215267,
  "summary_gm_p95": 784.8609016798437,
  "summary_gm_stdv": 68.45368924434612,
  "summary_wm_k": 0.8222747016667298,
  "summary_wm_mad": 48.95600455106351,
  "summary_wm_mean": 998.3951818386228,
  "summary_wm_median": 1000.044076487422,
  "summary_wm_n": 181182.0,
  "summary_wm_p05": 908.7422213293612,
  "summary_wm_p95": 1081.7352100498974,
  "summary_wm_stdv": 53.06504258068913,
  "tpm_overlap_csf": 0.1575965554286169,
  "tpm_overlap_gm": 0.48811455861341657,
  "tpm_overlap_wm": 0.5296558921652655,
  "wm2max": 0.4329933074150084
}