{
  "bids_meta": {
    "AcquisitionDateTime": "2017-04-04T11:50:18.437500",
    "ConversionSoftware": "dcm2niix",
    "ConversionSoftwareVersion": "v1.0.20170207",
    "EchoTime": 0.00298,
    "FlipAngle": 9,
    "ImageType": [
      "ORIGINAL",
      "PRIMARY",
      "M",
      "NORM",
      "DIS2D"
    ],
    "MagneticFieldStrength": 3,
    "Manufacturer": "Siemens",
    "ManufacturersModelName": "TrioTim",
    "PhaseEncodingDirection": "i-",
    "ProcedureStepDescription": "CIC-Physics_func_battery_Jess",
    "ProtocolName": "MPRAGE_ADNI_P2",
    "RepetitionTime": 2.3,
    "dataset": "ds001344",
    "modality": "T1w",
    "session_id": "scan2",
    "subject_id": "019"
  },
  "cjv": 0.30678833402610395,
  "cnr": 4.2811570893941555,
  "efc": 0.4984900744000488,
  "fber": 11541.4734765625,
  "fwhm_avg": 3.79001,
  "fwhm_x": 3.81774,
  "fwhm_y": 3.97775,
  "fwhm_z": 3.57454,
  "icvs_csf": 0.2109024472764182,
  "icvs_gm": 0.46988911590139554,
  "icvs_wm": 0.31920843682218625,
  "inu_med": 0.5545269250869751,
  "inu_range": 0.2324547708034515,
  "provenance": {
    "md5sum": "b88fd7e9f12acf3e475ca1a056195382",
    "settings": {
      "testing": false
    },
    "software": "mriqc",
    "version": "22.0.1",
    "warnings": {
      "large_rot_frame": true,
      "small_air_mask": false
    },
    "webapi_port": null,
    "webapi_url": "https://mriqc.nimh.nih.gov/api/v1"
  },
  "qi_1": 0.0,
  "qi_2": 0.026422396281635337,
  "rpve_csf": 21.280607991619927,
  "rpve_gm": 10.319869249281126,
  "rpve_wm": 17.03186685881577,
  "size_x": 160,
  "size_y": 240,
  "size_z": 256,
  "snr_csf": 1.6296452619308015,
  "snr_gm": 9.502970982832876,
  "snr_total": 11.173257242128187,
  "snr_wm": 22.387155481620887,
  "snrd_csf": 21.553710630438484,
  "snrd_gm": 82.30957548945082,
  "snrd_total": 76.8518558131261,
  "snrd_wm": 126.69228131948897,
  "spacing_x": 1.0,
  "spacing_y": 1.0,
  "spacing_z": 1.0,
  "summary_bg_k": 8.783616962793234,
  "summary_bg_mad": 0.0,
  "summary_bg_mean": 3.2288379014855186,
  "summary_bg_median": 0.0,
  "summary_bg_n": 2659942.0,
  "summary_bg_p05": 0.0,
  "summary_bg_p95": 13.125876143574715,
  "summary_bg_stdv": 5.170893297552204,
  "summary_csf_k": 1.526126921587644,
  "summary_csf_mad": 90.79722635667898,
  "summary_csf_mean": 187.8467349362446,
  "summary_csf_median": 170.12020372599363,
  "summary_csf_n": 32551.0,
  "summary_csf_p05": 56.70673457533121,
  "summary_csf_p95": 403.3441631253809,
  "summary_csf_stdv": 104.38933830978307,
  "summary_gm_k": 0.22046488806810505,
  "summary_gm_mad": 66.03434644122107,
  "summary_gm_mean": 646.6821638687177,
  "summary_gm_median": 649.6571282297373,
  "summary_gm_n": 53658.0,
  "summary_gm_p05": 528.0215512700379,
  "summary_gm_p95": 753.8216478561981,
  "summary_gm_stdv": 68.36294414571506,
  "summary_wm_k": 0.8057135253485459,
  "summary_wm_mad": 41.43545910798475,
  "summary_wm_mean": 999.3249595137806,
  "summary_wm_median": 999.9631654210389,
  "summary_wm_n": 177516.0,
  "summary_wm_p05": 925.7798429466784,
  "summary_wm_p95": 1071.15998236835,
  "summary_wm_stdv": 44.66669960345088,
  "tpm_overlap_csf": 0.15155656389266117,
  "tpm_overlap_gm": 0.4775843765286045,
  "tpm_overlap_wm": 0.4874161770035693,
  "wm2max": 0.5351420678768745
}