{
  "aor": 0.0007508441558441558,
  "aqi": 0.007769830454545455,
  "bids_meta": {
    "AcquisitionDateTime": "2017-03-23T15:47:28.734375",
    "ConversionSoftware": "dcm2niix",
    "ConversionSoftwareVersion": "v1.0.20170207",
    "EchoTime": 0.03,
    "EffectiveEchoSpacing": 0.000265001,
    "FlipAngle": 80,
    "ImageType": [
      "ORIGINAL",
      "PRIMARY",
      "M",
      "ND",
      "NORM",
      "MOSAIC"
    ],
    "MagneticFieldStrength": 3,
    "Manufacturer": "Siemens",
    "ManufacturersModelName": "TrioTim",
    "PhaseEncodingDirection": "j-",
    "ProcedureStepDescription": "CIC-Physics_func_battery_Jess",
    "ProtocolName": "Func_battery_Letters_TR=2s_Standard_EPI",
    "RepetitionTime": 2,
    "TaskName": "Working Memory Variant",
    "dataset": "ds001344",
    "modality": "bold",
    "session_id": "scan1",
    "subject_id": "015",
    "task_id": "workingmemory"
  },
  "dummy_trs": 1,
  "dvars_nstd": 25.180865356666654,
  "dvars_std": 1.1168015056209148,
  "dvars_vstd": 1.0209035223529412,
  "efc": 0.6222491571803049,
  "fber": 1262.202392578125,
  "fd_mean": 0.03380056608233671,
  "fd_num": 0,
  "fd_perc": 0.0,
  "fwhm_avg": 1.5402222222222222,
  "fwhm_x": 1.41195,
  "fwhm_y": 1.6791,
  "fwhm_z": 1.5296166666666666,
  "gcor": 0.0124257,
  "gsr_x": -0.011422562412917614,
  "gsr_y": 0.038144536316394806,
  "provenance": {
    "md5sum": "b0fc2c41c1c89a524e50c8977a9f528c",
    "settings": {
      "fd_thres": 0.2,
      "testing": false
    },
    "software": "mriqc",
    "version": "22.0.1",
    "webapi_port": null,
    "webapi_url": "https://mriqc.nimh.nih.gov/api/v1"
  },
  "size_t": 154,
  "size_x": 64,
  "size_y": 64,
  "size_z": 36,
  "snr": 7.168981231117249,
  "spacing_tr": 2.0,
  "spacing_x": 3.0,
  "spacing_y": 3.0,
  "spacing_z": 3.0,
  "summary_bg_k": 21.254854119105158,
  "summary_bg_mad": 10.099024367941105,
  "summary_bg_mean": 29.899145126342773,
  "summary_bg_median": 14.714285850524902,
  "summary_bg_n": 69261.0,
  "summary_bg_p05": 5.954545497894287,
  "summary_bg_p95": 104.13636016845703,
  "summary_bg_stdv": 41.707191467285156,
  "summary_fg_k": 2.3981671364779045,
  "summary_fg_mad": 71.8387919082647,
  "summary_fg_mean": 558.1818237304688,
  "summary_fg_median": 552.0162353515625,
  "summary_fg_n": 42920.0,
  "summary_fg_p05": 453.94740905761716,
  "summary_fg_p95": 684.4808532714843,
  "summary_fg_stdv": 76.999755859375,
  "tsnr": 63.22889808099717
}