{
  "bids_meta": {
    "AcquisitionDateTime": "2017-04-04T12:17:52.929688",
    "ConversionSoftware": "dcm2niix",
    "ConversionSoftwareVersion": "v1.0.20170207",
    "EchoTime": 0.00298,
    "FlipAngle": 9,
    "ImageType": [
      "ORIGINAL",
      "PRIMARY",
      "M",
      "NORM",
      "DIS2D"
    ],
    "MagneticFieldStrength": 3,
    "Manufacturer": "Siemens",
    "ManufacturersModelName": "TrioTim",
    "PhaseEncodingDirection": "i-",
    "ProcedureStepDescription": "CIC-Physics_func_battery_Jess",
    "ProtocolName": "MPRAGE_ADNI_P2",
    "RepetitionTime": 2.3,
    "dataset": "ds001344",
    "modality": "T1w",
    "session_id": "scan2",
    "subject_id": "018"
  },
  "cjv": 0.32790373429466757,
  "cnr": 4.120073841877122,
  "efc": 0.5115168244457121,
  "fber": -1.0,
  "fwhm_avg": 3.9017504866963644,
  "fwhm_x": 4.005591460089093,
  "fwhm_y": 4.06207,
  "fwhm_z": 3.63759,
  "icvs_csf": 0.20758223069302428,
  "icvs_gm": 0.4688088378372682,
  "icvs_wm": 0.3236089314697076,
  "inu_med": 0.6323506832122803,
  "inu_range": 0.3127543807029723,
  "provenance": {
    "md5sum": "eb91c0f8c0f0b78dc80ee329f9adcc19",
    "settings": {
      "testing": false
    },
    "software": "mriqc",
    "version": "22.0.1",
    "warnings": {
      "large_rot_frame": true,
      "small_air_mask": false
    },
    "webapi_port": null,
    "webapi_url": "https://mriqc.nimh.nih.gov/api/v1"
  },
  "qi_1": 0.0,
  "qi_2": 0.025440135378595633,
  "rpve_csf": 23.35643879401505,
  "rpve_gm": 11.049402335934516,
  "rpve_wm": 17.471781238811314,
  "size_x": 160,
  "size_y": 240,
  "size_z": 256,
  "snr_csf": 1.7074325361024725,
  "snr_gm": 10.094895048312152,
  "snr_total": 10.525180184670184,
  "snr_wm": 19.773212969595928,
  "snrd_csf": 21.253456020252884,
  "snrd_gm": 72.06992256551379,
  "snrd_total": 67.56704639195537,
  "snrd_wm": 109.37776059009943,
  "spacing_x": 0.9999971389770508,
  "spacing_y": 1.0,
  "spacing_z": 1.0,
  "summary_bg_k": 1320.6215505668513,
  "summary_bg_mad": 0.0,
  "summary_bg_mean": 2.7525698336357416,
  "summary_bg_median": 0.0,
  "summary_bg_n": 2761828.0,
  "summary_bg_p05": 0.0,
  "summary_bg_p95": 15.065153399478554,
  "summary_bg_stdv": 5.989667395007826,
  "summary_csf_k": 0.312732760976699,
  "summary_csf_mad": 109.41512134859728,
  "summary_csf_mean": 211.9616250380033,
  "summary_csf_median": 194.312409684062,
  "summary_csf_n": 33973.0,
  "summary_csf_p05": 58.211769126355655,
  "summary_csf_p95": 430.26553440839024,
  "summary_csf_stdv": 113.80218295482692,
  "summary_gm_k": 0.08937518289844704,
  "summary_gm_mad": 64.15456310056564,
  "summary_gm_mean": 656.8550300036375,
  "summary_gm_median": 658.9083820581436,
  "summary_gm_n": 49135.0,
  "summary_gm_p05": 545.1032670401037,
  "summary_gm_p95": 760.4900909587741,
  "summary_gm_stdv": 65.27078030914846,
  "summary_wm_k": 0.5631623677828883,
  "summary_wm_mad": 47.69065533517427,
  "summary_wm_mean": 999.2684630824529,
  "summary_wm_median": 1000.0000096857548,
  "summary_wm_n": 160788.0,
  "summary_wm_p05": 915.0958947837353,
  "summary_wm_p95": 1080.314712971449,
  "summary_wm_stdv": 50.573313580029804,
  "tpm_overlap_csf": 0.15713399301743758,
  "tpm_overlap_gm": 0.49171418989235505,
  "tpm_overlap_wm": 0.5158903364234277,
  "wm2max": 0.4900716462697247
}