{
  "bids_meta": {
    "AcquisitionDateTime": "2017-04-04T14:42:9.421875",
    "ConversionSoftware": "dcm2niix",
    "ConversionSoftwareVersion": "v1.0.20170207",
    "EchoTime": 0.00298,
    "FlipAngle": 9,
    "ImageType": [
      "ORIGINAL",
      "PRIMARY",
      "M",
      "NORM",
      "DIS2D"
    ],
    "MagneticFieldStrength": 3,
    "Manufacturer": "Siemens",
    "ManufacturersModelName": "TrioTim",
    "PhaseEncodingDirection": "i-",
    "ProcedureStepDescription": "CIC-Physics_func_battery_Jess",
    "ProtocolName": "MPRAGE_ADNI_P2",
    "RepetitionTime": 2.3,
    "dataset": "ds001344",
    "modality": "T1w",
    "session_id": "scan2",
    "subject_id": "017"
  },
  "cjv": 0.3606329720689302,
  "cnr": 3.60595679294266,
  "efc": 0.5704817452890084,
  "fber": 12063.361111111111,
  "fwhm_avg": 3.8199279088547864,
  "fwhm_x": 3.8666237265643577,
  "fwhm_y": 3.99553,
  "fwhm_z": 3.59763,
  "icvs_csf": 0.2549327615704459,
  "icvs_gm": 0.41019254654179216,
  "icvs_wm": 0.3348746918877619,
  "inu_med": 0.6143760085105896,
  "inu_range": 0.2289194285869598,
  "provenance": {
    "md5sum": "672a333de27c9d4e6fd1e952da605125",
    "settings": {
      "testing": false
    },
    "software": "mriqc",
    "version": "22.0.1",
    "warnings": {
      "large_rot_frame": true,
      "small_air_mask": false
    },
    "webapi_port": null,
    "webapi_url": "https://mriqc.nimh.nih.gov/api/v1"
  },
  "qi_1": 0.0,
  "qi_2": 0.02680148738512445,
  "rpve_csf": 15.820311243985339,
  "rpve_gm": 9.580982581181885,
  "rpve_wm": 13.496092695520963,
  "size_x": 160,
  "size_y": 240,
  "size_z": 256,
  "snr_csf": 1.8213164471335452,
  "snr_gm": 8.911921483742145,
  "snr_total": 10.170466493890745,
  "snr_wm": 19.778161550796547,
  "snrd_csf": 19.85121441747056,
  "snrd_gm": 77.44810261020831,
  "snrd_total": 70.85029226134802,
  "snrd_wm": 115.25155975636518,
  "spacing_x": 1.0000067949295044,
  "spacing_y": 1.0,
  "spacing_z": 1.0,
  "summary_bg_k": 9.551986356932458,
  "summary_bg_mad": 0.0,
  "summary_bg_mean": 3.223963590763343,
  "summary_bg_median": 0.0,
  "summary_bg_n": 2665086.0,
  "summary_bg_p05": 0.0,
  "summary_bg_p95": 14.494075030088425,
  "summary_bg_stdv": 5.6844038733696935,
  "summary_csf_k": 1.531494534656133,
  "summary_csf_mad": 83.38792949301244,
  "summary_csf_mean": 187.80658784270892,
  "summary_csf_median": 172.2424828261137,
  "summary_csf_n": 89540.0,
  "summary_csf_p05": 65.67684721574186,
  "summary_csf_p95": 374.2958139963449,
  "summary_csf_stdv": 94.56979388500223,
  "summary_gm_k": 0.3086910440874182,
  "summary_gm_mad": 71.12301117617146,
  "summary_gm_mean": 672.0234571889245,
  "summary_gm_median": 671.9918088242412,
  "summary_gm_n": 33612.0,
  "summary_gm_p05": 546.7889805100858,
  "summary_gm_p95": 797.5341995880005,
  "summary_gm_stdv": 75.40257324615976,
  "summary_wm_k": 0.7131639115749064,
  "summary_wm_mad": 47.167564656501355,
  "summary_wm_mean": 999.0352935457895,
  "summary_wm_median": 1000.0000193715096,
  "summary_wm_n": 222905.0,
  "summary_wm_p05": 914.7219867259264,
  "summary_wm_p95": 1079.307222366333,
  "summary_wm_stdv": 50.560704223827415,
  "tpm_overlap_csf": 0.16118381163056006,
  "tpm_overlap_gm": 0.4424326115610132,
  "tpm_overlap_wm": 0.49813070669998794,
  "wm2max": 0.4558203311657283
}