{
  "bids_meta": {
    "AcquisitionDateTime": "2017-03-20T15:01:12.406250",
    "ConversionSoftware": "dcm2niix",
    "ConversionSoftwareVersion": "v1.0.20170207",
    "EchoTime": 0.00298,
    "FlipAngle": 9,
    "ImageType": [
      "ORIGINAL",
      "PRIMARY",
      "M",
      "NORM",
      "DIS2D"
    ],
    "MagneticFieldStrength": 3,
    "Manufacturer": "Siemens",
    "ManufacturersModelName": "TrioTim",
    "PhaseEncodingDirection": "i-",
    "ProcedureStepDescription": "CIC-Physics_func_battery_Jess",
    "ProtocolName": "MPRAGE_ADNI_P2",
    "RepetitionTime": 2.3,
    "dataset": "ds001344",
    "modality": "T1w",
    "session_id": "scan1",
    "subject_id": "013"
  },
  "cjv": 0.3799771195584314,
  "cnr": 3.4964052758398076,
  "efc": 0.48030866662153965,
  "fber": 26104.218623999997,
  "fwhm_avg": 3.82746,
  "fwhm_x": 3.86011,
  "fwhm_y": 4.01007,
  "fwhm_z": 3.6122,
  "icvs_csf": 0.23446616883306445,
  "icvs_gm": 0.4158783681968958,
  "icvs_wm": 0.34965546297003974,
  "inu_med": 0.5325559973716736,
  "inu_range": 0.16355770081281662,
  "provenance": {
    "md5sum": "1fb56da65fee630785aab9aef1fefd96",
    "settings": {
      "testing": false
    },
    "software": "mriqc",
    "version": "22.0.1",
    "warnings": {
      "large_rot_frame": true,
      "small_air_mask": false
    },
    "webapi_port": null,
    "webapi_url": "https://mriqc.nimh.nih.gov/api/v1"
  },
  "qi_1": 0.0,
  "qi_2": 0.029116311408408112,
  "rpve_csf": 22.479204427422196,
  "rpve_gm": 12.728818164278092,
  "rpve_wm": 17.72115095017436,
  "size_x": 160,
  "size_y": 240,
  "size_z": 256,
  "snr_csf": 1.8647482612916437,
  "snr_gm": 9.453237230546746,
  "snr_total": 11.54294452576037,
  "snr_wm": 23.31084808544272,
  "snrd_csf": 14.2173392201568,
  "snrd_gm": 51.1633375157589,
  "snrd_total": 46.179317256701694,
  "snrd_wm": 73.15727503418938,
  "spacing_x": 1.0,
  "spacing_y": 1.0,
  "spacing_z": 1.0,
  "summary_bg_k": 5939.175653969095,
  "summary_bg_mad": 0.0,
  "summary_bg_mean": 2.3685261401204225,
  "summary_bg_median": 0.0,
  "summary_bg_n": 2524031.0,
  "summary_bg_p05": 0.0,
  "summary_bg_p95": 11.966871656477451,
  "summary_bg_stdv": 8.955178214691536,
  "summary_csf_k": 1.0509514292162025,
  "summary_csf_mad": 94.27006923598717,
  "summary_csf_mean": 211.32812677399124,
  "summary_csf_median": 194.33938711881638,
  "summary_csf_n": 38348.0,
  "summary_csf_p05": 76.95318013429642,
  "summary_csf_p95": 419.22038278542465,
  "summary_csf_stdv": 104.21613321446671,
  "summary_gm_k": -0.021802768628273128,
  "summary_gm_mad": 73.53065400406999,
  "summary_gm_mean": 698.9371029812957,
  "summary_gm_median": 699.3609353899956,
  "summary_gm_n": 25676.0,
  "summary_gm_p05": 575.6407643202692,
  "summary_gm_p95": 821.8746371101588,
  "summary_gm_stdv": 73.97966423984103,
  "summary_wm_k": 0.5934067651919048,
  "summary_wm_mad": 40.705332459846765,
  "summary_wm_mean": 999.3239420160519,
  "summary_wm_median": 1000.0000543892384,
  "summary_wm_n": 172084.0,
  "summary_wm_p05": 928.2640390098095,
  "summary_wm_p95": 1067.9210180416703,
  "summary_wm_stdv": 42.89835981778766,
  "tpm_overlap_csf": 0.16849787518588308,
  "tpm_overlap_gm": 0.46913459165033633,
  "tpm_overlap_wm": 0.5403417653062448,
  "wm2max": 0.5791463447463051
}