{
  "aor": 0.0013948387096774193,
  "aqi": 0.01223781135483871,
  "bids_meta": {
    "AcquisitionDateTime": "2017-03-06T15:59:7.234375",
    "ConversionSoftware": "dcm2niix",
    "ConversionSoftwareVersion": "v1.0.20170207",
    "EchoTime": 0.03,
    "EffectiveEchoSpacing": 0.000265001,
    "FlipAngle": 80,
    "ImageType": [
      "ORIGINAL",
      "PRIMARY",
      "M",
      "ND",
      "NORM",
      "MOSAIC"
    ],
    "MagneticFieldStrength": 3,
    "Manufacturer": "Siemens",
    "ManufacturersModelName": "TrioTim",
    "PhaseEncodingDirection": "j-",
    "ProcedureStepDescription": "CIC-Physics_func_battery_Jess",
    "ProtocolName": "Func_battery_Letters_TR=2s_Standard_EPI",
    "RepetitionTime": 2,
    "TaskName": "Working Memory Variant",
    "dataset": "ds001344",
    "modality": "bold",
    "session_id": "scan1",
    "subject_id": "002",
    "task_id": "workingmemory"
  },
  "dummy_trs": 0,
  "dvars_nstd": 26.908759215974033,
  "dvars_std": 1.111505790129871,
  "dvars_vstd": 1.0098034923376624,
  "efc": 0.5784575286728425,
  "fber": 1801.16455078125,
  "fd_mean": 0.16660569233406242,
  "fd_num": 35,
  "fd_perc": 22.580645161290324,
  "fwhm_avg": 1.4988733333333333,
  "fwhm_x": 1.3771933333333333,
  "fwhm_y": 1.6657166666666667,
  "fwhm_z": 1.45371,
  "gcor": 0.0181734,
  "gsr_x": 0.01519034057855606,
  "gsr_y": 0.03347371518611908,
  "provenance": {
    "md5sum": "7fe8f35f73f7722623a8b5f5ff8e9531",
    "settings": {
      "fd_thres": 0.2,
      "testing": false
    },
    "software": "mriqc",
    "version": "22.0.1",
    "webapi_port": null,
    "webapi_url": "https://mriqc.nimh.nih.gov/api/v1"
  },
  "size_t": 155,
  "size_x": 64,
  "size_y": 64,
  "size_z": 36,
  "snr": 7.0043179239149715,
  "spacing_tr": 2.0,
  "spacing_x": 3.0,
  "spacing_y": 3.0,
  "spacing_z": 3.0,
  "summary_bg_k": 24.02885622297545,
  "summary_bg_mad": 7.259968428828816,
  "summary_bg_mean": 26.917579650878906,
  "summary_bg_median": 11.883871078491211,
  "summary_bg_n": 77724.0,
  "summary_bg_p05": 5.574193477630615,
  "summary_bg_p95": 102.31096611022882,
  "summary_bg_stdv": 45.87464904785156,
  "summary_fg_k": 3.8151583426596734,
  "summary_fg_mad": 59.88752854758582,
  "summary_fg_mean": 522.9485473632812,
  "summary_fg_median": 516.8838500976562,
  "summary_fg_n": 36597.0,
  "summary_fg_p05": 424.9354736328125,
  "summary_fg_p95": 641.0890258789062,
  "summary_fg_stdv": 73.79402160644531,
  "tsnr": 55.05879826005548
}