{
  "aor": 0.0009883225806451613,
  "aqi": 0.010289727935483871,
  "bids_meta": {
    "AcquisitionDateTime": "2017-03-09T13:19:30.718750",
    "ConversionSoftware": "dcm2niix",
    "ConversionSoftwareVersion": "v1.0.20170207",
    "EchoTime": 0.03,
    "EffectiveEchoSpacing": 0.000265001,
    "FlipAngle": 80,
    "ImageType": [
      "ORIGINAL",
      "PRIMARY",
      "M",
      "ND",
      "NORM",
      "MOSAIC"
    ],
    "MagneticFieldStrength": 3,
    "Manufacturer": "Siemens",
    "ManufacturersModelName": "TrioTim",
    "PhaseEncodingDirection": "j-",
    "ProcedureStepDescription": "CIC-Physics_func_battery_Jess",
    "ProtocolName": "Func_battery_Letters_TR=2s_Standard_EPI",
    "RepetitionTime": 2,
    "TaskName": "Working Memory Variant",
    "dataset": "ds001344",
    "modality": "bold",
    "session_id": "scan1",
    "subject_id": "009",
    "task_id": "workingmemory"
  },
  "dummy_trs": 0,
  "dvars_nstd": 27.734084154155852,
  "dvars_std": 1.1849448254545452,
  "dvars_vstd": 1.0113820020129873,
  "efc": 0.5932383652087669,
  "fber": 1743.4305419921875,
  "fd_mean": 0.11467474738298238,
  "fd_num": 10,
  "fd_perc": 6.451612903225806,
  "fwhm_avg": 1.5442544444444444,
  "fwhm_x": 1.3988366666666667,
  "fwhm_y": 1.7210400000000001,
  "fwhm_z": 1.5128866666666667,
  "gcor": 0.0290412,
  "gsr_x": -0.0005130155477672815,
  "gsr_y": 0.03334922343492508,
  "provenance": {
    "md5sum": "8ce864c67ec9e32595d42d07021eb6b9",
    "settings": {
      "fd_thres": 0.2,
      "testing": false
    },
    "software": "mriqc",
    "version": "22.0.1",
    "webapi_port": null,
    "webapi_url": "https://mriqc.nimh.nih.gov/api/v1"
  },
  "size_t": 155,
  "size_x": 64,
  "size_y": 64,
  "size_z": 36,
  "snr": 7.538848951856063,
  "spacing_tr": 2.0,
  "spacing_x": 3.0,
  "spacing_y": 3.0,
  "spacing_z": 3.0,
  "summary_bg_k": 25.90824378222608,
  "summary_bg_mad": 7.575620336628061,
  "summary_bg_mean": 28.403623580932617,
  "summary_bg_median": 13.245161056518555,
  "summary_bg_n": 74951.0,
  "summary_bg_p05": 6.522580623626709,
  "summary_bg_p95": 96.83870697021484,
  "summary_bg_stdv": 45.446510314941406,
  "summary_fg_k": 3.529977681897539,
  "summary_fg_mad": 68.44846142007312,
  "summary_fg_mean": 571.6041259765625,
  "summary_fg_median": 568.9483642578125,
  "summary_fg_n": 38973.0,
  "summary_fg_p05": 466.02321166992186,
  "summary_fg_p95": 689.9045043945313,
  "summary_fg_stdv": 75.4678955078125,
  "tsnr": 59.82664927537553
}