{
  "aor": 0.003875714285714286,
  "aqi": 0.009165037272727272,
  "bids_meta": {
    "AcquisitionDateTime": "2017-03-24T16:34:39.093750",
    "ConversionSoftware": "dcm2niix",
    "ConversionSoftwareVersion": "v1.0.20170207",
    "EchoTime": 0.03,
    "EffectiveEchoSpacing": 0.000265001,
    "FlipAngle": 80,
    "ImageType": [
      "ORIGINAL",
      "PRIMARY",
      "M",
      "ND",
      "NORM",
      "MOSAIC"
    ],
    "MagneticFieldStrength": 3,
    "Manufacturer": "Siemens",
    "ManufacturersModelName": "TrioTim",
    "PhaseEncodingDirection": "j-",
    "ProcedureStepDescription": "CIC-Physics_func_battery_Jess",
    "ProtocolName": "Func_battery_Attention_TR=2s_Standard_E",
    "RepetitionTime": 2,
    "TaskName": "Eye Movemement Variant",
    "dataset": "ds001344",
    "modality": "bold",
    "session_id": "scan2",
    "subject_id": "005",
    "task_id": "eyemovement"
  },
  "dummy_trs": 1,
  "dvars_nstd": 26.76707270228757,
  "dvars_std": 1.182382674640522,
  "dvars_vstd": 1.0576190217647063,
  "efc": 0.6013596945720022,
  "fber": 1558.78369140625,
  "fd_mean": 0.08329737321933327,
  "fd_num": 3,
  "fd_perc": 1.948051948051948,
  "fwhm_avg": 1.6175177777777776,
  "fwhm_x": 1.4926966666666666,
  "fwhm_y": 1.7716266666666665,
  "fwhm_z": 1.58823,
  "gcor": 0.0151239,
  "gsr_x": -0.002273779595270753,
  "gsr_y": 0.03465711325407028,
  "provenance": {
    "md5sum": "0cb33e2e190d6dc11b6cc27cbb87db43",
    "settings": {
      "fd_thres": 0.2,
      "testing": false
    },
    "software": "mriqc",
    "version": "22.0.1",
    "webapi_port": null,
    "webapi_url": "https://mriqc.nimh.nih.gov/api/v1"
  },
  "size_t": 154,
  "size_x": 64,
  "size_y": 64,
  "size_z": 36,
  "snr": 6.761924467162352,
  "spacing_tr": 2.0,
  "spacing_x": 3.0,
  "spacing_y": 3.0,
  "spacing_z": 3.0,
  "summary_bg_k": 36.05205495985893,
  "summary_bg_mad": 9.348097293661844,
  "summary_bg_mean": 33.64210891723633,
  "summary_bg_median": 14.883116722106934,
  "summary_bg_n": 73424.0,
  "summary_bg_p05": 6.552922105789185,
  "summary_bg_p95": 125.37013244628906,
  "summary_bg_stdv": 54.37779235839844,
  "summary_fg_k": 1.7181815871026505,
  "summary_fg_mad": 86.6263554786439,
  "summary_fg_mean": 611.5028076171875,
  "summary_fg_median": 605.2142944335938,
  "summary_fg_n": 39499.0,
  "summary_fg_p05": 486.1103820800781,
  "summary_fg_p95": 757.4266052246093,
  "summary_fg_stdv": 89.50212860107422,
  "tsnr": 57.69422003766522
}