{
  "aor": 0.004250645161290322,
  "aqi": 0.009927887806451612,
  "bids_meta": {
    "AcquisitionDateTime": "2017-03-24T16:40:42.515625",
    "ConversionSoftware": "dcm2niix",
    "ConversionSoftwareVersion": "v1.0.20170207",
    "EchoTime": 0.03,
    "EffectiveEchoSpacing": 0.000265001,
    "FlipAngle": 80,
    "ImageType": [
      "ORIGINAL",
      "PRIMARY",
      "M",
      "ND",
      "NORM",
      "MOSAIC"
    ],
    "MagneticFieldStrength": 3,
    "Manufacturer": "Siemens",
    "ManufacturersModelName": "TrioTim",
    "PhaseEncodingDirection": "j-",
    "ProcedureStepDescription": "CIC-Physics_func_battery_Jess",
    "ProtocolName": "Func_battery_Letters_TR=2s_Standard_EPI",
    "RepetitionTime": 2,
    "TaskName": "Working Memory Variant",
    "dataset": "ds001344",
    "modality": "bold",
    "session_id": "scan2",
    "subject_id": "005",
    "task_id": "workingmemory"
  },
  "dummy_trs": 0,
  "dvars_nstd": 26.06929988337662,
  "dvars_std": 1.1455771242207797,
  "dvars_vstd": 1.0362147074675323,
  "efc": 0.6034032219895932,
  "fber": 1482.85546875,
  "fd_mean": 0.09560291175965493,
  "fd_num": 3,
  "fd_perc": 1.935483870967742,
  "fwhm_avg": 1.6190977777777775,
  "fwhm_x": 1.5037666666666667,
  "fwhm_y": 1.7878133333333333,
  "fwhm_z": 1.5657133333333333,
  "gcor": 0.0107148,
  "gsr_x": -0.0032443220261484385,
  "gsr_y": 0.03810190036892891,
  "provenance": {
    "md5sum": "96f3b0c16c8e3d98c3c7b12e1b309303",
    "settings": {
      "fd_thres": 0.2,
      "testing": false
    },
    "software": "mriqc",
    "version": "22.0.1",
    "webapi_port": null,
    "webapi_url": "https://mriqc.nimh.nih.gov/api/v1"
  },
  "size_t": 155,
  "size_x": 64,
  "size_y": 64,
  "size_z": 36,
  "snr": 6.733184282998079,
  "spacing_tr": 2.0,
  "spacing_x": 3.0,
  "spacing_y": 3.0,
  "spacing_z": 3.0,
  "summary_bg_k": 34.81681013919468,
  "summary_bg_mad": 10.272998698246017,
  "summary_bg_mean": 35.59895706176758,
  "summary_bg_median": 15.322580337524414,
  "summary_bg_n": 73472.0,
  "summary_bg_p05": 6.345483541488648,
  "summary_bg_p95": 132.81225128173824,
  "summary_bg_stdv": 57.33388137817383,
  "summary_fg_k": 1.6802670575489538,
  "summary_fg_mad": 86.96175984405474,
  "summary_fg_mean": 611.3682861328125,
  "summary_fg_median": 604.787109375,
  "summary_fg_n": 39424.0,
  "summary_fg_p05": 486.07935485839846,
  "summary_fg_p95": 760.0700134277344,
  "summary_fg_stdv": 89.82071685791016,
  "tsnr": 55.920485062524676
}