{
  "bids_meta": {
    "AcquisitionDateTime": "2017-03-06T15:11:49.937500",
    "ConversionSoftware": "dcm2niix",
    "ConversionSoftwareVersion": "v1.0.20170207",
    "EchoTime": 0.00298,
    "FlipAngle": 9,
    "ImageType": [
      "ORIGINAL",
      "PRIMARY",
      "M",
      "NORM",
      "DIS2D"
    ],
    "MagneticFieldStrength": 3,
    "Manufacturer": "Siemens",
    "ManufacturersModelName": "TrioTim",
    "PhaseEncodingDirection": "i-",
    "ProcedureStepDescription": "CIC-Physics_func_battery_Jess",
    "ProtocolName": "MPRAGE_ADNI_P2",
    "RepetitionTime": 2.3,
    "dataset": "ds001344",
    "modality": "T1w",
    "session_id": "scan1",
    "subject_id": "001"
  },
  "cjv": 0.33582364337262904,
  "cnr": 3.952278367836991,
  "efc": 0.5179789811770644,
  "fber": 17075.07796836712,
  "fwhm_avg": 3.876602479391909,
  "fwhm_x": 4.0268574381757265,
  "fwhm_y": 4.0009,
  "fwhm_z": 3.60205,
  "icvs_csf": 0.19918682739289448,
  "icvs_gm": 0.4555619659801889,
  "icvs_wm": 0.34525120662691666,
  "inu_med": 0.5827525854110718,
  "inu_range": 0.2462029904127121,
  "provenance": {
    "md5sum": "8f00157390cd1a145e13b02d6b99573c",
    "settings": {
      "testing": false
    },
    "software": "mriqc",
    "version": "22.0.1",
    "warnings": {
      "large_rot_frame": true,
      "small_air_mask": false
    },
    "webapi_port": null,
    "webapi_url": "https://mriqc.nimh.nih.gov/api/v1"
  },
  "qi_1": 0.0,
  "qi_2": 0.03165392445170619,
  "rpve_csf": 22.3340101778491,
  "rpve_gm": 10.49978372366063,
  "rpve_wm": 15.517600667806176,
  "size_x": 160,
  "size_y": 240,
  "size_z": 256,
  "snr_csf": 1.4690793063481116,
  "snr_gm": 9.037611565628522,
  "snr_total": 10.645615306055348,
  "snr_wm": 21.430155046189412,
  "snrd_csf": 20.6214607677521,
  "snrd_gm": 75.22683016928114,
  "snrd_total": 70.08062767554101,
  "snrd_wm": 114.39359208958982,
  "spacing_x": 1.0000056028366089,
  "spacing_y": 1.0,
  "spacing_z": 1.0,
  "summary_bg_k": 190.62810369423013,
  "summary_bg_mad": 0.0,
  "summary_bg_mean": 2.619302029695178,
  "summary_bg_median": 0.0,
  "summary_bg_n": 2478746.0,
  "summary_bg_p05": 0.0,
  "summary_bg_p95": 14.248020686209202,
  "summary_bg_stdv": 5.727037403322017,
  "summary_csf_k": 0.5076727724969006,
  "summary_csf_mad": 116.46222886768436,
  "summary_csf_mean": 206.99351845109874,
  "summary_csf_median": 180.26761622168124,
  "summary_csf_n": 39914.0,
  "summary_csf_p05": 51.300413105636835,
  "summary_csf_p95": 443.51110635232175,
  "summary_csf_stdv": 122.70634895492014,
  "summary_gm_k": 0.12705977864572926,
  "summary_gm_mad": 70.55353356307654,
  "summary_gm_mean": 658.4073423393119,
  "summary_gm_median": 657.614002386108,
  "summary_gm_n": 51702.0,
  "summary_gm_p05": 539.994330030866,
  "summary_gm_p95": 780.927229039371,
  "summary_gm_stdv": 72.76343289625916,
  "summary_wm_k": 0.49282909687676923,
  "summary_wm_mad": 44.42776964962047,
  "summary_wm_mean": 1000.0372290290339,
  "summary_wm_median": 999.9999703839421,
  "summary_wm_n": 198905.0,
  "summary_wm_p05": 923.5959017835557,
  "summary_wm_p95": 1076.1024935729802,
  "summary_wm_stdv": 46.66309947187337,
  "tpm_overlap_csf": 0.1378581365304229,
  "tpm_overlap_gm": 0.4817503810796553,
  "tpm_overlap_wm": 0.5139049871878684,
  "wm2max": 0.4907964110628064
}