{
  "bids_meta": {
    "AcquisitionDateTime": "2017-03-23T15:33:31.406250",
    "ConversionSoftware": "dcm2niix",
    "ConversionSoftwareVersion": "v1.0.20170207",
    "EchoTime": 0.00298,
    "FlipAngle": 9,
    "ImageType": [
      "ORIGINAL",
      "PRIMARY",
      "M",
      "NORM",
      "DIS2D"
    ],
    "MagneticFieldStrength": 3,
    "Manufacturer": "Siemens",
    "ManufacturersModelName": "TrioTim",
    "PhaseEncodingDirection": "i-",
    "ProcedureStepDescription": "CIC-Physics_func_battery_Jess",
    "ProtocolName": "MPRAGE_ADNI_P2",
    "RepetitionTime": 2.3,
    "dataset": "ds001344",
    "modality": "T1w",
    "session_id": "scan1",
    "subject_id": "015"
  },
  "cjv": 0.36292652250720625,
  "cnr": 3.688136668650918,
  "efc": 0.5605850164882218,
  "fber": 8063.624745230379,
  "fwhm_avg": 3.9089122551974342,
  "fwhm_x": 3.8980867655923035,
  "fwhm_y": 4.28251,
  "fwhm_z": 3.54614,
  "icvs_csf": 0.21231168954470403,
  "icvs_gm": 0.431629571240715,
  "icvs_wm": 0.356058739214581,
  "inu_med": 0.614362895488739,
  "inu_range": 0.2586356788873672,
  "provenance": {
    "md5sum": "527a04c51049402065f842533abf6a23",
    "settings": {
      "testing": false
    },
    "software": "mriqc",
    "version": "22.0.1",
    "warnings": {
      "large_rot_frame": true,
      "small_air_mask": false
    },
    "webapi_port": null,
    "webapi_url": "https://mriqc.nimh.nih.gov/api/v1"
  },
  "qi_1": 0.0,
  "qi_2": 0.015934020323560824,
  "rpve_csf": 19.087044962844512,
  "rpve_gm": 9.716662422203008,
  "rpve_wm": 13.591240030746524,
  "size_x": 160,
  "size_y": 240,
  "size_z": 256,
  "snr_csf": 1.5849004634048385,
  "snr_gm": 9.693528830074213,
  "snr_total": 10.265223463111274,
  "snr_wm": 19.51724109585477,
  "snrd_csf": 14.65047827949331,
  "snrd_gm": 60.04249085827902,
  "snrd_total": 54.381480797515756,
  "snrd_wm": 88.45147325477494,
  "spacing_x": 1.0000059604644775,
  "spacing_y": 1.0,
  "spacing_z": 1.0,
  "summary_bg_k": 6.780070070961553,
  "summary_bg_mad": 0.0,
  "summary_bg_mean": 4.556735767880967,
  "summary_bg_median": 0.0,
  "summary_bg_n": 2507259.0,
  "summary_bg_p05": 0.0,
  "summary_bg_p95": 18.651555448770523,
  "summary_bg_stdv": 7.406732643935543,
  "summary_csf_k": 1.39370061145285,
  "summary_csf_mad": 90.76481586618284,
  "summary_csf_mean": 188.0252434725996,
  "summary_csf_median": 165.6329517364502,
  "summary_csf_n": 40881.0,
  "summary_csf_p05": 57.29329472780228,
  "summary_csf_p95": 399.8036766052246,
  "summary_csf_stdv": 104.50556975322512,
  "summary_gm_k": 0.2333803982632725,
  "summary_gm_mad": 68.07361189963713,
  "summary_gm_mean": 678.0242288449931,
  "summary_gm_median": 678.8184522539377,
  "summary_gm_n": 29413.0,
  "summary_gm_p05": 562.0722090095281,
  "summary_gm_p95": 792.2002761662006,
  "summary_gm_stdv": 70.02681114650647,
  "summary_wm_k": 0.5424668909595334,
  "summary_wm_mad": 48.49169827253063,
  "summary_wm_mean": 999.6621199354042,
  "summary_wm_median": 1000.0000219196081,
  "summary_wm_n": 209650.0,
  "summary_wm_p05": 915.4433291554451,
  "summary_wm_p95": 1082.861118733883,
  "summary_wm_stdv": 51.23662878775627,
  "tpm_overlap_csf": 0.1616974653077217,
  "tpm_overlap_gm": 0.46806631988768316,
  "tpm_overlap_wm": 0.5072399424243466,
  "wm2max": 0.46427653504524025
}