{
  "aor": 0.001396516129032258,
  "aqi": 0.019385413483870968,
  "bids_meta": {
    "AcquisitionDateTime": "2017-04-03T16:29:44.578125",
    "ConversionSoftware": "dcm2niix",
    "ConversionSoftwareVersion": "v1.0.20170207",
    "EchoTime": 0.03,
    "EffectiveEchoSpacing": 0.000265001,
    "FlipAngle": 80,
    "ImageType": [
      "ORIGINAL",
      "PRIMARY",
      "M",
      "ND",
      "NORM",
      "MOSAIC"
    ],
    "MagneticFieldStrength": 3,
    "Manufacturer": "Siemens",
    "ManufacturersModelName": "TrioTim",
    "PhaseEncodingDirection": "j-",
    "ProcedureStepDescription": "CIC-Physics_func_battery_Jess",
    "ProtocolName": "Func_battery_Attention_TR=2s_Standard_E",
    "RepetitionTime": 2,
    "TaskName": "Eye Movemement Variant",
    "dataset": "ds001344",
    "modality": "bold",
    "session_id": "scan2",
    "subject_id": "009",
    "task_id": "eyemovement"
  },
  "dummy_trs": 0,
  "dvars_nstd": 24.962574227727263,
  "dvars_std": 1.0700217322727275,
  "dvars_vstd": 0.97612928461039,
  "efc": 0.5960703385301098,
  "fber": 1676.372802734375,
  "fd_mean": 0.15394289681129497,
  "fd_num": 30,
  "fd_perc": 19.35483870967742,
  "fwhm_avg": 1.5737322222222223,
  "fwhm_x": 1.4337566666666666,
  "fwhm_y": 1.7536566666666669,
  "fwhm_z": 1.5337833333333333,
  "gcor": 0.0103097,
  "gsr_x": -0.0032658651471138,
  "gsr_y": 0.03120286576449871,
  "provenance": {
    "md5sum": "c9f809c2e79198847fdcaa42ffd9a8d0",
    "settings": {
      "fd_thres": 0.2,
      "testing": false
    },
    "software": "mriqc",
    "version": "22.0.1",
    "webapi_port": null,
    "webapi_url": "https://mriqc.nimh.nih.gov/api/v1"
  },
  "size_t": 155,
  "size_x": 64,
  "size_y": 64,
  "size_z": 36,
  "snr": 7.384485047282804,
  "spacing_tr": 2.0,
  "spacing_x": 3.0,
  "spacing_y": 3.0,
  "spacing_z": 3.0,
  "summary_bg_k": 25.354285335208406,
  "summary_bg_mad": 9.756479708261237,
  "summary_bg_mean": 31.035486221313477,
  "summary_bg_median": 14.838709831237793,
  "summary_bg_n": 74134.0,
  "summary_bg_p05": 5.916129112243652,
  "summary_bg_p95": 103.69515838623019,
  "summary_bg_stdv": 50.01116943359375,
  "summary_fg_k": 3.2035102393516395,
  "summary_fg_mad": 77.1670293673063,
  "summary_fg_mean": 633.3185424804688,
  "summary_fg_median": 630.98388671875,
  "summary_fg_n": 39434.0,
  "summary_fg_p05": 512.7545196533204,
  "summary_fg_p95": 767.752880859375,
  "summary_fg_stdv": 85.44615936279297,
  "tsnr": 48.57097074855119
}