{
  "bids_meta": {
    "AcquisitionDateTime": "2017-03-20T11:48:53.476562",
    "ConversionSoftware": "dcm2niix",
    "ConversionSoftwareVersion": "v1.0.20170207",
    "EchoTime": 0.00298,
    "FlipAngle": 9,
    "ImageType": [
      "ORIGINAL",
      "PRIMARY",
      "M",
      "NORM",
      "DIS2D"
    ],
    "MagneticFieldStrength": 3,
    "Manufacturer": "Siemens",
    "ManufacturersModelName": "TrioTim",
    "PhaseEncodingDirection": "i-",
    "ProcedureStepDescription": "CIC-Physics_func_battery_Jess",
    "ProtocolName": "MPRAGE_ADNI_P2",
    "RepetitionTime": 2.3,
    "dataset": "ds001344",
    "modality": "T1w",
    "session_id": "scan1",
    "subject_id": "012"
  },
  "cjv": 0.3369550496603641,
  "cnr": 3.9187097902377643,
  "efc": 0.4855774229058853,
  "fber": -1.0,
  "fwhm_avg": 3.66067,
  "fwhm_x": 3.77913,
  "fwhm_y": 3.84249,
  "fwhm_z": 3.36039,
  "icvs_csf": 0.22687562388126037,
  "icvs_gm": 0.44423501357333867,
  "icvs_wm": 0.32888936254540097,
  "inu_med": 0.5511150360107422,
  "inu_range": 0.23240767717361455,
  "provenance": {
    "md5sum": "00f13048d7c2f01fd0333d6df3c690f6",
    "settings": {
      "testing": false
    },
    "software": "mriqc",
    "version": "22.0.1",
    "warnings": {
      "large_rot_frame": true,
      "small_air_mask": false
    },
    "webapi_port": null,
    "webapi_url": "https://mriqc.nimh.nih.gov/api/v1"
  },
  "qi_1": 0.0,
  "qi_2": 0.01971471786006827,
  "rpve_csf": 21.94637860452562,
  "rpve_gm": 11.636323922109874,
  "rpve_wm": 17.91447481834954,
  "size_x": 160,
  "size_y": 240,
  "size_z": 256,
  "snr_csf": 2.128133484077965,
  "snr_gm": 9.399888709644799,
  "snr_total": 11.213245031880708,
  "snr_wm": 22.111712901919365,
  "snrd_csf": 38.16791324632078,
  "snrd_gm": 97.77751455178776,
  "snrd_total": 94.02830393498265,
  "snrd_wm": 146.13948400683938,
  "spacing_x": 1.0,
  "spacing_y": 1.0,
  "spacing_z": 1.0,
  "summary_bg_k": 15.846108023913505,
  "summary_bg_mad": 0.0,
  "summary_bg_mean": 1.8084766469554336,
  "summary_bg_median": 0.0,
  "summary_bg_n": 2712451.0,
  "summary_bg_p05": 0.0,
  "summary_bg_p95": 10.09313764423132,
  "summary_bg_stdv": 4.482952826362263,
  "summary_csf_k": 0.7345510627779888,
  "summary_csf_mad": 125.72162000127797,
  "summary_csf_mean": 270.5166222586238,
  "summary_csf_median": 261.17455016076565,
  "summary_csf_n": 33842.0,
  "summary_csf_p05": 79.77086006850004,
  "summary_csf_p95": 480.2209673088043,
  "summary_csf_stdv": 122.72288996544901,
  "summary_gm_k": 0.14142505568811403,
  "summary_gm_mad": 68.5806814988589,
  "summary_gm_mean": 669.1096365153212,
  "summary_gm_median": 669.0698077753186,
  "summary_gm_n": 32025.0,
  "summary_gm_p05": 548.2717071205377,
  "summary_gm_p95": 786.6568098127841,
  "summary_gm_stdv": 71.17737053126103,
  "summary_wm_k": 0.5101028331887898,
  "summary_wm_mad": 42.92792447653931,
  "summary_wm_mean": 999.2632755616223,
  "summary_wm_median": 1000.000019647181,
  "summary_wm_n": 166899.0,
  "summary_wm_p05": 924.048184633255,
  "summary_wm_p95": 1072.171799249947,
  "summary_wm_stdv": 45.22476518460992,
  "tpm_overlap_csf": 0.1410390187562659,
  "tpm_overlap_gm": 0.463603678449871,
  "tpm_overlap_wm": 0.4879149230356891,
  "wm2max": 0.45649744847706075
}