{
  "bids_meta": {
    "AcquisitionDateTime": "2017-03-30T12:05:23.960938",
    "ConversionSoftware": "dcm2niix",
    "ConversionSoftwareVersion": "v1.0.20170207",
    "EchoTime": 0.00298,
    "FlipAngle": 9,
    "ImageType": [
      "ORIGINAL",
      "PRIMARY",
      "M",
      "NORM",
      "DIS2D"
    ],
    "MagneticFieldStrength": 3,
    "Manufacturer": "Siemens",
    "ManufacturersModelName": "TrioTim",
    "PhaseEncodingDirection": "i-",
    "ProcedureStepDescription": "CIC-Physics_func_battery_Jess",
    "ProtocolName": "MPRAGE_ADNI_P2",
    "RepetitionTime": 2.3,
    "dataset": "ds001344",
    "modality": "T1w",
    "session_id": "scan1",
    "subject_id": "018"
  },
  "cjv": 0.3383614138569567,
  "cnr": 3.9503655057142644,
  "efc": 0.49753180447944967,
  "fber": -1.0,
  "fwhm_avg": 3.7901203106054413,
  "fwhm_x": 3.908320931816323,
  "fwhm_y": 3.92267,
  "fwhm_z": 3.53937,
  "icvs_csf": 0.2025007642194618,
  "icvs_gm": 0.456643111903874,
  "icvs_wm": 0.34085612387666414,
  "inu_med": 0.6481936275959015,
  "inu_range": 0.28042027652263635,
  "provenance": {
    "md5sum": "754704a657bc797706c6f8326a8d1293",
    "settings": {
      "testing": false
    },
    "software": "mriqc",
    "version": "22.0.1",
    "warnings": {
      "large_rot_frame": true,
      "small_air_mask": false
    },
    "webapi_port": null,
    "webapi_url": "https://mriqc.nimh.nih.gov/api/v1"
  },
  "qi_1": 0.0,
  "qi_2": 0.02600732110495017,
  "rpve_csf": 23.702181387307938,
  "rpve_gm": 11.22079819915377,
  "rpve_wm": 16.683821341986754,
  "size_x": 160,
  "size_y": 240,
  "size_z": 256,
  "snr_csf": 1.7803945157139458,
  "snr_gm": 10.377197001583971,
  "snr_total": 10.461177771134706,
  "snr_wm": 19.225941796106195,
  "snrd_csf": 21.70044548899773,
  "snrd_gm": 75.56100506222792,
  "snrd_total": 69.94061661534641,
  "snrd_wm": 112.5603992948136,
  "spacing_x": 0.9999997615814209,
  "spacing_y": 1.0,
  "spacing_z": 1.0,
  "summary_bg_k": 82.41001548602998,
  "summary_bg_mad": 0.0,
  "summary_bg_mean": 2.6964817110514927,
  "summary_bg_median": 0.0,
  "summary_bg_n": 3167366.0,
  "summary_bg_p05": 0.0,
  "summary_bg_p95": 15.234904281795025,
  "summary_bg_stdv": 5.82030969051815,
  "summary_csf_k": 1.4882550201962985,
  "summary_csf_mad": 94.90214956411054,
  "summary_csf_mean": 210.50976252935064,
  "summary_csf_median": 192.7893384769559,
  "summary_csf_n": 29246.0,
  "summary_csf_p05": 65.93483116198331,
  "summary_csf_p95": 420.8143783491105,
  "summary_csf_stdv": 108.28276584332816,
  "summary_gm_k": 0.23341241483956,
  "summary_gm_mad": 62.32203466702337,
  "summary_gm_mean": 670.2522109524948,
  "summary_gm_median": 671.292955160141,
  "summary_gm_n": 31468.0,
  "summary_gm_p05": 561.4201814660803,
  "summary_gm_p95": 775.0259029008448,
  "summary_gm_stdv": 64.68820903116884,
  "summary_wm_k": 0.6190068731463922,
  "summary_wm_mad": 48.899736878205246,
  "summary_wm_mean": 999.2432201675206,
  "summary_wm_median": 999.9999737218022,
  "summary_wm_n": 167204.0,
  "summary_wm_p05": 912.85791650787,
  "summary_wm_p95": 1083.074072200805,
  "summary_wm_stdv": 52.012899756143824,
  "tpm_overlap_csf": 0.16004108538517475,
  "tpm_overlap_gm": 0.48560400432639805,
  "tpm_overlap_wm": 0.5278197309133631,
  "wm2max": 0.4795474146481778
}