{
  "bids_meta": {
    "AcquisitionDateTime": "2017-03-08T11:54:55.414062",
    "ConversionSoftware": "dcm2niix",
    "ConversionSoftwareVersion": "v1.0.20170207",
    "EchoTime": 0.00298,
    "FlipAngle": 9,
    "ImageType": [
      "ORIGINAL",
      "PRIMARY",
      "M",
      "NORM",
      "DIS2D"
    ],
    "MagneticFieldStrength": 3,
    "Manufacturer": "Siemens",
    "ManufacturersModelName": "TrioTim",
    "PhaseEncodingDirection": "i-",
    "ProcedureStepDescription": "CIC-Physics_func_battery_Jess",
    "ProtocolName": "MPRAGE_ADNI_P2",
    "RepetitionTime": 2.3,
    "dataset": "ds001344",
    "modality": "T1w",
    "session_id": "scan1",
    "subject_id": "005"
  },
  "cjv": 0.371580391162914,
  "cnr": 3.5679393925063363,
  "efc": 0.5467434501198475,
  "fber": 16872.154336734693,
  "fwhm_avg": 3.661057025751518,
  "fwhm_x": 3.722291077254554,
  "fwhm_y": 3.90017,
  "fwhm_z": 3.36071,
  "icvs_csf": 0.20931424202038032,
  "icvs_gm": 0.43293993818439075,
  "icvs_wm": 0.3577458197952289,
  "inu_med": 0.6035790741443634,
  "inu_range": 0.2279357895255088,
  "provenance": {
    "md5sum": "c5418bee7bc9023ba8c30380edbde22f",
    "settings": {
      "testing": false
    },
    "software": "mriqc",
    "version": "22.0.1",
    "warnings": {
      "large_rot_frame": true,
      "small_air_mask": false
    },
    "webapi_port": null,
    "webapi_url": "https://mriqc.nimh.nih.gov/api/v1"
  },
  "qi_1": 0.0,
  "qi_2": 0.028043210391617095,
  "rpve_csf": 19.878388856920147,
  "rpve_gm": 10.179483237384996,
  "rpve_wm": 14.381492893790176,
  "size_x": 160,
  "size_y": 240,
  "size_z": 256,
  "snr_csf": 2.0248677884494803,
  "snr_gm": 9.077077677517986,
  "snr_total": 10.708577378817461,
  "snr_wm": 21.023786670484917,
  "snrd_csf": 28.032245800115017,
  "snrd_gm": 81.96112108348785,
  "snrd_total": 76.7179092286397,
  "snrd_wm": 120.16036080231625,
  "spacing_x": 0.9999943375587463,
  "spacing_y": 1.0,
  "spacing_z": 1.0,
  "summary_bg_k": 8.943690928395172,
  "summary_bg_mad": 0.0,
  "summary_bg_mean": 2.714611941939883,
  "summary_bg_median": 0.0,
  "summary_bg_n": 2388548.0,
  "summary_bg_p05": 0.0,
  "summary_bg_p95": 14.88683021068573,
  "summary_bg_stdv": 5.452184210601647,
  "summary_csf_k": 1.1260194166588091,
  "summary_csf_mad": 99.99626416953289,
  "summary_csf_mean": 246.71826286025816,
  "summary_csf_median": 233.2903009802103,
  "summary_csf_n": 31529.0,
  "summary_csf_p05": 77.10010891258717,
  "summary_csf_p95": 461.7423821419477,
  "summary_csf_stdv": 115.21078199128021,
  "summary_gm_k": 0.06030206524205495,
  "summary_gm_mad": 73.30807204320486,
  "summary_gm_mean": 681.7580240562797,
  "summary_gm_median": 682.0978505462408,
  "summary_gm_n": 28594.0,
  "summary_gm_p05": 557.0408814549446,
  "summary_gm_p95": 807.3200178809464,
  "summary_gm_stdv": 75.14377946125937,
  "summary_wm_k": 0.5748125182115973,
  "summary_wm_mad": 44.818145427335686,
  "summary_wm_mean": 999.7641615207851,
  "summary_wm_median": 1000.0000334382057,
  "summary_wm_n": 219799.0,
  "summary_wm_p05": 921.6884707406164,
  "summary_wm_p95": 1076.9064616516223,
  "summary_wm_stdv": 47.56506400599143,
  "tpm_overlap_csf": 0.17106311231936516,
  "tpm_overlap_gm": 0.47345643270812754,
  "tpm_overlap_wm": 0.5112331300162186,
  "wm2max": 0.5014090943712393
}