{
  "aor": 0.0005941935483870968,
  "aqi": 0.007855945032258064,
  "bids_meta": {
    "AcquisitionDateTime": "2017-03-29T13:33:14.234375",
    "ConversionSoftware": "dcm2niix",
    "ConversionSoftwareVersion": "v1.0.20170207",
    "EchoTime": 0.03,
    "EffectiveEchoSpacing": 0.000265001,
    "FlipAngle": 80,
    "ImageType": [
      "ORIGINAL",
      "PRIMARY",
      "M",
      "ND",
      "NORM",
      "MOSAIC"
    ],
    "MagneticFieldStrength": 3,
    "Manufacturer": "Siemens",
    "ManufacturersModelName": "TrioTim",
    "PhaseEncodingDirection": "j-",
    "ProcedureStepDescription": "CIC-Physics_func_battery_Jess",
    "ProtocolName": "Func_battery_Attention_TR=2s_Standard_E",
    "RepetitionTime": 2,
    "TaskName": "Eye Movemement Variant",
    "dataset": "ds001344",
    "modality": "bold",
    "session_id": "scan2",
    "subject_id": "011",
    "task_id": "eyemovement"
  },
  "dummy_trs": 0,
  "dvars_nstd": 29.15058840720781,
  "dvars_std": 1.1074523913636365,
  "dvars_vstd": 1.0017547482467535,
  "efc": 0.6053087086039254,
  "fber": 1634.8519287109375,
  "fd_mean": 0.19024744959903356,
  "fd_num": 71,
  "fd_perc": 45.806451612903224,
  "fwhm_avg": 1.5926366666666665,
  "fwhm_x": 1.49149,
  "fwhm_y": 1.72771,
  "fwhm_z": 1.5587099999999998,
  "gcor": 0.0103396,
  "gsr_x": 0.011277096346020699,
  "gsr_y": 0.03181854635477066,
  "provenance": {
    "md5sum": "effd5e605b3f7fa54bec9e43aef95ea7",
    "settings": {
      "fd_thres": 0.2,
      "testing": false
    },
    "software": "mriqc",
    "version": "22.0.1",
    "webapi_port": null,
    "webapi_url": "https://mriqc.nimh.nih.gov/api/v1"
  },
  "size_t": 155,
  "size_x": 64,
  "size_y": 64,
  "size_z": 36,
  "snr": 6.951950530577787,
  "spacing_tr": 2.0,
  "spacing_x": 3.0,
  "spacing_y": 3.0,
  "spacing_z": 3.0,
  "summary_bg_k": 15.134014390096905,
  "summary_bg_mad": 7.853009457623022,
  "summary_bg_mean": 34.467010498046875,
  "summary_bg_median": 12.780645370483398,
  "summary_bg_n": 74839.0,
  "summary_bg_p05": 5.7419352531433105,
  "summary_bg_p95": 146.36515350341764,
  "summary_bg_stdv": 56.0145263671875,
  "summary_fg_k": 2.299835647853623,
  "summary_fg_mad": 72.22186233316026,
  "summary_fg_mean": 537.3507690429688,
  "summary_fg_median": 535.8096923828125,
  "summary_fg_n": 38518.0,
  "summary_fg_p05": 421.72159881591796,
  "summary_fg_p95": 658.9503051757813,
  "summary_fg_stdv": 77.0722885131836,
  "tsnr": 58.65449388267007
}