{
  "aor": 0.0006621290322580645,
  "aqi": 0.00812647264516129,
  "bids_meta": {
    "AcquisitionDateTime": "2017-03-29T13:27:15.593750",
    "ConversionSoftware": "dcm2niix",
    "ConversionSoftwareVersion": "v1.0.20170207",
    "EchoTime": 0.03,
    "EffectiveEchoSpacing": 0.000265001,
    "FlipAngle": 80,
    "ImageType": [
      "ORIGINAL",
      "PRIMARY",
      "M",
      "ND",
      "NORM",
      "MOSAIC"
    ],
    "MagneticFieldStrength": 3,
    "Manufacturer": "Siemens",
    "ManufacturersModelName": "TrioTim",
    "PhaseEncodingDirection": "j-",
    "ProcedureStepDescription": "CIC-Physics_func_battery_Jess",
    "ProtocolName": "Func_battery_Letters_TR=2s_Standard_EPI",
    "RepetitionTime": 2,
    "TaskName": "Working Memory Variant",
    "dataset": "ds001344",
    "modality": "bold",
    "session_id": "scan2",
    "subject_id": "011",
    "task_id": "workingmemory"
  },
  "dummy_trs": 0,
  "dvars_nstd": 29.317485450129855,
  "dvars_std": 1.11038687948052,
  "dvars_vstd": 1.0068186103246755,
  "efc": 0.6048888701082558,
  "fber": 1630.2344970703125,
  "fd_mean": 0.23903335194296918,
  "fd_num": 96,
  "fd_perc": 61.935483870967744,
  "fwhm_avg": 1.5893944444444443,
  "fwhm_x": 1.48433,
  "fwhm_y": 1.7293233333333333,
  "fwhm_z": 1.55453,
  "gcor": 0.0108685,
  "gsr_x": 0.011441867798566818,
  "gsr_y": 0.031611040234565735,
  "provenance": {
    "md5sum": "c955cdd4136ed3b2fe49ef2c03cc3f3b",
    "settings": {
      "fd_thres": 0.2,
      "testing": false
    },
    "software": "mriqc",
    "version": "22.0.1",
    "webapi_port": null,
    "webapi_url": "https://mriqc.nimh.nih.gov/api/v1"
  },
  "size_t": 155,
  "size_x": 64,
  "size_y": 64,
  "size_z": 36,
  "snr": 6.968950098755224,
  "spacing_tr": 2.0,
  "spacing_x": 3.0,
  "spacing_y": 3.0,
  "spacing_z": 3.0,
  "summary_bg_k": 15.957123614256862,
  "summary_bg_mad": 7.853009457623022,
  "summary_bg_mean": 34.034908294677734,
  "summary_bg_median": 12.819355010986328,
  "summary_bg_n": 74782.0,
  "summary_bg_p05": 5.7419352531433105,
  "summary_bg_p95": 142.92128677368157,
  "summary_bg_stdv": 55.413814544677734,
  "summary_fg_k": 2.276927990512407,
  "summary_fg_mad": 71.89188741923321,
  "summary_fg_mean": 536.8306884765625,
  "summary_fg_median": 535.0967407226562,
  "summary_fg_n": 38570.0,
  "summary_fg_p05": 421.3928939819336,
  "summary_fg_p95": 657.555484008789,
  "summary_fg_stdv": 76.781982421875,
  "tsnr": 58.89885921613313
}