{
  "bids_meta": {
    "AcquisitionDateTime": "2017-03-20T14:31:43.750000",
    "ConversionSoftware": "dcm2niix",
    "ConversionSoftwareVersion": "v1.0.20170207",
    "EchoTime": 0.00298,
    "FlipAngle": 9,
    "ImageType": [
      "ORIGINAL",
      "PRIMARY",
      "M",
      "NORM",
      "DIS2D"
    ],
    "MagneticFieldStrength": 3,
    "Manufacturer": "Siemens",
    "ManufacturersModelName": "TrioTim",
    "PhaseEncodingDirection": "i-",
    "ProcedureStepDescription": "CIC-Physics_func_battery_Jess",
    "ProtocolName": "MPRAGE_ADNI_P2",
    "RepetitionTime": 2.3,
    "dataset": "ds001344",
    "modality": "T1w",
    "session_id": "scan2",
    "subject_id": "004"
  },
  "cjv": 0.33819848467732677,
  "cnr": 3.874203933164021,
  "efc": 0.5048084975683717,
  "fber": 11722.849553426811,
  "fwhm_avg": 4.02749890898484,
  "fwhm_x": 4.079246502482222,
  "fwhm_y": 4.23723,
  "fwhm_z": 3.766020224472298,
  "icvs_csf": 0.23685649831827066,
  "icvs_gm": 0.4238438093542254,
  "icvs_wm": 0.33929969232750395,
  "inu_med": 0.6063131093978882,
  "inu_range": 0.24368903040885925,
  "provenance": {
    "md5sum": "55dcccaeb00785303d9cbadfe573fad4",
    "settings": {
      "testing": false
    },
    "software": "mriqc",
    "version": "22.0.1",
    "warnings": {
      "large_rot_frame": true,
      "small_air_mask": false
    },
    "webapi_port": null,
    "webapi_url": "https://mriqc.nimh.nih.gov/api/v1"
  },
  "qi_1": 2.6334451293491815e-06,
  "qi_2": 0.019782932371095432,
  "rpve_csf": 20.264474280181673,
  "rpve_gm": 11.3251166091952,
  "rpve_wm": 16.371750859086358,
  "size_x": 160,
  "size_y": 240,
  "size_z": 256,
  "snr_csf": 1.1371888580853433,
  "snr_gm": 8.7273126436255,
  "snr_total": 10.53109834279239,
  "snr_wm": 21.728793526666326,
  "snrd_csf": 14.12363768895586,
  "snrd_gm": 76.08585412436518,
  "snrd_total": 68.65268771028764,
  "snrd_wm": 115.74857131754187,
  "spacing_x": 0.9999935030937195,
  "spacing_y": 1.0,
  "spacing_z": 0.9999999403953552,
  "summary_bg_k": 12.12006929621928,
  "summary_bg_mad": 0.0,
  "summary_bg_mean": 2.6727994985757904,
  "summary_bg_median": 0.0,
  "summary_bg_n": 2457035.0,
  "summary_bg_p05": 0.0,
  "summary_bg_p95": 15.020336475223303,
  "summary_bg_stdv": 5.659767878020106,
  "summary_csf_k": 1.197495743261876,
  "summary_csf_mad": 84.0616925647729,
  "summary_csf_mean": 158.67071403396233,
  "summary_csf_median": 122.01506573706865,
  "summary_csf_n": 60747.0,
  "summary_csf_p05": 41.96029653400183,
  "summary_csf_p95": 379.644038036093,
  "summary_csf_stdv": 107.29445736001047,
  "summary_gm_k": 0.19781514507660747,
  "summary_gm_mad": 72.5987344877584,
  "summary_gm_mean": 658.638898685457,
  "summary_gm_median": 657.3108640350401,
  "summary_gm_n": 36143.0,
  "summary_gm_p05": 535.7790262810886,
  "summary_gm_p95": 785.3260105624795,
  "summary_gm_stdv": 75.31548342717905,
  "summary_wm_k": 0.6569448802300313,
  "summary_wm_mad": 43.284607322059905,
  "summary_wm_mean": 999.1546287333473,
  "summary_wm_median": 999.9597730636597,
  "summary_wm_n": 187980.0,
  "summary_wm_p05": 922.5224887691438,
  "summary_wm_p95": 1072.5647775270045,
  "summary_wm_stdv": 46.019909576779156,
  "tpm_overlap_csf": 0.14780866409496693,
  "tpm_overlap_gm": 0.4629853373887205,
  "tpm_overlap_wm": 0.49627287534504233,
  "wm2max": 0.4730265163060043
}