{
  "bids_meta": {
    "AcquisitionDateTime": "2017-03-06T16:14:8.437500",
    "ConversionSoftware": "dcm2niix",
    "ConversionSoftwareVersion": "v1.0.20170207",
    "EchoTime": 0.00298,
    "FlipAngle": 9,
    "ImageType": [
      "ORIGINAL",
      "PRIMARY",
      "M",
      "NORM",
      "DIS2D"
    ],
    "MagneticFieldStrength": 3,
    "Manufacturer": "Siemens",
    "ManufacturersModelName": "TrioTim",
    "PhaseEncodingDirection": "i-",
    "ProcedureStepDescription": "CIC-Physics_func_battery_Jess",
    "ProtocolName": "MPRAGE_ADNI_P2",
    "RepetitionTime": 2.3,
    "dataset": "ds001344",
    "modality": "T1w",
    "session_id": "scan1",
    "subject_id": "003"
  },
  "cjv": 0.34820615967844243,
  "cnr": 3.7994813109546226,
  "efc": 0.4935806298390059,
  "fber": -1.0,
  "fwhm_avg": 3.943385222581188,
  "fwhm_x": 4.037955667743563,
  "fwhm_y": 4.12245,
  "fwhm_z": 3.66975,
  "icvs_csf": 0.24869086638857202,
  "icvs_gm": 0.41144147570990236,
  "icvs_wm": 0.3398676579015256,
  "inu_med": 0.5944520831108093,
  "inu_range": 0.2365441918373108,
  "provenance": {
    "md5sum": "a7ae5444aa5f528ffeee5c4404379a57",
    "settings": {
      "testing": false
    },
    "software": "mriqc",
    "version": "22.0.1",
    "warnings": {
      "large_rot_frame": true,
      "small_air_mask": false
    },
    "webapi_port": null,
    "webapi_url": "https://mriqc.nimh.nih.gov/api/v1"
  },
  "qi_1": 0.0,
  "qi_2": 0.01735209825712276,
  "rpve_csf": 19.9746104063563,
  "rpve_gm": 11.65872981498726,
  "rpve_wm": 16.246077768863827,
  "size_x": 160,
  "size_y": 240,
  "size_z": 256,
  "snr_csf": 1.5761069533840453,
  "snr_gm": 9.108787374500078,
  "snr_total": 10.519896731252185,
  "snr_wm": 20.874795865872432,
  "snrd_csf": 16.14956123084042,
  "snrd_gm": 67.3379763125487,
  "snrd_total": 61.49541660307756,
  "snrd_wm": 100.99871226584357,
  "spacing_x": 1.000001072883606,
  "spacing_y": 1.0,
  "spacing_z": 1.0,
  "summary_bg_k": 687.9397260151927,
  "summary_bg_mad": 0.0,
  "summary_bg_mean": 3.1407907463001052,
  "summary_bg_median": 0.0,
  "summary_bg_n": 3010600.0,
  "summary_bg_p05": 0.0,
  "summary_bg_p95": 15.93202393501997,
  "summary_bg_stdv": 6.486316958500577,
  "summary_csf_k": 0.9490744544045309,
  "summary_csf_mad": 95.93700714269336,
  "summary_csf_mean": 182.8040508892024,
  "summary_csf_median": 159.8921581581235,
  "summary_csf_n": 63413.0,
  "summary_csf_p05": 56.74251601472497,
  "summary_csf_p95": 377.11509167626474,
  "summary_csf_stdv": 101.44673055923963,
  "summary_gm_k": 0.19290991112615652,
  "summary_gm_mad": 70.92312838642293,
  "summary_gm_mean": 667.0348799726079,
  "summary_gm_median": 666.693924665451,
  "summary_gm_n": 24139.0,
  "summary_gm_p05": 545.606457624957,
  "summary_gm_p95": 788.471779409796,
  "summary_gm_stdv": 73.19087466152874,
  "summary_wm_k": 0.5371843209903071,
  "summary_wm_mad": 45.12188782910768,
  "summary_wm_mean": 998.7221472037725,
  "summary_wm_median": 999.9591843113303,
  "summary_wm_n": 181839.0,
  "summary_wm_p05": 917.929686717689,
  "summary_wm_p95": 1074.9213994927704,
  "summary_wm_stdv": 47.90257309147716,
  "tpm_overlap_csf": 0.14924474225485382,
  "tpm_overlap_gm": 0.468939441126703,
  "tpm_overlap_wm": 0.5212911101141985,
  "wm2max": 0.4600522487642603
}