{
  "bids_meta": {
    "AcquisitionDateTime": "2017-03-16T12:23:5.976562",
    "ConversionSoftware": "dcm2niix",
    "ConversionSoftwareVersion": "v1.0.20170207",
    "EchoTime": 0.00298,
    "FlipAngle": 9,
    "ImageType": [
      "ORIGINAL",
      "PRIMARY",
      "M",
      "NORM",
      "DIS2D"
    ],
    "MagneticFieldStrength": 3,
    "Manufacturer": "Siemens",
    "ManufacturersModelName": "TrioTim",
    "PhaseEncodingDirection": "i-",
    "ProcedureStepDescription": "CIC-Physics_func_battery_Jess",
    "ProtocolName": "MPRAGE_ADNI_P2",
    "RepetitionTime": 2.3,
    "dataset": "ds001344",
    "modality": "T1w",
    "session_id": "scan2",
    "subject_id": "001"
  },
  "cjv": 0.35307193762793554,
  "cnr": 3.8329863863060707,
  "efc": 0.5095708201898905,
  "fber": 15221.180804294507,
  "fwhm_avg": 3.8317600000000005,
  "fwhm_x": 3.98083,
  "fwhm_y": 3.96417,
  "fwhm_z": 3.55028,
  "icvs_csf": 0.17892500773531494,
  "icvs_gm": 0.46046677370272926,
  "icvs_wm": 0.3606082185619558,
  "inu_med": 0.5761114358901978,
  "inu_range": 0.2328659296035766,
  "provenance": {
    "md5sum": "02cf61ef9054a2f8b95bca00e9eb9d8c",
    "settings": {
      "testing": false
    },
    "software": "mriqc",
    "version": "22.0.1",
    "warnings": {
      "large_rot_frame": true,
      "small_air_mask": false
    },
    "webapi_port": null,
    "webapi_url": "https://mriqc.nimh.nih.gov/api/v1"
  },
  "qi_1": 0.0,
  "qi_2": 0.01722499246605888,
  "rpve_csf": 24.472257194019072,
  "rpve_gm": 10.585069755647563,
  "rpve_wm": 15.128556277096552,
  "size_x": 160,
  "size_y": 240,
  "size_z": 256,
  "snr_csf": 1.63635614891443,
  "snr_gm": 9.46144705469873,
  "snr_total": 10.45717482813828,
  "snr_wm": 20.273721280801677,
  "snrd_csf": 17.248097870010035,
  "snrd_gm": 59.6832079208118,
  "snrd_total": 55.4027794675332,
  "snrd_wm": 89.27703261177774,
  "spacing_x": 1.0,
  "spacing_y": 1.0,
  "spacing_z": 1.0,
  "summary_bg_k": 17.248454959606406,
  "summary_bg_mad": 0.0,
  "summary_bg_mean": 3.8202363865057754,
  "summary_bg_median": 0.0,
  "summary_bg_n": 2813179.0,
  "summary_bg_p05": 0.0,
  "summary_bg_p95": 17.65823446959257,
  "summary_bg_stdv": 7.338241024202603,
  "summary_csf_k": 1.0898512055901914,
  "summary_csf_mad": 115.76702195901485,
  "summary_csf_mean": 212.37185489188874,
  "summary_csf_median": 193.1974767073989,
  "summary_csf_n": 28469.0,
  "summary_csf_p05": 54.9864010065794,
  "summary_csf_p95": 431.08444301337,
  "summary_csf_stdv": 118.0635912821239,
  "summary_gm_k": 0.08103904372466086,
  "summary_gm_mad": 69.92416498096985,
  "summary_gm_mean": 669.7133801506368,
  "summary_gm_median": 668.5169146768749,
  "summary_gm_n": 44841.0,
  "summary_gm_p05": 556.0481174960732,
  "summary_gm_p95": 788.1011607684195,
  "summary_gm_stdv": 70.65615401811716,
  "summary_wm_k": 0.4307539014887949,
  "summary_wm_mad": 47.11320120755709,
  "summary_wm_mean": 1000.6532680950199,
  "summary_wm_median": 999.9999744035304,
  "summary_wm_n": 203036.0,
  "summary_wm_p05": 920.9104558825493,
  "summary_wm_p95": 1082.6285905502737,
  "summary_wm_stdv": 49.32481303913594,
  "tpm_overlap_csf": 0.1473541400168768,
  "tpm_overlap_gm": 0.48094228154611307,
  "tpm_overlap_wm": 0.5185395963012558,
  "wm2max": 0.49561492586916783
}