{
  "aor": 0.0025124516129032257,
  "aqi": 0.010961758774193548,
  "bids_meta": {
    "AcquisitionDateTime": "2017-03-08T12:03:7.078125",
    "ConversionSoftware": "dcm2niix",
    "ConversionSoftwareVersion": "v1.0.20170207",
    "EchoTime": 0.03,
    "EffectiveEchoSpacing": 0.000265001,
    "FlipAngle": 80,
    "ImageType": [
      "ORIGINAL",
      "PRIMARY",
      "M",
      "ND",
      "NORM",
      "MOSAIC"
    ],
    "MagneticFieldStrength": 3,
    "Manufacturer": "Siemens",
    "ManufacturersModelName": "TrioTim",
    "PhaseEncodingDirection": "j-",
    "ProcedureStepDescription": "CIC-Physics_func_battery_Jess",
    "ProtocolName": "Func_battery_Attention_TR=2s_Standard_E",
    "RepetitionTime": 2,
    "TaskName": "Eye Movemement Variant",
    "dataset": "ds001344",
    "modality": "bold",
    "session_id": "scan1",
    "subject_id": "005",
    "task_id": "eyemovement"
  },
  "dummy_trs": 0,
  "dvars_nstd": 25.42467470324677,
  "dvars_std": 1.0967773057792207,
  "dvars_vstd": 0.9997600000649346,
  "efc": 0.6057143370169065,
  "fber": 1508.873046875,
  "fd_mean": 0.0903416491480856,
  "fd_num": 7,
  "fd_perc": 4.516129032258065,
  "fwhm_avg": 1.61238,
  "fwhm_x": 1.5034733333333332,
  "fwhm_y": 1.7715766666666666,
  "fwhm_z": 1.5620900000000002,
  "gcor": 0.0134997,
  "gsr_x": -0.0017791267018765211,
  "gsr_y": 0.03488753363490105,
  "provenance": {
    "md5sum": "ca53c252993b1dbb084ac84beda4a4f4",
    "settings": {
      "fd_thres": 0.2,
      "testing": false
    },
    "software": "mriqc",
    "version": "22.0.1",
    "webapi_port": null,
    "webapi_url": "https://mriqc.nimh.nih.gov/api/v1"
  },
  "size_t": 155,
  "size_x": 64,
  "size_y": 64,
  "size_z": 36,
  "snr": 6.806720583300507,
  "spacing_tr": 2.0,
  "spacing_x": 3.0,
  "spacing_y": 3.0,
  "spacing_z": 3.0,
  "summary_bg_k": 30.211891541943892,
  "summary_bg_mad": 9.431262633980792,
  "summary_bg_mean": 34.02322769165039,
  "summary_bg_median": 14.516128540039062,
  "summary_bg_n": 73079.0,
  "summary_bg_p05": 6.380645275115967,
  "summary_bg_p95": 124.59483489990222,
  "summary_bg_stdv": 53.775238037109375,
  "summary_fg_k": 2.010379935686501,
  "summary_fg_mad": 81.41399156335208,
  "summary_fg_mean": 585.925537109375,
  "summary_fg_median": 579.7387084960938,
  "summary_fg_n": 39900.0,
  "summary_fg_p05": 468.3286880493164,
  "summary_fg_p95": 725.7612915039062,
  "summary_fg_stdv": 85.17044830322266,
  "tsnr": 54.72171001578681
}