{
  "aor": 0.001117236842105263,
  "aqi": 0.006358340723684211,
  "bids_meta": {
    "AcquisitionDateTime": "2017-03-29T15:25:17.828125",
    "ConversionSoftware": "dcm2niix",
    "ConversionSoftwareVersion": "v1.0.20170207",
    "EchoTime": 0.03,
    "EffectiveEchoSpacing": 0.000265001,
    "FlipAngle": 80,
    "ImageType": [
      "ORIGINAL",
      "PRIMARY",
      "M",
      "ND",
      "NORM",
      "MOSAIC"
    ],
    "MagneticFieldStrength": 3,
    "Manufacturer": "Siemens",
    "ManufacturersModelName": "TrioTim",
    "PhaseEncodingDirection": "j-",
    "ProcedureStepDescription": "CIC-Physics_func_battery_Jess",
    "ProtocolName": "Func_battery_Attention_TR=2s_Standard_E",
    "RepetitionTime": 2,
    "TaskName": "Eye Movemement Variant",
    "dataset": "ds001344",
    "modality": "bold",
    "session_id": "scan1",
    "subject_id": "017",
    "task_id": "eyemovement"
  },
  "dummy_trs": 3,
  "dvars_nstd": 28.388658763774846,
  "dvars_std": 1.1779144973509923,
  "dvars_vstd": 1.0099314064238414,
  "efc": 0.6349879086754527,
  "fber": 1426.202880859375,
  "fd_mean": 0.05529179510862182,
  "fd_num": 4,
  "fd_perc": 2.6315789473684212,
  "fwhm_avg": 1.6054766666666664,
  "fwhm_x": 1.4877333333333331,
  "fwhm_y": 1.69205,
  "fwhm_z": 1.6366466666666666,
  "gcor": 0.0115396,
  "gsr_x": -0.004422180820256472,
  "gsr_y": 0.039525873959064484,
  "provenance": {
    "md5sum": "a1508afd2b35b0285c722f7a965e27cf",
    "settings": {
      "fd_thres": 0.2,
      "testing": false
    },
    "software": "mriqc",
    "version": "22.0.1",
    "webapi_port": null,
    "webapi_url": "https://mriqc.nimh.nih.gov/api/v1"
  },
  "size_t": 152,
  "size_x": 64,
  "size_y": 64,
  "size_z": 36,
  "snr": 5.5915086774661935,
  "spacing_tr": 2.0,
  "spacing_x": 3.0,
  "spacing_y": 3.0,
  "spacing_z": 3.0,
  "summary_bg_k": 21.081580880794036,
  "summary_bg_mad": 9.758839540169163,
  "summary_bg_mean": 29.435184478759766,
  "summary_bg_median": 15.0328950881958,
  "summary_bg_n": 65336.0,
  "summary_bg_p05": 6.1710524559021,
  "summary_bg_p95": 100.17105102539062,
  "summary_bg_stdv": 40.406131744384766,
  "summary_fg_k": 1.3272235876723233,
  "summary_fg_mad": 100.73406123239515,
  "summary_fg_mean": 604.4361572265625,
  "summary_fg_median": 592.4046020507812,
  "summary_fg_n": 47434.0,
  "summary_fg_p05": 465.41448974609375,
  "summary_fg_p95": 794.785205078125,
  "summary_fg_stdv": 105.9460678100586,
  "tsnr": 61.87300026672892
}