{
  "aor": 0.0009566451612903227,
  "aqi": 0.006731687677419353,
  "bids_meta": {
    "AcquisitionDateTime": "2017-03-29T15:32:3.578125",
    "ConversionSoftware": "dcm2niix",
    "ConversionSoftwareVersion": "v1.0.20170207",
    "EchoTime": 0.03,
    "EffectiveEchoSpacing": 0.000265001,
    "FlipAngle": 80,
    "ImageType": [
      "ORIGINAL",
      "PRIMARY",
      "M",
      "ND",
      "NORM",
      "MOSAIC"
    ],
    "MagneticFieldStrength": 3,
    "Manufacturer": "Siemens",
    "ManufacturersModelName": "TrioTim",
    "PhaseEncodingDirection": "j-",
    "ProcedureStepDescription": "CIC-Physics_func_battery_Jess",
    "ProtocolName": "Func_battery_Letters_TR=2s_Standard_EPI",
    "RepetitionTime": 2,
    "TaskName": "Working Memory Variant",
    "dataset": "ds001344",
    "modality": "bold",
    "session_id": "scan1",
    "subject_id": "017",
    "task_id": "workingmemory"
  },
  "dummy_trs": 0,
  "dvars_nstd": 29.46050287253246,
  "dvars_std": 1.21123932961039,
  "dvars_vstd": 1.011671282727273,
  "efc": 0.6354059842661272,
  "fber": 1403.39013671875,
  "fd_mean": 0.0678968335831504,
  "fd_num": 0,
  "fd_perc": 0.0,
  "fwhm_avg": 1.5992944444444444,
  "fwhm_x": 1.4852266666666667,
  "fwhm_y": 1.6834833333333332,
  "fwhm_z": 1.6291733333333334,
  "gcor": 0.0117023,
  "gsr_x": -0.002950343769043684,
  "gsr_y": 0.03892812505364418,
  "provenance": {
    "md5sum": "f7edb887543b34b8b4152efe31112c83",
    "settings": {
      "fd_thres": 0.2,
      "testing": false
    },
    "software": "mriqc",
    "version": "22.0.1",
    "webapi_port": null,
    "webapi_url": "https://mriqc.nimh.nih.gov/api/v1"
  },
  "size_t": 155,
  "size_x": 64,
  "size_y": 64,
  "size_z": 36,
  "snr": 5.57267255615507,
  "spacing_tr": 2.0,
  "spacing_x": 3.0,
  "spacing_y": 3.0,
  "spacing_z": 3.0,
  "summary_bg_k": 20.910018679055923,
  "summary_bg_mad": 10.301694197689617,
  "summary_bg_mean": 30.280515670776367,
  "summary_bg_median": 15.14838695526123,
  "summary_bg_n": 65450.0,
  "summary_bg_p05": 5.806451320648193,
  "summary_bg_p95": 104.31677284240718,
  "summary_bg_stdv": 42.37576675415039,
  "summary_fg_k": 1.3097186827919067,
  "summary_fg_mad": 100.90305290982796,
  "summary_fg_mean": 604.5380859375,
  "summary_fg_median": 592.54833984375,
  "summary_fg_n": 47258.0,
  "summary_fg_p05": 464.91417541503904,
  "summary_fg_p95": 796.0480682373047,
  "summary_fg_stdv": 106.32996368408203,
  "tsnr": 59.758032727986574
}