{
  "bids_meta": {
    "AcquisitionDateTime": "2017-03-07T11:03:51.398438",
    "ConversionSoftware": "dcm2niix",
    "ConversionSoftwareVersion": "v1.0.20170207",
    "EchoTime": 0.00298,
    "FlipAngle": 9,
    "ImageType": [
      "ORIGINAL",
      "PRIMARY",
      "M",
      "NORM",
      "DIS2D"
    ],
    "MagneticFieldStrength": 3,
    "Manufacturer": "Siemens",
    "ManufacturersModelName": "TrioTim",
    "PhaseEncodingDirection": "i-",
    "ProcedureStepDescription": "CIC-Physics_func_battery_Jess",
    "ProtocolName": "MPRAGE_ADNI_P2",
    "RepetitionTime": 2.3,
    "dataset": "ds001344",
    "modality": "T1w",
    "session_id": "scan1",
    "subject_id": "004"
  },
  "cjv": 0.34251566895178026,
  "cnr": 3.869737854392268,
  "efc": 0.5104500207309488,
  "fber": 7563.5634765625,
  "fwhm_avg": 4.003365539208002,
  "fwhm_x": 4.053346617624006,
  "fwhm_y": 4.20735,
  "fwhm_z": 3.7494,
  "icvs_csf": 0.24122507415739902,
  "icvs_gm": 0.42189618401663004,
  "icvs_wm": 0.33687874182597094,
  "inu_med": 0.6424137949943542,
  "inu_range": 0.29508358538150786,
  "provenance": {
    "md5sum": "5db16a14113cc111e71b40301a65cce0",
    "settings": {
      "testing": false
    },
    "software": "mriqc",
    "version": "22.0.1",
    "warnings": {
      "large_rot_frame": true,
      "small_air_mask": false
    },
    "webapi_port": null,
    "webapi_url": "https://mriqc.nimh.nih.gov/api/v1"
  },
  "qi_1": 0.0,
  "qi_2": 0.018079565836037773,
  "rpve_csf": 19.7650084546107,
  "rpve_gm": 11.314049577119834,
  "rpve_wm": 16.590474879699862,
  "size_x": 160,
  "size_y": 240,
  "size_z": 256,
  "snr_csf": 1.133402334388713,
  "snr_gm": 7.881994694849684,
  "snr_total": 10.182586010384021,
  "snr_wm": 21.532361001913667,
  "snrd_csf": 12.393803155173181,
  "snrd_gm": 67.94494256851532,
  "snrd_total": 62.27485768835146,
  "snrd_wm": 106.48582734136588,
  "spacing_x": 1.0000008344650269,
  "spacing_y": 1.0,
  "spacing_z": 1.0,
  "summary_bg_k": 15.592330008684595,
  "summary_bg_mad": 0.0,
  "summary_bg_mean": 2.7360406668831474,
  "summary_bg_median": 0.0,
  "summary_bg_n": 2180458.0,
  "summary_bg_p05": 0.0,
  "summary_bg_p95": 16.33058136701584,
  "summary_bg_stdv": 6.152334176498783,
  "summary_csf_k": 1.5402199033570199,
  "summary_csf_mad": 85.81127944392071,
  "summary_csf_mean": 145.228291100356,
  "summary_csf_median": 116.3892263174057,
  "summary_csf_n": 53289.0,
  "summary_csf_p05": 24.180087327957153,
  "summary_csf_p95": 352.91198351979256,
  "summary_csf_stdv": 102.68916052505399,
  "summary_gm_k": 0.07144978922385814,
  "summary_gm_mad": 79.95899031582792,
  "summary_gm_mean": 637.9311466639489,
  "summary_gm_median": 638.0655879974365,
  "summary_gm_n": 34024.0,
  "summary_gm_p05": 504.63075347691773,
  "summary_gm_p95": 771.1462925076485,
  "summary_gm_stdv": 80.95110894287167,
  "summary_wm_k": 0.5755156023079047,
  "summary_wm_mad": 44.00921424325786,
  "summary_wm_mean": 999.2756397155878,
  "summary_wm_median": 999.9999921619892,
  "summary_wm_n": 188467.0,
  "summary_wm_p05": 922.4071746170521,
  "summary_wm_p95": 1073.7131688296795,
  "summary_wm_stdv": 46.44160197227211,
  "tpm_overlap_csf": 0.15451375412624815,
  "tpm_overlap_gm": 0.46698869501560153,
  "tpm_overlap_wm": 0.5026514567385622,
  "wm2max": 0.4583955384819466
}