{
  "aor": 0.0017937419354838709,
  "aqi": 0.01114161535483871,
  "bids_meta": {
    "AcquisitionDateTime": "2017-03-07T11:12:46.468750",
    "ConversionSoftware": "dcm2niix",
    "ConversionSoftwareVersion": "v1.0.20170207",
    "EchoTime": 0.03,
    "EffectiveEchoSpacing": 0.000265001,
    "FlipAngle": 80,
    "ImageType": [
      "ORIGINAL",
      "PRIMARY",
      "M",
      "ND",
      "NORM",
      "MOSAIC"
    ],
    "MagneticFieldStrength": 3,
    "Manufacturer": "Siemens",
    "ManufacturersModelName": "TrioTim",
    "PhaseEncodingDirection": "j-",
    "ProcedureStepDescription": "CIC-Physics_func_battery_Jess",
    "ProtocolName": "Func_battery_Attention_TR=2s_Standard_E",
    "RepetitionTime": 2,
    "TaskName": "Eye Movemement Variant",
    "dataset": "ds001344",
    "modality": "bold",
    "session_id": "scan1",
    "subject_id": "004",
    "task_id": "eyemovement"
  },
  "dummy_trs": 0,
  "dvars_nstd": 25.326367006623368,
  "dvars_std": 1.0515778511688312,
  "dvars_vstd": 0.9861510048701299,
  "efc": 0.5751249971755964,
  "fber": 2031.54638671875,
  "fd_mean": 0.16615647331899625,
  "fd_num": 31,
  "fd_perc": 20.0,
  "fwhm_avg": 1.6439111111111113,
  "fwhm_x": 1.5474266666666667,
  "fwhm_y": 1.73783,
  "fwhm_z": 1.6464766666666666,
  "gcor": 0.0268626,
  "gsr_x": 0.0162243340164423,
  "gsr_y": 0.016886025667190552,
  "provenance": {
    "md5sum": "af13a29cdc54580d662e72615d52af0b",
    "settings": {
      "fd_thres": 0.2,
      "testing": false
    },
    "software": "mriqc",
    "version": "22.0.1",
    "webapi_port": null,
    "webapi_url": "https://mriqc.nimh.nih.gov/api/v1"
  },
  "size_t": 155,
  "size_x": 64,
  "size_y": 64,
  "size_z": 36,
  "snr": 6.107375214525893,
  "spacing_tr": 2.0,
  "spacing_x": 3.0,
  "spacing_y": 3.0,
  "spacing_z": 3.0,
  "summary_bg_k": 24.271006839929836,
  "summary_bg_mad": 7.633009921595601,
  "summary_bg_mean": 27.929731369018555,
  "summary_bg_median": 12.329031944274902,
  "summary_bg_n": 77389.0,
  "summary_bg_p05": 5.335483551025391,
  "summary_bg_p95": 98.56257781982355,
  "summary_bg_stdv": 50.22444152832031,
  "summary_fg_k": 1.7984869147083327,
  "summary_fg_mad": 83.72874771260582,
  "summary_fg_mean": 578.4716796875,
  "summary_fg_median": 568.6096801757812,
  "summary_fg_n": 36930.0,
  "summary_fg_p05": 451.8258056640625,
  "summary_fg_p95": 739.9490112304687,
  "summary_fg_stdv": 93.10087585449219,
  "tsnr": 49.48031659075059
}