{
  "bids_meta": {
    "AcquisitionDateTime": "2017-03-24T15:21:47.437500",
    "ConversionSoftware": "dcm2niix",
    "ConversionSoftwareVersion": "v1.0.20170207",
    "EchoTime": 0.00298,
    "FlipAngle": 9,
    "ImageType": [
      "ORIGINAL",
      "PRIMARY",
      "M",
      "NORM",
      "DIS2D"
    ],
    "MagneticFieldStrength": 3,
    "Manufacturer": "Siemens",
    "ManufacturersModelName": "TrioTim",
    "PhaseEncodingDirection": "i-",
    "ProcedureStepDescription": "CIC-Physics_func_battery_Jess",
    "ProtocolName": "MPRAGE_ADNI_P2",
    "RepetitionTime": 2.3,
    "dataset": "ds001344",
    "modality": "T1w",
    "session_id": "scan2",
    "subject_id": "012"
  },
  "cjv": 0.3371632072199998,
  "cnr": 3.8638093438017,
  "efc": 0.5111106449992086,
  "fber": 13364.710107091481,
  "fwhm_avg": 3.691073333333333,
  "fwhm_x": 3.8241,
  "fwhm_y": 3.86918,
  "fwhm_z": 3.37994,
  "icvs_csf": 0.23133150766827884,
  "icvs_gm": 0.4415748213618639,
  "icvs_wm": 0.3270936709698573,
  "inu_med": 0.5712657272815704,
  "inu_range": 0.25729062408208847,
  "provenance": {
    "md5sum": "2ec36c72cb17781f39d775b52f4f449c",
    "settings": {
      "testing": false
    },
    "software": "mriqc",
    "version": "22.0.1",
    "warnings": {
      "large_rot_frame": true,
      "small_air_mask": false
    },
    "webapi_port": null,
    "webapi_url": "https://mriqc.nimh.nih.gov/api/v1"
  },
  "qi_1": 0.0,
  "qi_2": 0.017316550166493284,
  "rpve_csf": 21.47617317949971,
  "rpve_gm": 11.638917233083717,
  "rpve_wm": 17.97462410856878,
  "size_x": 160,
  "size_y": 240,
  "size_z": 256,
  "snr_csf": 2.0191613723278397,
  "snr_gm": 9.400208929776648,
  "snr_total": 11.334814416573977,
  "snr_wm": 22.58507294761744,
  "snrd_csf": 27.696655197182295,
  "snrd_gm": 74.0269481294899,
  "snrd_total": 70.53525606586645,
  "snrd_wm": 109.88216487092717,
  "spacing_x": 1.0,
  "spacing_y": 1.0,
  "spacing_z": 1.0,
  "summary_bg_k": 4691.609325655214,
  "summary_bg_mad": 0.0,
  "summary_bg_mean": 2.102418458439392,
  "summary_bg_median": 0.0,
  "summary_bg_n": 2068104.0,
  "summary_bg_p05": 0.0,
  "summary_bg_p95": 11.170368783175945,
  "summary_bg_stdv": 5.9619217454034725,
  "summary_csf_k": -0.06992887244953794,
  "summary_csf_mad": 125.76560657787219,
  "summary_csf_mean": 263.7705698710341,
  "summary_csf_median": 252.0471933707595,
  "summary_csf_n": 35604.0,
  "summary_csf_p05": 78.95477017927915,
  "summary_csf_p95": 492.25211607664824,
  "summary_csf_stdv": 124.8259090180427,
  "summary_gm_k": 0.1973349376086282,
  "summary_gm_mad": 68.29944079996326,
  "summary_gm_mean": 672.6245520397998,
  "summary_gm_median": 673.6656241342425,
  "summary_gm_n": 31041.0,
  "summary_gm_p05": 551.0435307249427,
  "summary_gm_p95": 790.6185454167426,
  "summary_gm_stdv": 71.66380852344393,
  "summary_wm_k": 0.5646834319937382,
  "summary_wm_mad": 41.71433485503682,
  "summary_wm_mean": 999.6624952614807,
  "summary_wm_median": 999.9579754322767,
  "summary_wm_n": 166917.0,
  "summary_wm_p05": 926.8046580627561,
  "summary_wm_p95": 1071.3895442299545,
  "summary_wm_stdv": 44.27503875556024,
  "tpm_overlap_csf": 0.13982389495648184,
  "tpm_overlap_gm": 0.4600471271384013,
  "tpm_overlap_wm": 0.48650357093519647,
  "wm2max": 0.452658308246983
}