{
  "aor": 0.0007420261437908496,
  "aqi": 0.007820606993464053,
  "bids_meta": {
    "AcquisitionDateTime": "2017-04-04T12:32:2.796875",
    "ConversionSoftware": "dcm2niix",
    "ConversionSoftwareVersion": "v1.0.20170207",
    "EchoTime": 0.03,
    "EffectiveEchoSpacing": 0.000265001,
    "FlipAngle": 80,
    "ImageType": [
      "ORIGINAL",
      "PRIMARY",
      "M",
      "ND",
      "NORM",
      "MOSAIC"
    ],
    "MagneticFieldStrength": 3,
    "Manufacturer": "Siemens",
    "ManufacturersModelName": "TrioTim",
    "PhaseEncodingDirection": "j-",
    "ProcedureStepDescription": "CIC-Physics_func_battery_Jess",
    "ProtocolName": "Func_battery_Letters_TR=2s_Standard_EPI",
    "RepetitionTime": 2,
    "TaskName": "Working Memory Variant",
    "dataset": "ds001344",
    "modality": "bold",
    "session_id": "scan2",
    "subject_id": "018",
    "task_id": "workingmemory"
  },
  "dummy_trs": 2,
  "dvars_nstd": 25.562977753223688,
  "dvars_std": 1.1420726051315788,
  "dvars_vstd": 1.0086969906578942,
  "efc": 0.585780742865534,
  "fber": 1405.0496826171875,
  "fd_mean": 0.08523270768791576,
  "fd_num": 1,
  "fd_perc": 0.6535947712418301,
  "fwhm_avg": 1.5815777777777777,
  "fwhm_x": 1.4676566666666666,
  "fwhm_y": 1.6527733333333332,
  "fwhm_z": 1.6243033333333334,
  "gcor": 0.0199476,
  "gsr_x": 0.004328219220042229,
  "gsr_y": 0.033188801258802414,
  "provenance": {
    "md5sum": "ec9b3f142a89042c988b64f30899194e",
    "settings": {
      "fd_thres": 0.2,
      "testing": false
    },
    "software": "mriqc",
    "version": "22.0.1",
    "webapi_port": null,
    "webapi_url": "https://mriqc.nimh.nih.gov/api/v1"
  },
  "size_t": 153,
  "size_x": 64,
  "size_y": 64,
  "size_z": 36,
  "snr": 7.2099056174300795,
  "spacing_tr": 2.0,
  "spacing_x": 3.0,
  "spacing_y": 3.0,
  "spacing_z": 3.0,
  "summary_bg_k": 29.876642061571573,
  "summary_bg_mad": 11.44898395556211,
  "summary_bg_mean": 39.47374725341797,
  "summary_bg_median": 17.068626403808594,
  "summary_bg_n": 77728.0,
  "summary_bg_p05": 7.346405506134033,
  "summary_bg_p95": 150.59444046020496,
  "summary_bg_stdv": 67.13888549804688,
  "summary_fg_k": 2.461270312737936,
  "summary_fg_mad": 88.07429969851134,
  "summary_fg_mean": 657.0026245117188,
  "summary_fg_median": 652.6078491210938,
  "summary_fg_n": 36613.0,
  "summary_fg_p05": 532.2143920898437,
  "summary_fg_p95": 803.3019653320313,
  "summary_fg_stdv": 90.51421356201172,
  "tsnr": 64.3394137530122
}