{
  "aor": 0.00171341935483871,
  "aqi": 0.008062679741935483,
  "bids_meta": {
    "AcquisitionDateTime": "2017-03-30T13:01:0.328125",
    "ConversionSoftware": "dcm2niix",
    "ConversionSoftwareVersion": "v1.0.20170207",
    "EchoTime": 0.03,
    "EffectiveEchoSpacing": 0.000265001,
    "FlipAngle": 80,
    "ImageType": [
      "ORIGINAL",
      "PRIMARY",
      "M",
      "ND",
      "NORM",
      "MOSAIC"
    ],
    "MagneticFieldStrength": 3,
    "Manufacturer": "Siemens",
    "ManufacturersModelName": "TrioTim",
    "PhaseEncodingDirection": "j-",
    "ProcedureStepDescription": "CIC-Physics_func_battery_Jess",
    "ProtocolName": "Func_battery_Letters_TR=2s_Standard_EPI",
    "RepetitionTime": 2,
    "TaskName": "Working Memory Variant",
    "dataset": "ds001344",
    "modality": "bold",
    "session_id": "scan1",
    "subject_id": "019",
    "task_id": "workingmemory"
  },
  "dummy_trs": 0,
  "dvars_nstd": 25.66894492902598,
  "dvars_std": 1.1700255903896097,
  "dvars_vstd": 0.9989607537662331,
  "efc": 0.5824462347778389,
  "fber": 1739.9114990234375,
  "fd_mean": 0.08505224126360429,
  "fd_num": 2,
  "fd_perc": 1.2903225806451613,
  "fwhm_avg": 1.576793333333333,
  "fwhm_x": 1.46739,
  "fwhm_y": 1.6931266666666664,
  "fwhm_z": 1.5698633333333334,
  "gcor": 0.01343,
  "gsr_x": -0.0021552250254899263,
  "gsr_y": 0.031141290441155434,
  "provenance": {
    "md5sum": "94546b71eb871ea3fe32c23aa1be1d98",
    "settings": {
      "fd_thres": 0.2,
      "testing": false
    },
    "software": "mriqc",
    "version": "22.0.1",
    "webapi_port": null,
    "webapi_url": "https://mriqc.nimh.nih.gov/api/v1"
  },
  "size_t": 155,
  "size_x": 64,
  "size_y": 64,
  "size_z": 36,
  "snr": 6.478154336032264,
  "spacing_tr": 2.0,
  "spacing_x": 3.0,
  "spacing_y": 3.0,
  "spacing_z": 3.0,
  "summary_bg_k": 26.668290267387054,
  "summary_bg_mad": 9.679958376411639,
  "summary_bg_mean": 32.69354248046875,
  "summary_bg_median": 15.787096977233887,
  "summary_bg_n": 76144.0,
  "summary_bg_p05": 6.6258063316345215,
  "summary_bg_p95": 111.43580207824691,
  "summary_bg_stdv": 52.484886169433594,
  "summary_fg_k": 2.1696816928890055,
  "summary_fg_mad": 100.4630411124962,
  "summary_fg_mean": 675.9262084960938,
  "summary_fg_median": 670.5741577148438,
  "summary_fg_n": 37789.0,
  "summary_fg_p05": 531.881298828125,
  "summary_fg_p95": 839.1174072265625,
  "summary_fg_stdv": 103.51177978515625,
  "tsnr": 60.35027973004617
}