{
  "aor": 0.001324516129032258,
  "aqi": 0.008341786838709678,
  "bids_meta": {
    "AcquisitionDateTime": "2017-03-30T12:54:57.703125",
    "ConversionSoftware": "dcm2niix",
    "ConversionSoftwareVersion": "v1.0.20170207",
    "EchoTime": 0.03,
    "EffectiveEchoSpacing": 0.000265001,
    "FlipAngle": 80,
    "ImageType": [
      "ORIGINAL",
      "PRIMARY",
      "M",
      "ND",
      "NORM",
      "MOSAIC"
    ],
    "MagneticFieldStrength": 3,
    "Manufacturer": "Siemens",
    "ManufacturersModelName": "TrioTim",
    "PhaseEncodingDirection": "j-",
    "ProcedureStepDescription": "CIC-Physics_func_battery_Jess",
    "ProtocolName": "Func_battery_Attention_TR=2s_Standard_E",
    "RepetitionTime": 2,
    "TaskName": "Eye Movemement Variant",
    "dataset": "ds001344",
    "modality": "bold",
    "session_id": "scan1",
    "subject_id": "019",
    "task_id": "eyemovement"
  },
  "dummy_trs": 0,
  "dvars_nstd": 26.247554122662336,
  "dvars_std": 1.187983802662338,
  "dvars_vstd": 1.0117058175324678,
  "efc": 0.5813726790571396,
  "fber": 1812.271728515625,
  "fd_mean": 0.09099003690944267,
  "fd_num": 8,
  "fd_perc": 5.161290322580645,
  "fwhm_avg": 1.5753533333333334,
  "fwhm_x": 1.4657966666666666,
  "fwhm_y": 1.6780466666666667,
  "fwhm_z": 1.5822166666666666,
  "gcor": 0.0092426,
  "gsr_x": -0.001018403796479106,
  "gsr_y": 0.029935728758573532,
  "provenance": {
    "md5sum": "29b40955266b14e2df30919c59f0cd58",
    "settings": {
      "fd_thres": 0.2,
      "testing": false
    },
    "software": "mriqc",
    "version": "22.0.1",
    "webapi_port": null,
    "webapi_url": "https://mriqc.nimh.nih.gov/api/v1"
  },
  "size_t": 155,
  "size_x": 64,
  "size_y": 64,
  "size_z": 36,
  "snr": 6.504351001290814,
  "spacing_tr": 2.0,
  "spacing_x": 3.0,
  "spacing_y": 3.0,
  "spacing_z": 3.0,
  "summary_bg_k": 26.870860885843644,
  "summary_bg_mad": 9.574740131198787,
  "summary_bg_mean": 31.560503005981445,
  "summary_bg_median": 15.496773719787598,
  "summary_bg_n": 76082.0,
  "summary_bg_p05": 6.341935157775879,
  "summary_bg_p95": 107.79935035705563,
  "summary_bg_stdv": 50.42673873901367,
  "summary_fg_k": 2.150894130222907,
  "summary_fg_mad": 100.40087389300686,
  "summary_fg_mean": 677.7284545898438,
  "summary_fg_median": 672.3677368164062,
  "summary_fg_n": 37830.0,
  "summary_fg_p05": 532.8280426025391,
  "summary_fg_p95": 840.9560943603515,
  "summary_fg_stdv": 103.3706283569336,
  "tsnr": 59.66383838606998
}