{
  "bids_meta": {
    "AcquisitionDateTime": "2017-03-24T16:26:48.406250",
    "ConversionSoftware": "dcm2niix",
    "ConversionSoftwareVersion": "v1.0.20170207",
    "EchoTime": 0.00298,
    "FlipAngle": 9,
    "ImageType": [
      "ORIGINAL",
      "PRIMARY",
      "M",
      "NORM",
      "DIS2D"
    ],
    "MagneticFieldStrength": 3,
    "Manufacturer": "Siemens",
    "ManufacturersModelName": "TrioTim",
    "PhaseEncodingDirection": "i-",
    "ProcedureStepDescription": "CIC-Physics_func_battery_Jess",
    "ProtocolName": "MPRAGE_ADNI_P2",
    "RepetitionTime": 2.3,
    "dataset": "ds001344",
    "modality": "T1w",
    "session_id": "scan2",
    "subject_id": "005"
  },
  "cjv": 0.3811194725215087,
  "cnr": 3.4761886480415276,
  "efc": 0.5492155198151305,
  "fber": 17990.473673469387,
  "fwhm_avg": 3.791365958816628,
  "fwhm_x": 3.7850776706791405,
  "fwhm_y": 4.13676,
  "fwhm_z": 3.452260205770743,
  "icvs_csf": 0.21554473295338017,
  "icvs_gm": 0.42671369576776186,
  "icvs_wm": 0.35774157127885803,
  "inu_med": 0.5865954160690308,
  "inu_range": 0.2100268304347992,
  "provenance": {
    "md5sum": "7896faac4ef0f7a8d3dc8c19e1f915c8",
    "settings": {
      "testing": false
    },
    "software": "mriqc",
    "version": "22.0.1",
    "warnings": {
      "large_rot_frame": true,
      "small_air_mask": false
    },
    "webapi_port": null,
    "webapi_url": "https://mriqc.nimh.nih.gov/api/v1"
  },
  "qi_1": 0.0,
  "qi_2": 0.015130134875977952,
  "rpve_csf": 19.466662935117014,
  "rpve_gm": 10.282402707275804,
  "rpve_wm": 14.505128391973624,
  "size_x": 160,
  "size_y": 240,
  "size_z": 256,
  "snr_csf": 2.0047164513883597,
  "snr_gm": 8.853383166831806,
  "snr_total": 10.89915068953975,
  "snr_wm": 21.839352450399087,
  "snrd_csf": 30.4959303570392,
  "snrd_gm": 90.17396084109691,
  "snrd_total": 84.00821992888517,
  "snrd_wm": 131.35476858851936,
  "spacing_x": 0.9999979734420776,
  "spacing_y": 1.0,
  "spacing_z": 0.9999999403953552,
  "summary_bg_k": 1272.5736868608092,
  "summary_bg_mad": 0.0,
  "summary_bg_mean": 2.2678302962405827,
  "summary_bg_median": 0.0,
  "summary_bg_n": 2256019.0,
  "summary_bg_p05": 0.0,
  "summary_bg_p95": 12.870612602680922,
  "summary_bg_stdv": 4.987712967298366,
  "summary_csf_k": 1.468255356792203,
  "summary_csf_mad": 102.95774839061657,
  "summary_csf_mean": 246.9331340551817,
  "summary_csf_median": 232.17294488847256,
  "summary_csf_n": 34315.0,
  "summary_csf_p05": 76.6859062872827,
  "summary_csf_p95": 458.73874824196093,
  "summary_csf_stdv": 115.81167089101699,
  "summary_gm_k": -0.022100892063678934,
  "summary_gm_mad": 76.48745479302904,
  "summary_gm_mean": 686.2424046757285,
  "summary_gm_median": 686.5163251496851,
  "summary_gm_n": 31994.0,
  "summary_gm_p05": 557.6667939685285,
  "summary_gm_p95": 816.3696924112737,
  "summary_gm_stdv": 77.54161130273096,
  "summary_wm_k": 0.6998224981160743,
  "summary_wm_mad": 43.00093879608096,
  "summary_wm_mean": 1000.331479323306,
  "summary_wm_median": 1000.0358438417315,
  "summary_wm_n": 220344.0,
  "summary_wm_p05": 926.2538919299841,
  "summary_wm_p95": 1075.28769858554,
  "summary_wm_stdv": 45.790440758258136,
  "tpm_overlap_csf": 0.17796336294139248,
  "tpm_overlap_gm": 0.47908862354367665,
  "tpm_overlap_wm": 0.5167151174736829,
  "wm2max": 0.5252019355689028
}