{
  "aor": 0.0014673548387096772,
  "aqi": 0.01155642741935484,
  "bids_meta": {
    "AcquisitionDateTime": "2017-04-03T13:38:48.140625",
    "ConversionSoftware": "dcm2niix",
    "ConversionSoftwareVersion": "v1.0.20170207",
    "EchoTime": 0.03,
    "EffectiveEchoSpacing": 0.000265001,
    "FlipAngle": 80,
    "ImageType": [
      "ORIGINAL",
      "PRIMARY",
      "M",
      "ND",
      "NORM",
      "MOSAIC"
    ],
    "MagneticFieldStrength": 3,
    "Manufacturer": "Siemens",
    "ManufacturersModelName": "TrioTim",
    "PhaseEncodingDirection": "j-",
    "ProcedureStepDescription": "CIC-Physics_func_battery_Jess",
    "ProtocolName": "Func_battery_Letters_TR=2s_Standard_EPI",
    "RepetitionTime": 2,
    "TaskName": "Working Memory Variant",
    "dataset": "ds001344",
    "modality": "bold",
    "session_id": "scan2",
    "subject_id": "008",
    "task_id": "workingmemory"
  },
  "dummy_trs": 0,
  "dvars_nstd": 28.30140859441558,
  "dvars_std": 1.2159371000649353,
  "dvars_vstd": 0.9950715753246756,
  "efc": 0.5807884630260107,
  "fber": 1677.125,
  "fd_mean": 0.09770086624155806,
  "fd_num": 10,
  "fd_perc": 6.451612903225806,
  "fwhm_avg": 1.5920744444444443,
  "fwhm_x": 1.4941833333333332,
  "fwhm_y": 1.71976,
  "fwhm_z": 1.5622800000000001,
  "gcor": 0.0158595,
  "gsr_x": 0.014017781242728233,
  "gsr_y": 0.014795963652431965,
  "provenance": {
    "md5sum": "e84a4a84fb6289a6ce1e556297bb6fd8",
    "settings": {
      "fd_thres": 0.2,
      "testing": false
    },
    "software": "mriqc",
    "version": "22.0.1",
    "webapi_port": null,
    "webapi_url": "https://mriqc.nimh.nih.gov/api/v1"
  },
  "size_t": 155,
  "size_x": 64,
  "size_y": 64,
  "size_z": 36,
  "snr": 6.787294265920387,
  "spacing_tr": 2.0,
  "spacing_x": 3.0,
  "spacing_y": 3.0,
  "spacing_z": 3.0,
  "summary_bg_k": 14.72179349001814,
  "summary_bg_mad": 9.019960475289206,
  "summary_bg_mean": 32.71059799194336,
  "summary_bg_median": 13.45161247253418,
  "summary_bg_n": 78164.0,
  "summary_bg_p05": 5.799999713897705,
  "summary_bg_p95": 132.3409660339355,
  "summary_bg_stdv": 51.600337982177734,
  "summary_fg_k": 2.863661525529775,
  "summary_fg_mad": 75.674835117846,
  "summary_fg_mean": 574.7984619140625,
  "summary_fg_median": 567.667724609375,
  "summary_fg_n": 35232.0,
  "summary_fg_p05": 464.2693588256836,
  "summary_fg_p95": 712.2632049560547,
  "summary_fg_stdv": 83.63563537597656,
  "tsnr": 55.43177461833693
}